{
 "Manufacturer": "Siemens",
 "ManufacturersModelName": "TrioTim",
 "SoftwareVersions": "N4_VB17A_LATEST_20090307",
 "MagneticFieldStrength": 3,
 "ReceiveCoilName": "32Ch_Head",
 "ReceiveCoilActiveElements": "C:HEA;HEP",
 "MRAcquisitionType": "3D",
 "PulseSequenceType": "3Dgrase",
 "ScanningSequence": "RM",
 "SequenceVariant": "SK",
 "ScanOptions": "SAT1_FS",
 "SequenceName": "grs3d3d1_1152t0",
 "PulseSequenceDetails": "Bremen sequence: fme_ASL_Collection_002A",
 "PartialFourier": 1,
 "PhaseEncodingDirection": "j-",
 "EffectiveEchoSpacing": 0.00052,
 "TotalReadoutTime": 0.0104,
 "EchoTime": 0.01614,
 "DwellTime": 3.4e-06,
 "FlipAngle": 180,
 "RepetitionTimePreparation": 6,
 "IntendedFor": "bids::sub-Sub1/perf/sub-Sub1_asl.nii.gz",
 "AcquisitionVoxelsize": [
  2,
  2,
  5
 ]
}