{"Manufacturer":"Siemens",
"ManufacturersModelName":"TrioTim",
"SoftwareVersions":"syngo_MR_B17",
"MagneticFieldStrength":3,
"ReceiveCoilName":"32Ch_Head",
"ReceiveCoilActiveElements":"C:HEA;HEP",
"PulseSequenceType":"3D_GRASE",
"PulseSequenceDetails":"TrioTim-syngo_MR_B17",
"NumberShots":2,
"ScanningSequence":"RM",
"SequenceVariant":"SK",
"ScanOptions":"SAT1_FS",
"SequenceName":"grs3d3d1_512t0",
"PartialFourier":1,
"PhaseEncodingDirection":"j-",
"EffectiveEchoSpacing":0.0005,
"EchoTime":0.01192,
"DwellTime":3.4e-06,
"FlipAngle":180,
"RepetitionTime":3.5,
"LabelingType":"PASL",
"PostLabelingDelay":[0.3,0.3,0.6,0.6,0.9,0.9,1.2,1.2,1.5,1.5,1.8,1.8,2.1,2.1,2.4,2.4,2.7,2.7,3,3],
"BackgroundSuppression":true,
"M0":false,
"VascularCrushing":false,
"AcquisitionVoxelSize":[8,4,6],
"BackgroundSuppressionNumberPulses":2,
"BackgroundSuppressionPulseTime":[0.85,0.1],
"LabelingLocationDescription":"Random description",
"LabelingDistance":40,
"LabelingDuration":0,
"PASLType":"FAIR",
"LabelingSlabThickness":115.5,
"BolusCutOffFlag":true,
"BolusCutOffTimingSequence":1.700,
"BolusCutOffDelayTime":0,
"BolusCutOffTechnique":"Q2TIPS"}
