{"InstitutionName":"McConnell Brain Imaging Centre, McGill University","InstitutionAddress":"3801 University St., Montreal, QC, Canada","Manufacturer":"CTF","ManufacturersModelName":"CTF-275: OMEGA 2000","SoftwareVersions":"Acq 5.4.2-linux-20070507","TaskName":"rest","SamplingFrequency":2400,"PowerLineFrequency":60,"MEGChannelCount":270,"MEGREFChannelCount":26,"EEGChannelCount":0,"EOGChannelCount":2,"ECGChannelCount":1,"EMGChannelCount":0,"MiscChannelCount":0,"TriggerChannelCount":0,"DewarPosition":"Upright","SoftwareFilters":{"SpatialCompensation":{"GradientOrder":"3rd"}},"RecordingDuration":600,"RecordingType":"continuous","EpochLength":0,"ContinuousHeadLocalization":false,"DigitizedLandmarks":false,"DigitizedHeadPoints":true,"AssociatedEmptyRoom":"sub-emptyroom/ses-18901014/meg/sub-emptyroom_ses-18901014_task-noise_run-01_meg.ds"}