{
	"Modality": "MR",
	"MagneticFieldStrength": 3,
	"ImagingFrequency": 123.242,
	"Manufacturer": "Siemens",
	"ManufacturersModelName": "Biograph_mMR",
	"InstitutionName": "Rigshospitalet",
	"InstitutionalDepartmentName": "Department",
	"InstitutionAddress": "Blegdamsvej_9_Copenhagen_District_DK_2100",
	"DeviceSerialNumber": "51014",
	"StationName": "PET7",
	"PatientPosition": "HFS",
	"ProcedureStepDescription": "NP3:hjerne_PET_MR_AZ",
	"SoftwareVersions": "syngo_MR_B20P",
	"MRAcquisitionType": "3D",
	"SeriesDescription": "Head_t1_mprage_sag_p2_iso",
	"ProtocolName": "NP3-kontrol",
	"ScanningSequence": "GR_IR",
	"SequenceVariant": "SP_MP_OSP",
	"ScanOptions": "IR",
	"SequenceName": "_tfl3d1_ns",
	"ImageType": ["ORIGINAL", "PRIMARY", "M", "NORM", "DIS2D"],
	"SeriesNumber": 10,
	"NonLinearGradientCorrection": true,
	"AcquisitionTime": "14:42:47.415000",
	"AcquisitionNumber": 1,
	"SliceThickness": 1,
	"SAR": 0.0591274,
	"EchoTime": 0.00244,
	"RepetitionTime": 1.9,
	"InversionTime": 0.9,
	"FlipAngle": 9,
	"PartialFourier": 1,
	"Interpolation2D": 1,
	"BaseResolution": 256,
	"ShimSetting": [
		-4172,
		127,
		10017,
		-178,
		-424,
		195,
		-62,
		-149	],
	"TxRefAmp": 289.451,
	"PhaseResolution": 1,
	"PhaseOversampling": 0.15,
	"ReceiveCoilName": "HeadNeck_MRPET",
	"CoilString": "T:HEA;HEP;NEA;NEP",
	"PulseSequenceDetails": "%SiemensSeq%_tfl",
	"RefLinesPE": 24,
	"PercentPhaseFOV": 100,
	"PercentSampling": 100,
	"PhaseEncodingSteps": 294,
	"AcquisitionMatrixPE": 256,
	"ReconMatrixPE": 512,
	"ParallelReductionFactorInPlane": 2,
	"PixelBandwidth": 179,
	"DwellTime": 1.09e-05,
	"ImageOrientationPatientDICOM": [
		0,
		1,
		0,
		0,
		0,
		-1	],
	"InPlanePhaseEncodingDirectionDICOM": "ROW",
	"ConversionSoftware": "dcm2niix",
	"ConversionSoftwareVersion": "v1.0.20200707"
}
