{"Manufacturer":"GE",
"ManufacturersModelName":"DISCOVERY_MR750",
"SoftwareVersions":"24_LX_MR_Software_release:DV24.0_R02_1607.b",
"MagneticFieldStrength":3,
"ReceiveCoilName":"32Ch_Head",
"PulseSequenceType":"3D_spiral",
"PulseSequenceDetails":"DISCOVERY_MR750-24_LX_MR_Software_release:DV24.0_R02_1607.b",
"ScanningSequence":"RM",
"SequenceVariant":"NONE",
"ScanOptions":"EDR_GEMS_SPIRAL_GEMS",
"EchoTime":0.010528,
"FlipAngle":111,
"RepetitionTime":4.886,
"LabelingType":"PCASL",
"PostLabelingDelay":2.025,
"BackgroundSuppression":true,
"M0":true,
"VascularCrushing":false,
"AcquisitionVoxelSize":[4,4,8],
"BackgroundSuppressionNumberPulses":5,
"BackgroundSuppressionPulseTime":[3.476,1.51,0.875,0.375,0.095],
"LabelingLocationDescription":"~8 cm below the circle of Willis, through the proximal V3 segment of the vertebral arteries",
"LabelingDistance":40,
"LabelingDuration":1.450}
