{
  "TaskName": "noise",
  "SamplingFrequency": 2400,
  "Manufaturer": "CTF",
  "ManufacturerModelName": "CTF-275",
  "MEGChannelCount": 274,
  "MEGREFChannelCount": 0,
  "EEGChannelCount": 0,
  "EOGChannelCount": 0,
  "ECGChannelCount": 0,
  "EMGChannelCount": 0,
  "MiscChannelCount": 0,
  "TriggerChannelCount": 0,
  "PowerLineFrequency": 60,
  "MEGPosition": "upright",
  "DeviceSoftwareVersion": "Acq 5.4.2-linux-20070507",
  "TaskDescription": "Empty room noise recording."
}
