Brain Vision Data Exchange Header File Version 1.0
;Exported from MNE-Python using philistine 0.1a2+dev

[Common Infos]
Codepage=UTF-8
DataFile=sub-08_task-matchingpennies_eeg.eeg
MarkerFile=sub-08_task-matchingpennies_eeg.vmrk
DataFormat=BINARY
Data orientation: MULTIPLEXED=ch1,pt1, ch2,pt1 ...
DataOrientation=MULTIPLEXED
NumberOfChannels=10
; Sampling interval in microseconds
SamplingInterval=200

[Binary Infos]
BinaryFormat=IEEE_FLOAT_32

[Channel Infos]
; Each entry: Ch<Channel number>=<Name>,<Reference channel name>,
; <Resolution in microvolts>,<Future extensions..
; Fields are delimited by commas, some fields might be omitted (empty).
; Commas in channel names are coded as "\1".
Ch1=FC5,,0.1
Ch2=FC1,,0.1
Ch3=C3,,0.1
Ch4=CP5,,0.1
Ch5=CP1,,0.1
Ch6=FC2,,0.1
Ch7=FC6,,0.1
Ch8=C4,,0.1
Ch9=CP2,,0.1
Ch10=CP6,,0.1

[Comment]

