{"Manufacturer":"GE",
"ManufacturersModelName":"DISCOVERY_MR750",
"SoftwareVersions":"24_LX_MR_Software_release:DV24.0_R02_1607.b",
"MagneticFieldStrength":3,
"ReceiveCoilName":"32Ch_Head",
"ScanningSequence":"GR",
"SequenceVariant":"SS_SP_SK",
"ScanOptions":"FAST_GEMS_EDR_GEMS_FILTERED_GEMS_ACC_GEMS",
"EchoTime":0.003024,
"InversionTime":0.45,
"FlipAngle":9,
"RepetitionTime":0.007332}
