{
	"TaskName": "Rest",
	"Manufacturer": "Siemens",
	"ManufacturersModelName": "Skyra",
	"ImageType": ["ORIGINAL", "PRIMARY", "M", "MB", "ND", "MOSAI"],
	"AcquisitionTime": 192106.680000,
	"AcquisitionDate": 20180511,
	"MagneticFieldStrength": 3,
	"FlipAngle": 51,
	"EchoTime": 0.0424,
	"RepetitionTime": 7.35,
	"EffectiveEchoSpacing": 0.000639989,
	"SliceTiming": [
		0,
		0.09,
		0.18,
		0.2675,
		0.3575,
		0.4475,
		0.5375,
		0.625,
		0.715,
		0.805,
		0.895,
		0.9825,
		1.0725,
		1.1625,
		1.2525,
		1.34,
		1.43,
		1.52,
		1.61,
		1.6975,
		1.7875,
		1.8775,
		1.9675,
		2.055,
		2.145,
		2.235,
		2.325,
		2.4125,
		2.5025,
		2.5925,
		2.6825,
		2.77,
		2.86,
		2.95,
		3.04,
		3.1275,
		3.2175,
		3.3075,
		3.3975,
		3.485,
		3.575,
		3.665,
		3.755,
		3.8425,
		3.9325,
		4.0225,
		4.1125,
		4.2,
		4.29,
		4.38,
		4.47,
		4.5575,
		4.6475,
		4.7375,
		4.8275,
		4.915,
		5.005,
		5.095,
		5.185,
		5.2725,
		5.3625,
		5.4525,
		5.5425,
		5.63	],
	"PhaseEncodingDirection": "j-"
}
