{
  "InstitutionAddress": "Centre de Recherche Cerveau et Cognition, Place du Docteur Baylac, Pavillon Baudot, 31059 Toulouse, France",
  "InstitutionName": "Paul Sabatier University",
  "InstitutionalDepartmentName": "Centre de Recherche Cerveau et Cognition",
  "PowerLineFrequency": 50,
  "ManufacturersModelName": "ActiveTwo",
  "TaskName": "meditation",
  "SamplingFrequency": 256,
  "EEGChannelCount": 79,
  "EOGChannelCount": 0,
  "ECGChannelCount": 0,
  "EMGChannelCount": 0,
  "EEGReference": "CMS/DRL",
  "Manufacturer": "BIOSEMI",
  "RecordingType": "continuous",
  "RecordingDuration": 2754
}