Brain Vision Data Exchange Header File Version 1.0
;Exported from MNE-Python using philistine 0.1

[Common Infos]
Codepage=UTF-8
DataFile=sub-jh19_task-FilteredSpeech_ieeg.eeg
MarkerFile=sub-jh19_task-FilteredSpeech_ieeg.vmrk
DataFormat=BINARY
Data orientation: MULTIPLEXED=ch1,pt1, ch2,pt1 ...
DataOrientation=MULTIPLEXED
NumberOfChannels=40
; Sampling interval in microseconds
SamplingInterval=1000

[Binary Infos]
BinaryFormat=IEEE_FLOAT_32

[Channel Infos]
; Each entry: Ch<Channel number>=<Name>,<Reference channel name>,
; <Resolution in microvolts>,<Future extensions..
; Fields are delimited by commas, some fields might be omitted (empty).
; Commas in channel names are coded as "\1".
Ch1=TG03,,0.1
Ch2=TG05,,0.1
Ch3=TG06,,0.1
Ch4=TG07,,0.1
Ch5=TG08,,0.1
Ch6=TG09,,0.1
Ch7=TG10,,0.1
Ch8=TG11,,0.1
Ch9=TG12,,0.1
Ch10=TG13,,0.1
Ch11=TG14,,0.1
Ch12=TG15,,0.1
Ch13=TG19,,0.1
Ch14=TG20,,0.1
Ch15=TG21,,0.1
Ch16=TG22,,0.1
Ch17=TG23,,0.1
Ch18=TG24,,0.1
Ch19=TG25,,0.1
Ch20=TG26,,0.1
Ch21=TG27,,0.1
Ch22=TG28,,0.1
Ch23=TG29,,0.1
Ch24=TG30,,0.1
Ch25=TG31,,0.1
Ch26=TG32,,0.1
Ch27=TG35,,0.1
Ch28=TG36,,0.1
Ch29=TG37,,0.1
Ch30=TG38,,0.1
Ch31=TG39,,0.1
Ch32=TG40,,0.1
Ch33=TG41,,0.1
Ch34=TG42,,0.1
Ch35=TG43,,0.1
Ch36=TG44,,0.1
Ch37=TG45,,0.1
Ch38=TG46,,0.1
Ch39=TG47,,0.1
Ch40=TG48,,0.1

[Comment]

