{
	"DatasetDOI":"10.1038\/s41598-021-97749-8",
	"ECGChannelCount":0,
	"EEGChannelCount":160,
	"EEGReference":"REF",
	"EMGChannelCount":0,
	"EOGChannelCount":0,
	"Funding":[
		"Open Access funding enabled and organized by Projekt DEAL."
	],
	"InstitutionAddress":"Strasse des 17. Juni 135, 10623, Berlin, Germany",
	"InstitutionName":"Technische Universitaet zu Berlin",
	"InstitutionalDepartmentName":"Biological Psychology and Neuroergonomics",
	"MiscChannelCount":0,
	"PowerLineFrequency":"n\/a",
	"RecordingDuration":2849.79802,
	"SamplingFrequency":1000,
	"SoftwareFilters":"n\/a",
	"TaskDescription":"Participants equipped with VR HMD rotated either physically or using a joystick.",
	"TaskName":"Rotation",
	"TriggerChannelCount":0
}
