Brain Vision Data Exchange Header File Version 1.0
; Data created by FieldTrip

[Common Infos]
DataFile=sub-18_ses-joy_task-Rotation_eeg.eeg
MarkerFile=sub-18_ses-joy_task-Rotation_eeg.vmrk
DataFormat=BINARY
DataOrientation=MULTIPLEXED
NumberOfChannels=160
SamplingInterval=9.999985e+02

[Binary Infos]
BinaryFormat=IEEE_FLOAT_32

[Channel Infos]
Ch1=BrainVision RDA_G01,,1
Ch2=BrainVision RDA_G02,,1
Ch3=BrainVision RDA_G03,,1
Ch4=BrainVision RDA_G04,,1
Ch5=BrainVision RDA_G05,,1
Ch6=BrainVision RDA_G06,,1
Ch7=BrainVision RDA_G07,,1
Ch8=BrainVision RDA_G08,,1
Ch9=BrainVision RDA_G09,,1
Ch10=BrainVision RDA_G10,,1
Ch11=BrainVision RDA_G11,,1
Ch12=BrainVision RDA_G12,,1
Ch13=BrainVision RDA_G13,,1
Ch14=BrainVision RDA_G14,,1
Ch15=BrainVision RDA_G15,,1
Ch16=BrainVision RDA_G16,,1
Ch17=BrainVision RDA_G17,,1
Ch18=BrainVision RDA_G18,,1
Ch19=BrainVision RDA_G19,,1
Ch20=BrainVision RDA_G20,,1
Ch21=BrainVision RDA_G21,,1
Ch22=BrainVision RDA_G22,,1
Ch23=BrainVision RDA_G23,,1
Ch24=BrainVision RDA_G24,,1
Ch25=BrainVision RDA_G25,,1
Ch26=BrainVision RDA_G26,,1
Ch27=BrainVision RDA_G27,,1
Ch28=BrainVision RDA_G28,,1
Ch29=BrainVision RDA_G29,,1
Ch30=BrainVision RDA_G30,,1
Ch31=BrainVision RDA_G31,,1
Ch32=BrainVision RDA_G32,,1
Ch33=BrainVision RDA_Y01,,1
Ch34=BrainVision RDA_Y02,,1
Ch35=BrainVision RDA_Y03,,1
Ch36=BrainVision RDA_Y04,,1
Ch37=BrainVision RDA_Y05,,1
Ch38=BrainVision RDA_Y06,,1
Ch39=BrainVision RDA_Y07,,1
Ch40=BrainVision RDA_Y08,,1
Ch41=BrainVision RDA_Y09,,1
Ch42=BrainVision RDA_Y10,,1
Ch43=BrainVision RDA_Y11,,1
Ch44=BrainVision RDA_Y12,,1
Ch45=BrainVision RDA_Y13,,1
Ch46=BrainVision RDA_Y14,,1
Ch47=BrainVision RDA_Y15,,1
Ch48=BrainVision RDA_Y16,,1
Ch49=BrainVision RDA_Y17,,1
Ch50=BrainVision RDA_Y18,,1
Ch51=BrainVision RDA_Y19,,1
Ch52=BrainVision RDA_Y20,,1
Ch53=BrainVision RDA_Y21,,1
Ch54=BrainVision RDA_Y22,,1
Ch55=BrainVision RDA_Y23,,1
Ch56=BrainVision RDA_Y24,,1
Ch57=BrainVision RDA_Y25,,1
Ch58=BrainVision RDA_Y26,,1
Ch59=BrainVision RDA_Y27,,1
Ch60=BrainVision RDA_Y28,,1
Ch61=BrainVision RDA_Y29,,1
Ch62=BrainVision RDA_Y30,,1
Ch63=BrainVision RDA_Y31,,1
Ch64=BrainVision RDA_Y32,,1
Ch65=BrainVision RDA_R01,,1
Ch66=BrainVision RDA_R02,,1
Ch67=BrainVision RDA_R03,,1
Ch68=BrainVision RDA_R04,,1
Ch69=BrainVision RDA_R05,,1
Ch70=BrainVision RDA_R06,,1
Ch71=BrainVision RDA_R07,,1
Ch72=BrainVision RDA_R08,,1
Ch73=BrainVision RDA_R09,,1
Ch74=BrainVision RDA_R10,,1
Ch75=BrainVision RDA_R11,,1
Ch76=BrainVision RDA_R12,,1
Ch77=BrainVision RDA_R13,,1
Ch78=BrainVision RDA_R14,,1
Ch79=BrainVision RDA_R15,,1
Ch80=BrainVision RDA_R16,,1
Ch81=BrainVision RDA_R17,,1
Ch82=BrainVision RDA_R18,,1
Ch83=BrainVision RDA_R19,,1
Ch84=BrainVision RDA_R20,,1
Ch85=BrainVision RDA_R21,,1
Ch86=BrainVision RDA_R22,,1
Ch87=BrainVision RDA_R23,,1
Ch88=BrainVision RDA_R24,,1
Ch89=BrainVision RDA_R25,,1
Ch90=BrainVision RDA_R26,,1
Ch91=BrainVision RDA_R27,,1
Ch92=BrainVision RDA_R28,,1
Ch93=BrainVision RDA_R29,,1
Ch94=BrainVision RDA_R30,,1
Ch95=BrainVision RDA_R31,,1
Ch96=BrainVision RDA_R32,,1
Ch97=BrainVision RDA_W01,,1
Ch98=BrainVision RDA_W02,,1
Ch99=BrainVision RDA_W03,,1
Ch100=BrainVision RDA_W04,,1
Ch101=BrainVision RDA_W05,,1
Ch102=BrainVision RDA_W06,,1
Ch103=BrainVision RDA_W07,,1
Ch104=BrainVision RDA_W08,,1
Ch105=BrainVision RDA_W09,,1
Ch106=BrainVision RDA_W10,,1
Ch107=BrainVision RDA_W11,,1
Ch108=BrainVision RDA_W12,,1
Ch109=BrainVision RDA_W13,,1
Ch110=BrainVision RDA_W14,,1
Ch111=BrainVision RDA_W15,,1
Ch112=BrainVision RDA_W16,,1
Ch113=BrainVision RDA_W17,,1
Ch114=BrainVision RDA_W18,,1
Ch115=BrainVision RDA_W19,,1
Ch116=BrainVision RDA_W20,,1
Ch117=BrainVision RDA_W21,,1
Ch118=BrainVision RDA_W22,,1
Ch119=BrainVision RDA_W23,,1
Ch120=BrainVision RDA_W24,,1
Ch121=BrainVision RDA_W25,,1
Ch122=BrainVision RDA_W26,,1
Ch123=BrainVision RDA_W27,,1
Ch124=BrainVision RDA_W28,,1
Ch125=BrainVision RDA_W29,,1
Ch126=BrainVision RDA_W30,,1
Ch127=BrainVision RDA_W31,,1
Ch128=BrainVision RDA_W32,,1
Ch129=BrainVision RDA_N01,,1
Ch130=BrainVision RDA_N02,,1
Ch131=BrainVision RDA_N03,,1
Ch132=BrainVision RDA_N04,,1
Ch133=BrainVision RDA_N05,,1
Ch134=BrainVision RDA_N06,,1
Ch135=BrainVision RDA_N07,,1
Ch136=BrainVision RDA_N08,,1
Ch137=BrainVision RDA_N09,,1
Ch138=BrainVision RDA_N10,,1
Ch139=BrainVision RDA_N11,,1
Ch140=BrainVision RDA_N12,,1
Ch141=BrainVision RDA_N13,,1
Ch142=BrainVision RDA_N14,,1
Ch143=BrainVision RDA_N15,,1
Ch144=BrainVision RDA_N16,,1
Ch145=BrainVision RDA_N17,,1
Ch146=BrainVision RDA_N18,,1
Ch147=BrainVision RDA_N19,,1
Ch148=BrainVision RDA_N20,,1
Ch149=BrainVision RDA_N21,,1
Ch150=BrainVision RDA_N22,,1
Ch151=BrainVision RDA_N23,,1
Ch152=BrainVision RDA_N24,,1
Ch153=BrainVision RDA_N25,,1
Ch154=BrainVision RDA_N26,,1
Ch155=BrainVision RDA_N27,,1
Ch156=BrainVision RDA_N28,,1
Ch157=BrainVision RDA_N29,,1
Ch158=BrainVision RDA_N30,,1
Ch159=BrainVision RDA_N31,,1
Ch160=BrainVision RDA_N32,,1
