{
    "TaskName": "faceFO",
    "Manufacturer": "BioSemi",
    "PowerLineFrequency": 60,
    "SamplingFrequency": 512,
    "SoftwareFilters": "n/a",
    "RecordingDuration": 2201,
    "RecordingType": "continuous",
    "EEGReference": "common",
    "EEGGround": "n/a",
    "EEGPlacementScheme": "Custom equidistant 128 channel BioSemi montage established in coordination with Judith Schedden McMaster Univertisy",
    "EEGChannelCount": 128,
    "EOGChannelCount": 7,
    "ECGChannelCount": 0,
    "EMGChannelCount": 0,
    "MiscChannelCount": 0,
    "TriggerChannelCount": 0,
    "TaskDescription": "Visual presentation of oval cropped face and house images both upright and inverted. Rare left or right half oval checkerboards were presetned as targets for keypress response.",
    "InstitutionName": "Brock University",
    "InstitutionAddress": "500 Glenridge Ave, St.Catharines, Ontario",
    "ManufacturersModelName": "ActiveTwo",
    "HardwareFilters": "n/a",
    "SoftwareVersions": "NI ActiView 532-Lores",
    "CapManufacturer": "ElectroCap International",
    "CapManufacturersModelName": "10032"
}