{
  "AcquisitionMatrixPE": 320,
  "AcquisitionNumber": 1,
  "AcquisitionTime": "16:04:24.155000",
  "BaseResolution": 320,
  "CoilString": "C:E1_2",
  "ConversionSoftware": "dcm2niix",
  "ConversionSoftwareVersion": "v1.0.20191031",
  "DeviceSerialNumber": "18932",
  "DwellTime": 1.12e-05,
  "EchoTime": 0.00283,
  "FlipAngle": 4,
  "ImageOrientationPatientDICOM": [
    0,
    1,
    0,
    0,
    0,
    -1
  ],
  "ImageType": [
    "ORIGINAL",
    "PRIMARY",
    "M",
    "ND"
  ],
  "ImagingFrequency": 297.231,
  "InPlanePhaseEncodingDirectionDICOM": "ROW",
  "InstitutionAddress": "Richmond_Street_North_1151_London_C1D7F1_Ontario_CA_N6A_5B7",
  "InstitutionName": "Robarts_Reserch_Institute",
  "InstitutionalDepartmentName": "Department",
  "InversionTime": 0.8,
  "MRAcquisitionType": "3D",
  "MagneticFieldStrength": 6.98,
  "Manufacturer": "Siemens",
  "ManufacturersModelName": "Investigational_Device_7T",
  "Modality": "MR",
  "ParallelReductionFactorInPlane": 3,
  "PartialFourier": 0.75,
  "PatientPosition": "HFS",
  "PercentPhaseFOV": 100,
  "PhaseEncodingSteps": 240,
  "PhaseResolution": 1,
  "PixelBandwidth": 140,
  "ProtocolName": "mp2rage_sag_750iso_p3_944",
  "PulseSequenceDetails": "%CustomerSeq%_tfl_wip944_b17uhf",
  "ReceiveCoilName": "CFMM_8Tx32Rx",
  "ReconMatrixPE": 320,
  "RefLinesPE": 24,
  "RepetitionTime": 6,
  "ScanOptions": "IR_PFP",
  "ScanningSequence": "GR_IR",
  "SequenceName": "tfl3d1_ns",
  "SequenceVariant": "SP_MP",
  "SeriesDescription": "mp2rage_sag_750iso_p3_944_INV1",
  "SeriesNumber": 19,
  "ShimSetting": [
    -131,
    1782,
    474,
    117,
    260,
    -192,
    -235,
    0
  ],
  "SliceThickness": 0.75,
  "SoftwareVersions": "syngo_MR_B17",
  "StationName": "MASTER",
  "TxRefAmp": 110.641,
  "dcmmeta_affine": [
    [
      0.75,
      0,
      0,
      -77.625
    ],
    [
      0,
      0.75,
      0,
      -111.25968170166016
    ],
    [
      0,
      0,
      0.75,
      -138.8625946044922
    ],
    [
      0,
      0,
      0,
      1
    ]
  ],
  "dcmmeta_reorient_transform": [
    [
      0,
      0,
      -1,
      319
    ],
    [
      0,
      -1,
      0,
      319
    ],
    [
      -1,
      0,
      0,
      207
    ],
    [
      0,
      0,
      0,
      1
    ]
  ],
  "dcmmeta_shape": [
    208,
    320,
    320
  ],
  "dcmmeta_slice_dim": 0,
  "dcmmeta_version": 0.6,
  "global": {
    "const": {
      "AcquisitionMatrix": [
        0,
        320,
        320,
        0
      ],
      "AcquisitionNumber": 1,
      "AcquisitionTime": "160424.155000",
      "AngioFlag": "N",
      "BitsAllocated": 16,
      "BitsStored": 12,
      "Columns": 320,
      "EchoNumbers": 1,
      "EchoTime": 2.83,
      "EchoTrainLength": 1,
      "FlipAngle": 4,
      "HighBit": 11,
      "ImageOrientationPatient": [
        0,
        1,
        0,
        0,
        0,
        -1
      ],
      "ImageType": [
        "ORIGINAL",
        "PRIMARY",
        "M",
        "ND"
      ],
      "ImagedNucleus": "1H",
      "ImagingFrequency": 297.230964,
      "InPlanePhaseEncodingDirection": "ROW",
      "InversionTime": 800,
      "MRAcquisitionType": "3D",
      "MagneticFieldStrength": 6.98,
      "Manufacturer": "SIEMENS",
      "ManufacturerModelName": "Investigational_Device_7T",
      "Modality": "MR",
      "NumberOfAverages": 1,
      "NumberOfPhaseEncodingSteps": 240,
      "PercentPhaseFieldOfView": 100,
      "PercentSampling": 100,
      "PerformedProcedureStepStartTime": "152108.890000",
      "PhotometricInterpretation": "MONOCHROME2",
      "PixelBandwidth": 140,
      "PixelRepresentation": 0,
      "PixelSpacing": [
        0.75,
        0.75
      ],
      "ProtocolName": "mp2rage_sag_750iso_p3_944",
      "RepetitionTime": 6000,
      "Rows": 320,
      "SAR": 0,
      "SamplesPerPixel": 1,
      "ScanOptions": [
        "IR",
        "PFP"
      ],
      "ScanningSequence": [
        "GR",
        "IR"
      ],
      "SequenceName": "tfl3d1_ns",
      "SequenceVariant": [
        "SP",
        "MP"
      ],
      "SeriesDescription": "mp2rage_sag_750iso_p3_944_INV1",
      "SeriesNumber": 19,
      "SeriesTime": "161401.656000",
      "SliceThickness": 0.75,
      "SmallestImagePixelValue": 0,
      "SoftwareVersions": "syngo MR B17",
      "SpecificCharacterSet": "ISO_IR 100",
      "StudyID": "1",
      "StudyTime": "152108.843000",
      "TransmitCoilName": "CFMM_8Tx32Rx",
      "VariableFlipAngleFlag": "N",
      "WindowCenterWidthExplanation": "Algo1",
      "dBdt": 0
    },
