{"Manufacturer":"Siemens",
"ManufacturersModelName":"TrioTim",
"SoftwareVersions":"syngo_MR_B17",
"MagneticFieldStrength":3,
"ReceiveCoilName":"32Ch_Head",
"ReceiveCoilActiveElements":"C:HEA;HEP",
"ScanningSequence":"GR_IR",
"SequenceVariant":"SP_MP",
"ScanOptions":"IR",
"SequenceName":"_tfl3d1_ns",
"PulseSequenceDetails":"%SiemensSeq%_tfl",
"ParallelReductionFactorInPlane":2,
"PartialFourier":1,
"EchoTime":0.00418,
"InversionTime":0.9,
"DwellTime":1.3e-05,
"FlipAngle":9,
"RepetitionTime":2.25
}