{
  "AcquisitionMatrixPE": 128,
  "AcquisitionNumber": 1,
  "AcquisitionTime": "16:14:17.007500",
  "BaseResolution": 128,
  "CoilString": "C:E1_2",
  "ConversionSoftware": "dcm2niix",
  "ConversionSoftwareVersion": "v1.0.20191031",
  "DeviceSerialNumber": "18932",
  "DwellTime": 2.5e-06,
  "EchoTime": 0.00081,
  "ImageComments": "sa2rage_B1_div_image",
  "ImageOrientationPatientDICOM": [
    0,
    1,
    0,
    0,
    0,
    -1
  ],
  "ImageType": [
    "ORIGINAL",
    "PRIMARY",
    "M",
    "ND"
  ],
  "ImagingFrequency": 297.231,
  "InPlanePhaseEncodingDirectionDICOM": "ROW",
  "InstitutionAddress": "Richmond_Street_North_1151_London_C1D7F1_Ontario_CA_N6A_5B7",
  "InstitutionName": "Robarts_Reserch_Institute",
  "InstitutionalDepartmentName": "Department",
  "MRAcquisitionType": "3D",
  "MagneticFieldStrength": 6.98,
  "Manufacturer": "Siemens",
  "ManufacturersModelName": "Investigational_Device_7T",
  "Modality": "MR",
  "ParallelReductionFactorInPlane": 2,
  "PartialFourier": 0.75,
  "PatientPosition": "HFS",
  "PercentPhaseFOV": 100,
  "PhaseEncodingSteps": 95,
  "PhaseResolution": 1,
  "PixelBandwidth": 1563,
  "ProtocolName": "sa2rage_B1map_654A",
  "PulseSequenceDetails": "%CustomerSeq%_sa2rage_wip654",
  "ReceiveCoilName": "CFMM_8Tx32Rx",
  "ReconMatrixPE": 128,
  "RefLinesPE": 30,
  "RepetitionTime": 2.4,
  "ScanOptions": "SR_PFP",
  "ScanningSequence": "GR",
  "SequenceName": "sa2rage3d1_ns",
  "SequenceVariant": "SP_MP",
  "SeriesDescription": "sa2rage_B1map_654A_b1DivImg",
  "SeriesNumber": 27,
  "ShimSetting": [
    -131,
    1782,
    474,
    117,
    260,
    -192,
    -235,
    0
  ],
  "SliceThickness": 2.8,
  "SoftwareVersions": "syngo_MR_B17",
  "StationName": "MASTER",
  "TxRefAmp": 110.641,
  "dcmmeta_affine": [
    [
      2.799999952316284,
      0,
      0,
      -88.19999694824219
    ],
    [
      0,
      1.875,
      0,
      -110.13468170166016
    ],
    [
      0,
      0,
      1.875,
      -137.7375946044922
    ],
    [
      0,
      0,
      0,
      1
    ]
  ],
  "dcmmeta_reorient_transform": [
    [
      0,
      0,
      -1,
      127
    ],
    [
      0,
      -1,
      0,
      127
    ],
    [
      -1,
      0,
      0,
      63
    ],
    [
      0,
      0,
      0,
      1
    ]
  ],
  "dcmmeta_shape": [
    64,
    128,
    128
  ],
  "dcmmeta_slice_dim": 0,
  "dcmmeta_version": 0.6,
  "global": {
    "const": {
      "AcquisitionMatrix": [
        0,
        128,
        128,
        0
      ],
      "AcquisitionNumber": 1,
      "AngioFlag": "N",
      "BitsAllocated": 16,
      "BitsStored": 12,
      "Columns": 128,
      "EchoNumbers": 1,
      "EchoTime": 0.81,
      "EchoTrainLength": 1,
      "FlipAngle": 0,
      "HighBit": 11,
      "ImageOrientationPatient": [
        0,
        1,
        0,
        0,
        0,
        -1
      ],
      "ImageType": [
        "ORIGINAL",
        "PRIMARY",
        "M",
        "ND"
      ],
      "ImagedNucleus": "1H",
      "ImagingFrequency": 297.230964,
      "InPlanePhaseEncodingDirection": "ROW",
      "InversionTime": 0,
      "MRAcquisitionType": "3D",
      "MagneticFieldStrength": 6.98,
      "Manufacturer": "SIEMENS",
      "ManufacturerModelName": "Investigational_Device_7T",
      "Modality": "MR",
      "NumberOfAverages": 1,
      "NumberOfPhaseEncodingSteps": 95,
      "PercentPhaseFieldOfView": 100,
      "PercentSampling": 100,
      "PerformedProcedureStepStartTime": "152108.890000",
      "PhotometricInterpretation": "MONOCHROME2",
      "PixelBandwidth": 1563,
      "PixelRepresentation": 0,
      "PixelSpacing": [
        1.875,
        1.875
      ],
      "ProtocolName": "sa2rage_B1map 654A",
      "RepetitionTime": 2400,
      "Rows": 128,
      "SAR": 0,
      "SamplesPerPixel": 1,
      "ScanOptions": [
        "SR",
        "PFP"
      ],
      "ScanningSequence": "GR",
      "SequenceName": "sa2rage3d1_ns",
      "SequenceVariant": [
        "SP",
        "MP"
      ],
      "SeriesDescription": "sa2rage_B1map 654A_b1DivImg",
      "SeriesNumber": 27,
      "SeriesTime": "161650.843000",
      "SliceThickness": 2.7999999523163,
      "SoftwareVersions": "syngo MR B17",
      "SpecificCharacterSet": "ISO_IR 100",
      "StudyID": "1",
      "StudyTime": "152108.843000",
      "TransmitCoilName": "CFMM_8Tx32Rx",
      "VariableFlipAngleFlag": "N",
      "WindowCenterWidthExplanation": "Algo1",
      "dBdt": 0
    },
