{
	"TaskName": "FaceFO",
	"TaskDescription": "Visual presentation of oval cropped face and house images both upright and inverted. rare left and right half oval checkerboards were presetned as targets.",
	"InstitutionName": "Brock University",
	"InstitutionAddress": "500 Glenrifge Ave, St.Catharines, Ontario",
	"SamplingFrequency": 512,
	"EEGChannelCount": 128,
	"EOGChannelCount": "",
	"EMGChannelCount": "",
	"EEGReference": "common",
	"MiscChannelCount": "",
	"TriggerChannelCount": "",
	"PowerLineFrequency": "",
	"EEGPlacementScheme": "",
	"Manufacturer": "",
	"ManufacturerModelName": "",
	"HardwareFilters": "",
	"SoftwareFilters": "",
	"RecordingType": "continuous",
	"EpochLength": "Inf",
	"RecordingDuration": 2198,
	"DeviceSoftwareVersion": ""
}
