{"InstitutionName":"McConnell Brain Imaging Centre, McGill University","InstitutionAddress":"3801 University St., Montreal, QC, Canada","Manufacturer":"CTF","ManufacturersModelName":"CTF-275: OMEGA 2000","SoftwareVersions":"Acq 5.4.2-linux-20070507","TaskName":"noise","SamplingFrequency":2400,"PowerLineFrequency":60,"MEGChannelCount":274,"MEGREFChannelCount":26,"EEGChannelCount":0,"EOGChannelCount":0,"ECGChannelCount":0,"EMGChannelCount":0,"MiscChannelCount":0,"TriggerChannelCount":0,"DewarPosition":"Upright","SoftwareFilters":{"SpatialCompensation":{"GradientOrder":"3rd"}},"RecordingDuration":30,"RecordingType":"continuous","EpochLength":0,"ContinuousHeadLocalization":false,"DigitizedLandmarks":false,"DigitizedHeadPoints":false,"AssociatedEmptyRoom":"/export02/ebock/raw/OMEGA_SCANS_TODO/ds000246_R1.0.0/sub-emptyroom/meg/sub-emptyroom_task-noise_run-01_meg.ds"}