{"Manufacturer":"Siemens",
"ManufacturersModelName":"Prisma_fit",
"SoftwareVersions":"syngo_MR_E11",
"MagneticFieldStrength":3,
"ReceiveCoilName":"HeadNeck_64",
"ReceiveCoilActiveElements":"HC1-6",
"PulseSequenceType":"3D_GRASE",
"ScanningSequence":"EP",
"SequenceVariant":"SK",
"ScanOptions":"SAT1_FS",
"SequenceName":"tg818I3d1_6720",
"PulseSequenceDetails":"Prisma_fit-syngo_MR_E11",
"NumberShots":4,
"PartialFourier":1,
"EchoTime":0.01328,
"DwellTime":3.20E-06,
"FlipAngle":130,
"RepetitionTime":4.95,
"LabelingType":"PCASL",
"PostLabelingDelay":2.000,
"BackgroundSuppression":true,
"M0":"perf/sub-Sub103_m0scan.nii.gz",
"VascularCrushing":false,
"AcquisitionVoxelSize":[3.4,3.4,4],
"BackgroundSuppressionNumberPulses":5,
"BackgroundSuppressionPulseTime":[3.801,1.51,0.875,0.375,0.095],
"LabelingLocationDescription":"Random description",
"LabelingDistance":40,
"LookLocker":false,
"LabelingDuration":1.800
}
