{
	"Modality": "MR",
	"MagneticFieldStrength": 3,
	"ImagingFrequency": 127.697,
	"Manufacturer": "GE",
	"ManufacturersModelName": "DISCOVERY MR750",
	"InstitutionName": "NIH FMRIF",
	"DeviceSerialNumber": "000301496MR3T6MR",
	"StationName": "fmrif3tb",
	"BodyPartExamined": "BRAIN",
	"PatientPosition": "HFS",
	"ProcedureStepDescription": "MRI Brain",
	"SoftwareVersions": "27\\LX\\MR Software release:DV26.0_R01_1725.a",
	"MRAcquisitionType": "3D",
	"SeriesDescription": "Accelerated Sagittal IR-FSPGR",
	"ProtocolName": "ADNI3 FMRIF Enhanced Pro",
	"ScanningSequence": "GR",
	"SequenceVariant": "SS\\SP\\SK",
	"ScanOptions": "FAST_GEMS\\EDR_GEMS\\FILTERED_GEMS\\ACC_GEMS\\IR_GEMS",
	"ImageType": [
		"ORIGINAL",
		"PRIMARY",
		"OTHER"
	],
	"SeriesNumber": 3,
	"AcquisitionTime": "14:20:39.000000",
	"AcquisitionNumber": 1,
	"SliceThickness": 1.2,
	"SpacingBetweenSlices": 1.2,
	"SAR": 0.159922,
	"EchoTime": 0.003036,
	"RepetitionTime": 0.007348,
	"SpoilingState": true,
	"InversionTime": 0.4,
	"FlipAngle": 11,
	"CoilString": "32Ch Head",
	"PercentPhaseFOV": 100,
	"PercentSampling": 100,
	"AcquisitionMatrixPE": 256,
	"ReconMatrixPE": 256,
	"ParallelReductionFactorInPlane": 1.72974,
	"PixelBandwidth": 244.141,
	"ImageOrientationPatientDICOM": [
		0,
		1,
		0,
		0,
		0,
		-1
	],
	"InPlanePhaseEncodingDirectionDICOM": "ROW",
	"ConversionSoftware": "dcm2niix",
	"ConversionSoftwareVersion": "v1.0.20211006",
	"Dcm2bidsVersion": "2.1.6",
	"AnatomicalLandmarkCoordinates": {
		"NAS": [
			96.99963391304016,
			217.00000713174342,
			132.00000993690617
		],
		"LPA": [
			38.99985516548157,
			134.00001106030345,
			109.00000818113267
		],
		"RPA": [
			151.99943243799208,
			132.00001115496755,
			109.00000818113267
		]
	}
}