{
    "TaskName": "artifact",
    "Manufacturer": "CTF",
    "PowerLineFrequency": 60,
    "SamplingFrequency": 1200.0,
    "SoftwareFilters": "n/a",
    "RecordingDuration": 25.999166666666667,
    "RecordingType": "continuous",
    "DewarPosition": "upright",
    "DigitizedLandmarks": true,
    "DigitizedHeadPoints": false,
    "MEGChannelCount": 272,
    "MEGREFChannelCount": 272,
    "EEGChannelCount": 0,
    "EOGChannelCount": 0,
    "ECGChannelCount": 0,
    "EMGChannelCount": 0,
    "MiscChannelCount": 3,
    "TriggerChannelCount": 1,
    "InstitutionName": "National Institute of Mental Health",
    "InstitutionAddress": "9000 Rockville Pike, Bethesda, MD 20892",
    "ManufacturersModelName": "CTF-275",
    "SoftwareVersions": "Acq 6.1.14-beta-el6_8.x86_64-20180116-3847",
    "TaskDescription": "Participants make common movements, such as blinking and swallowing, as instructed on the screen.",
    "Instructions": "'The first scan will ask you to make some movements such as blinking your eyes. Please follow the directions on the screen. The scan is about 30 seconds long. [Scan instructions: 1. Blink, Please move your eyese left and right, Please move your eyes up and down, Please clench your jaw, Please swallow, Please take a deep breath.]",
    "DeviceSerialNumber": "M015_1609",
    "HeadCoilFrequency": [
        435.0,
        465.0,
        52.0
    ],
    "ECOGChannelCount": 0,
    "SEEGChannelCount": 0,
    "ContinuousHeadLocalization": false,
    "SubjectArtefactDescription": "n/a",
    "EEGPlacementScheme": "n/a",
    "CapManufacturer": "n/a",
    "CapManufacturersModelName": "n/a",
    "EEGReference": "n/a"
}