{
  "Modality": "MR",
  "MagneticFieldStrength": 3,
  "ImagingFrequency": 123.249,
  "Manufacturer": "Siemens",
  "ManufacturersModelName": "Prisma_fit",
  "BodyPartExamined": "BRAIN",
  "PatientPosition": "HFS",
  "SoftwareVersions": "syngo MR E11",
  "MRAcquisitionType": "2D",
  "SeriesDescription": "PCASLhr_SpinEchoFieldMap_PA",
  "ProtocolName": "PCASLhr_SpinEchoFieldMap_PA",
  "ScanningSequence": "EP",
  "SequenceVariant": "SK",
  "ScanOptions": "PFP\\FS",
  "SequenceName": "epse2d1_86",
  "ImageType": [
    "ORIGINAL",
    "PRIMARY",
    "M",
    "ND",
    "MOSAIC"
  ],
  "SeriesNumber": 42,
  "AcquisitionNumber": 1,
  "SliceThickness": 2.27,
  "SpacingBetweenSlices": 2.497,
  "SAR": 0.135571,
  "EchoTime": 0.04,
  "RepetitionTime": 8,
  "FlipAngle": 90,
  "PartialFourier": 0.75,
  "BaseResolution": 86,
  "ShimSetting": [
    4723,
    5691,
    765,
    492,
    87,
    207,
    -41,
    -18
  ],
  "TxRefAmp": 252.904,
  "PhaseResolution": 1,
  "VendorReportedEchoSpacing": 0.00057,
  "ReceiveCoilName": "Head_32",
  "ReceiveCoilActiveElements": "HEA;HEP",
  "PulseSequenceDetails": "%CustomerSeq%\\cmrr_mbep2d_se",
  "CoilCombinationMethod": "Sum of Squares",
  "ConsistencyInfo": "N4_VE11E_LATEST_20181129",
  "MatrixCoilMode": "SENSE",
  "PercentPhaseFOV": 100,
  "PercentSampling": 100,
  "EchoTrainLength": 65,
  "PhaseEncodingSteps": 65,
  "AcquisitionMatrixPE": 86,
  "ReconMatrixPE": 86,
  "BandwidthPerPixelPhaseEncode": 20.4,
  "EffectiveEchoSpacing": 0.000569995,
  "DerivedVendorReportedEchoSpacing": 0.000569995,
  "TotalReadoutTime": 0.0484496,
  "PixelBandwidth": 2325,
  "DwellTime": 2.5e-06,
  "PhaseEncodingDirection": "j",
  "SliceTiming": [
    3.99,
    0,
    4.1225,
    0.1325,
    4.255,
    0.265,
    4.3875,
    0.3975,
    4.52,
    0.5325,
    4.655,
    0.665,
    4.7875,
    0.7975,
    4.92,
    0.93,
    5.0525,
    1.0625,
    5.185,
    1.1975,
    5.32,
    1.33,
    5.4525,
    1.4625,
    5.585,
    1.595,
    5.7175,
    1.7275,
    5.85,
    1.8625,
    5.985,
    1.995,
    6.1175,
    2.1275,
    6.25,
    2.26,
    6.3825,
    2.3925,
    6.515,
    2.525,
    6.65,
    2.66,
    6.7825,
    2.7925,
    6.915,
    2.925,
    7.0475,
    3.0575,
    7.18,
    3.19,
    7.315,
    3.325,
    7.4475,
    3.4575,
    7.58,
    3.59,
    7.7125,
    3.7225,
    7.845,
    3.855
  ],
  "ImageOrientationPatientDICOM": [
    0.998104,
    0.0407458,
    0.0461261,
    -0.0250904,
    0.953743,
    -0.299574
  ],
  "ImageOrientationText": "Tra>Cor(-17.4)>Sag(3.2)",
  "InPlanePhaseEncodingDirectionDICOM": "COL",
  "ConversionSoftware": "dcm2niix",
  "ConversionSoftwareVersion": "v1.0.20211006",
  "B0FieldIdentifier": "pepolar_b0s",
  "IntendedFor": [
    "perf/sub-1_asl.nii.gz"
  ]
}