{
  "Modality": "MR",
  "MagneticFieldStrength": 3,
  "ImagingFrequency": 123.249,
  "Manufacturer": "Siemens",
  "ManufacturersModelName": "Prisma_fit",
  "BodyPartExamined": "BRAIN",
  "PatientPosition": "HFS",
  "SoftwareVersions": "syngo MR E11",
  "MRAcquisitionType": "2D",
  "SeriesDescription": "PCASLhr_SpinEchoFieldMap_AP",
  "ProtocolName": "PCASLhr_SpinEchoFieldMap_AP",
  "ScanningSequence": "EP",
  "SequenceVariant": "SK",
  "ScanOptions": "PFP\\FS",
  "SequenceName": "epse2d1_86",
  "ImageType": [
    "ORIGINAL",
    "PRIMARY",
    "M",
    "ND",
    "MOSAIC"
  ],
  "SeriesNumber": 41,
  "AcquisitionNumber": 1,
  "SliceThickness": 2.27,
  "SpacingBetweenSlices": 2.497,
  "SAR": 0.135571,
  "EchoTime": 0.04,
  "RepetitionTime": 8,
  "FlipAngle": 90,
  "PartialFourier": 0.75,
  "BaseResolution": 86,
  "ShimSetting": [
    4723,
    5691,
    765,
    492,
    87,
    207,
    -41,
    -18
  ],
  "TxRefAmp": 252.904,
  "PhaseResolution": 1,
  "VendorReportedEchoSpacing": 0.00057,
  "ReceiveCoilName": "Head_32",
  "ReceiveCoilActiveElements": "HEA;HEP",
  "PulseSequenceDetails": "%CustomerSeq%\\cmrr_mbep2d_se",
  "CoilCombinationMethod": "Sum of Squares",
  "ConsistencyInfo": "N4_VE11E_LATEST_20181129",
  "MatrixCoilMode": "SENSE",
  "PercentPhaseFOV": 100,
  "PercentSampling": 100,
  "EchoTrainLength": 65,
  "PhaseEncodingSteps": 65,
  "AcquisitionMatrixPE": 86,
  "ReconMatrixPE": 86,
  "BandwidthPerPixelPhaseEncode": 20.4,
  "EffectiveEchoSpacing": 0.000569995,
  "DerivedVendorReportedEchoSpacing": 0.000569995,
  "TotalReadoutTime": 0.0484496,
  "PixelBandwidth": 2325,
  "DwellTime": 2.5e-06,
  "PhaseEncodingDirection": "j-",
  "SliceTiming": [
    3.99,
    0,
    4.1225,
    0.1325,
    4.255,
    0.2675,
    4.39,
    0.4,
    4.5225,
    0.5325,
    4.655,
    0.665,
    4.7875,
    0.7975,
    4.92,
    0.9325,
    5.055,
    1.065,
    5.1875,
    1.1975,
    5.32,
    1.33,
    5.4525,
    1.4625,
    5.585,
    1.5975,
    5.72,
    1.73,
    5.8525,
    1.8625,
    5.985,
    1.995,
    6.1175,
    2.1275,
    6.25,
    2.2625,
    6.385,
    2.395,
    6.5175,
    2.5275,
    6.65,
    2.66,
    6.7825,
    2.7925,
    6.915,
    2.925,
    7.05,
    3.06,
    7.1825,
    3.1925,
    7.315,
    3.325,
    7.4475,
    3.4575,
    7.58,
    3.59,
    7.715,
    3.725,
    7.8475,
    3.8575
  ],
  "ImageOrientationPatientDICOM": [
    0.998104,
    0.0407458,
    0.0461261,
    -0.0250904,
    0.953743,
    -0.299574
  ],
  "ImageOrientationText": "Tra>Cor(-17.4)>Sag(3.2)",
  "InPlanePhaseEncodingDirectionDICOM": "COL",
  "ConversionSoftware": "dcm2niix",
  "ConversionSoftwareVersion": "v1.0.20211006",
  "B0FieldIdentifier": "pepolar_b0s",
  "IntendedFor": [
    "perf/sub-1_asl.nii.gz"
  ]
}