{
  "TaskName": "sleep",
  "SamplingFrequency": 250,
  "PowerLineFrequency": 50,
  "EEGChannelCount": 16,
  "EOGChannelCount": 0,
  "EMGChannelCount": 1,
  "ECGChannelCount": 1,
  "MiscChannelCount": 3,
  "Manufacturer": "Natus",
  "ManufacturersModelName": "S4500 PSG Amplifier",
  "EEGReference": "unipolar using electrode 'REF', placement unknown"
}
