{
    "TaskName": "Mind wandering",
    "TaskDescription": "Meditate and report at regular intervals (see README.txt for details)",
    "InstitutionName": "Meditation Research Institute, Rishikesh, India",
    "SamplingFrequency": 2048,
    "EEGChannelCount": 64,
    "EOGChannelCount": 0,
    "ECGChannelCount": 0,
    "EMGChannelCount": 0,
    "EEGReference": "CMS/DRL",
    "TriggerChannelCount": 1,
    "PowerLineFrequency": 50,
    "EEGPlacementScheme": "10-20",
    "Manufacturer": "Biosemi",
    "ManufacturersModelName": "ActiveTwo",
    "CapManufacturer": "Biosemi",
    "HardwareFilters": {
        "Lowpass Butterworth filter": {
            "Cutoff (Hz)": 350
        }
    },
    "RecordingType": "continuous"
}
