{
	"CapManufacturer": "Artinis Medical Systems",
	"CapManufacturersModelName": "headcap with print, customized (M)",
	"DeviceSerialNumber": "24065 + 24068",
	"HardwareFilters": "n/a",
	"HeadCircumference": 57,
	"InstitutionAddress": "Heyendaalseweg 135, 6525 AJ, Nijmegen, The Netherlands",
	"InstitutionName": "Donders Institute for Brain, Cognition, and Behaviour; Radboud University",
	"InstitutionalDepartmentName": "Donders Center for Neuroscience",
	"Instructions": "You will now perform the pre-learned sequence for the FINGER tapping task: 434141243212. While you perform the task, letters will be shown on the screen (C, G, Q or O). In between each letter a red fixation cross will appear shortly. The goal is to perform the sequence tapping while counting how many times G is presented. After each time you tapped the full sequence, you should tell us how many times G was presented. For answering this question, keep in mind that you press the right key on your keyboard according to your answer (not the number of the sequence!). We will perform 11 trails. For each trial you perform the sequence once. Note that during the tapping task you cannot talk. Try to keep your body movements as still as possible exept for the right hand. Keep your eyes open (also during the rest periods). In between the trials you will see a white fixation cross for 20 seconds. During the first few seconds you will hear a metronome sound. Tap the sequence on this rhythm, which is the same as you studied at home. We will start with a white fixation cross on the screen for 20 seconds. After that the first trial will start automatically. So start tapping the sequence as soon as a RED fixation cross appears on the screen. When ready: press any key to continue and start the test.",
	"Manufacturer": "Artinis Medical Systems",
	"ManufacturersModelName": "Brite24",
	"NIRSChannelCount": 72,
	"NIRSDetectorOptodeCount": 12,
	"NIRSPlacementScheme": "see optode_layout.pdf: 2 groups over the left and right dlPFC, 2 groups over the left and right PPC, 1 group over the left M1 and PMC",
	"NIRSSourceOptodeCount": 24,
	"RecordingDuration": 1291.62,
	"SamplingFrequency": 50,
	"ShortChannelCount": 24,
	"SoftwareVersions": "Oxysoft 3.2.70 x64",
	"SourceType": "LED",
	"TaskDescription": "Subjects need to tap the automatic sequence with the right-hand fingers while simultaneously counting the letter G from a list of randomly appearing letters on the screen",
	"TaskName": "fingerautodual"
}
