{
	"Modality": "MR",
	"MagneticFieldStrength": 3,
	"ImagingFrequency": 127.753,
	"Manufacturer": "Philips",
	"ManufacturersModelName": "Achieva dStream",
	"PatientPosition": "HFS",
	"ProcedureStepDescription": "Transrep2",
	"SoftwareVersions": "5.1.1\\5.1.1.0",
	"MRAcquisitionType": "2D",
	"SeriesDescription": "func_task-oneback_run-1",
	"ProtocolName": "func_task-oneback_run-1",
	"TaskName": "oneback",
	"ScanningSequence": "GR",
	"SequenceVariant": "SK",
	"ScanOptions": "FS",
	"PulseSequenceName": "FEEPI",
	"ImageType": ["ORIGINAL", "PRIMARY", "M", "FFE", "M", "FFE"],
	"SeriesNumber": 401,
	"AcquisitionTime": "16:04:22.680000",
	"AcquisitionNumber": 4,
	"PhilipsRWVSlope": 4.00757,
	"PhilipsRWVIntercept": 0,
	"PhilipsRescaleSlope": 4.00757,
	"PhilipsRescaleIntercept": 0,
	"PhilipsScaleSlope": 0.0132383,
	"UsePhilipsFloatNotDisplayScaling": 1,
	"SliceThickness": 3,
	"SpacingBetweenSlices": 3.3,
	"SAR": 0.994626,
	"EchoTime": 0.03,
	"RepetitionTime": 1.79355,
	"RepetitionTimeExcitation": 2,
	"MTState": false,
	"FlipAngle": 90,
	"CoilString": "MULTI COIL",
	"PercentPhaseFOV": 100,
	"PercentSampling": 100,
	"EchoTrainLength": 43,
	"PhaseEncodingSteps": 80,
	"AcquisitionMatrixPE": 80,
	"ReconMatrixPE": 80,
	"ParallelReductionFactorInPlane": 2,
	"ParallelAcquisitionTechnique": "SENSE",
	"WaterFatShift": 12.4991,
	"EstimatedEffectiveEchoSpacing": 0.000355975,
	"EstimatedTotalReadoutTime": 0.028122,
	"AcquisitionDuration": 325.918,
	"PixelBandwidth": 1920,
	"PhaseEncodingAxis": "j",
	"ImageOrientationPatientDICOM": [
		0.999805,
		-0.0114282,
		0.0161145,
		0.0147905,
		0.973763,
		-0.227084	],
	"InPlanePhaseEncodingDirectionDICOM": "COL",
	"ConversionSoftware": "dcm2niix",
	"ConversionSoftwareVersion": "v1.0.20220720"
}
