{
	"Modality": "MR",
	"MagneticFieldStrength": 3,
	"Manufacturer": "Siemens",
	"ManufacturersModelName": "Verio",
	"InstitutionName": "DRCMR_HVIDOVRE",
	"InstitutionAddress": "Kettegard_Alle_30_Copenhagen_District_DK_2650",
	"DeviceSerialNumber": "40493",
	"StationName": "HHMRMR01",
	"ProcedureStepDescription": "DRCMR_Project_HormoneEmotion",
	"SoftwareVersions": "syngo_MR_B17",
	"SeriesDescription": "t1_mpr_sag_p2_iso_0.9",
	"ProtocolName": "t1_mpr_sag_p2_iso_0.9",
	"ScanningSequence": "GR_IR",
	"SequenceVariant": "SP_MP",
	"ScanOptions": "IR",
	"SequenceName": "_tfl3d1_ns",
	"ImageType": ["ORIGINAL", "PRIMARY", "M", "NORM", "DIS3D", "DIS2D"],
	"AcquisitionTime": "18:23:54.270000",
	"AcquisitionNumber": 1,
	"EchoTime": 0.00232,
	"RepetitionTime": 1.9,
	"InversionTime": 0.9,
	"FlipAngle": 9,
	"PartialFourier": 1,
	"BaseResolution": 256,
	"PhaseResolution": 1,
	"ReceiveCoilName": "32Ch_Head",
	"PulseSequenceDetails": "%SiemensSeq%_tfl",
	"PercentPhaseFOV": 100,
	"PhaseEncodingSteps": 255,
	"AcquisitionMatrixPE": 256,
	"ReconMatrixPE": 256,
	"ParallelReductionFactorInPlane": 2,
	"DwellTime": 9.8e-06,
	"ConversionSoftware": "dcm2niix",
	"ConversionSoftwareVersion": "v1.0.20170923 (OpenJPEG build) GCC4.8.4"
}
