{
    "AcquisitionDateTime": "2018-07-10T10:31:55.462500", 
    "AcquisitionMatrixPE": 96, 
    "AcquisitionNumber": 1, 
    "AcquisitionTime": "10:31:55.462500", 
    "BandwidthPerPixelPhaseEncode": 16.801, 
    "BaseResolution": 96, 
    "BodyPartExamined": "BRAIN", 
    "ConsistencyInfo": "N4_VE11C_LATEST_20160120", 
    "ConversionSoftware": "dcm2niix", 
    "ConversionSoftwareVersion": "v1.0.20180622 (JP2:OpenJPEG) GCC4.8.4", 
    "DerivedVendorReportedEchoSpacing": 0.000620003, 
    "DeviceSerialNumber": "166018", 
    "DwellTime": 2.5e-06, 
    "EchoTime": 0.0648, 
    "EchoTrainLength": 96, 
    "EffectiveEchoSpacing": 0.000620003, 
    "FlipAngle": 90, 
    "ImageOrientationPatientDICOM": [
        1, 
        0, 
        -0.000174533, 
        -0.000174533, 
        0, 
        -1
    ], 
    "ImageType": [
        "ORIGINAL", 
        "PRIMARY", 
        "M", 
        "ND", 
        "MOSAIC"
    ], 
    "InPlanePhaseEncodingDirectionDICOM": "ROW", 
    "InstitutionAddress": "Washington_Place_6_NYC_NYC_US_10003", 
    "InstitutionName": "NYU_-_CBI", 
    "InstitutionalDepartmentName": "Department", 
    "IntendedFor": [
        "ses-nyu3t01/func/sub-som682_ses-nyu3t01_task-prf_run-1_sbref.nii.gz", 
        "ses-nyu3t01/func/sub-som682_ses-nyu3t01_task-prf_run-1_bold.nii.gz", 
        "ses-nyu3t01/func/sub-som682_ses-nyu3t01_task-prf_run-2_sbref.nii.gz", 
        "ses-nyu3t01/func/sub-som682_ses-nyu3t01_task-prf_run-2_bold.nii.gz", 
        "ses-nyu3t01/func/sub-som682_ses-nyu3t01_task-hrf_run-1_sbref.nii.gz", 
        "ses-nyu3t01/func/sub-som682_ses-nyu3t01_task-hrf_run-1_bold.nii.gz", 
        "ses-nyu3t01/func/sub-som682_ses-nyu3t01_task-spatialpattern_run-1_sbref.nii.gz", 
        "ses-nyu3t01/func/sub-som682_ses-nyu3t01_task-spatialpattern_run-1_bold.nii.gz", 
        "ses-nyu3t01/func/sub-som682_ses-nyu3t01_task-spatialpattern_run-2_sbref.nii.gz", 
        "ses-nyu3t01/func/sub-som682_ses-nyu3t01_task-spatialpattern_run-2_bold.nii.gz", 
        "ses-nyu3t01/func/sub-som682_ses-nyu3t01_task-spatialobject_run-1_sbref.nii.gz", 
        "ses-nyu3t01/func/sub-som682_ses-nyu3t01_task-spatialobject_run-1_bold.nii.gz", 
        "ses-nyu3t01/func/sub-som682_ses-nyu3t01_task-spatialobject_run-2_sbref.nii.gz", 
        "ses-nyu3t01/func/sub-som682_ses-nyu3t01_task-spatialobject_run-2_bold.nii.gz", 
        "ses-nyu3t01/func/sub-som682_ses-nyu3t01_task-temporalpattern_run-1_sbref.nii.gz", 
        "ses-nyu3t01/func/sub-som682_ses-nyu3t01_task-temporalpattern_run-1_bold.nii.gz", 
        "ses-nyu3t01/func/sub-som682_ses-nyu3t01_task-temporalpattern_run-2_sbref.nii.gz", 
        "ses-nyu3t01/func/sub-som682_ses-nyu3t01_task-temporalpattern_run-2_bold.nii.gz", 
        "ses-nyu3t01/func/sub-som682_ses-nyu3t01_task-spatialpattern_run-3_sbref.nii.gz", 
        "ses-nyu3t01/func/sub-som682_ses-nyu3t01_task-spatialpattern_run-3_bold.nii.gz", 
        "ses-nyu3t01/func/sub-som682_ses-nyu3t01_task-spatialpattern_run-4_sbref.nii.gz", 
        "ses-nyu3t01/func/sub-som682_ses-nyu3t01_task-spatialpattern_run-4_bold.nii.gz", 
        "ses-nyu3t01/func/sub-som682_ses-nyu3t01_task-spatialobject_run-3_sbref.nii.gz", 
        "ses-nyu3t01/func/sub-som682_ses-nyu3t01_task-spatialobject_run-3_bold.nii.gz", 
        "ses-nyu3t01/func/sub-som682_ses-nyu3t01_task-spatialobject_run-4_sbref.nii.gz", 
        "ses-nyu3t01/func/sub-som682_ses-nyu3t01_task-spatialobject_run-4_bold.nii.gz", 
        "ses-nyu3t01/func/sub-som682_ses-nyu3t01_task-temporalpattern_run-3_sbref.nii.gz", 
        "ses-nyu3t01/func/sub-som682_ses-nyu3t01_task-temporalpattern_run-3_bold.nii.gz", 
        "ses-nyu3t01/func/sub-som682_ses-nyu3t01_task-temporalpattern_run-4_sbref.nii.gz", 
        "ses-nyu3t01/func/sub-som682_ses-nyu3t01_task-temporalpattern_run-4_bold.nii.gz"
    ], 
    "MRAcquisitionType": "2D", 
    "MagneticFieldStrength": 3, 
    "Manufacturer": "Siemens", 
    "ManufacturersModelName": "Prisma", 
    "Modality": "MR", 
    "PartialFourier": 1, 
    "PatientID": "oikbt8of", 
    "PatientPosition": "HFS", 
    "PercentPhaseFOV": 100, 
    "PhaseEncodingDirection": "i-", 
    "PhaseEncodingSteps": 96, 
    "PhaseResolution": 1, 
    "PixelBandwidth": 2085, 
    "ProcedureStepDescription": "Investigators_Winawer", 
    "ProtocolName": "fmap_acq-DISTORT_dir-LR", 
    "PulseSequenceDetails": "%CustomerSeq%_cmrr_mbep2d_se", 
    "ReceiveCoilActiveElements": "HC1-7;NC1,2", 
    "ReceiveCoilName": "HeadNeck_64", 
    "ReconMatrixPE": 96, 
    "ReferringPhysicianName": "Winawer", 
    "RepetitionTime": 3.28, 
    "SAR": 0.143745, 
    "ScanOptions": "FS", 
    "ScanningSequence": "EP", 
    "SequenceName": "epse2d1_96", 
    "SequenceVariant": "SK", 
    "SeriesDescription": "fmap_acq-DISTORT_dir-LR", 
    "SeriesInstanceUID": "1.3.12.2.1107.5.2.43.166018.2018071010315119460258655.0.0.0", 
    "SeriesNumber": 4, 
    "ShimSetting": [
        267, 
        -12631, 
        -8571, 
        1100, 
        -213, 
        -162, 
        -367, 
        5
    ], 
    "SliceThickness": 2, 
    "SliceTiming": [
        1.63, 
        0, 
        1.74, 
        0.11, 
        1.8475, 
        0.2175, 
        1.9575, 
        0.3275, 
        2.065, 
        0.435, 
        2.175, 
        0.545, 
        2.2825, 
        0.6525, 
        2.3925, 
        0.7625, 
        2.5, 
        0.87, 
        2.6075, 
        0.9775, 
        2.7175, 
        1.0875, 
        2.825, 
        1.195, 
        2.935, 
        1.305, 
        3.0425, 
        1.4125, 
        3.1525, 
        1.5225
    ], 
    "SoftwareVersions": "syngo_MR_E11", 
    "SpacingBetweenSlices": 2, 
    "StationName": "AWP166018", 
    "StudyID": "1", 
    "StudyInstanceUID": "1.3.12.2.1107.5.2.43.166018.30000018071013210078200000004", 
    "TotalReadoutTime": 0.0589003, 
    "TxRefAmp": 215.212, 
    "VendorReportedEchoSpacing": 0.00062
}