{
 "AcquisitionDateTime": "2018-07-10T10:31:40.190000",
 "AcquisitionMatrixPE": 96,
 "AcquisitionNumber": 1,
 "AcquisitionTime": "10:31:40.190000",
 "BandwidthPerPixelPhaseEncode": 16.801,
 "BaseResolution": 96,
 "BodyPartExamined": "BRAIN",
 "ConsistencyInfo": "N4_VE11C_LATEST_20160120",
 "ConversionSoftware": "dcm2niix",
 "ConversionSoftwareVersion": "v1.0.20180622 (JP2:OpenJPEG) GCC4.8.4",
 "DerivedVendorReportedEchoSpacing": 0.000620003,
 "DeviceSerialNumber": "166018",
 "DwellTime": 2.5e-06,
 "EchoTime": 0.0648,
 "EchoTrainLength": 96,
 "EffectiveEchoSpacing": 0.000620003,
 "FlipAngle": 90,
 "ImageOrientationPatientDICOM": [
  1,
  0,
  -0.000174533,
  -0.000174533,
  0,
  -1
 ],
 "ImageType": [
  "ORIGINAL",
  "PRIMARY",
  "M",
  "ND",
  "MOSAIC"
 ],
 "InPlanePhaseEncodingDirectionDICOM": "ROW",
 "InstitutionAddress": "Washington_Place_6_NYC_NYC_US_10003",
 "InstitutionName": "NYU_-_CBI",
 "InstitutionalDepartmentName": "Department",
 "IntendedFor": [
  "bids::sub-som682/ses-nyu3t01/func/sub-som682_ses-nyu3t01_task-spatialpattern_run-01_sbref.nii.gz",
  "bids::sub-som682/ses-nyu3t01/func/sub-som682_ses-nyu3t01_task-spatialpattern_run-01_bold.nii.gz",
  "bids::sub-som682/ses-nyu3t01/func/sub-som682_ses-nyu3t01_task-spatialpattern_run-02_sbref.nii.gz",
  "bids::sub-som682/ses-nyu3t01/func/sub-som682_ses-nyu3t01_task-spatialpattern_run-02_bold.nii.gz",
  "bids::sub-som682/ses-nyu3t01/func/sub-som682_ses-nyu3t01_task-spatialobject_run-01_sbref.nii.gz",
  "bids::sub-som682/ses-nyu3t01/func/sub-som682_ses-nyu3t01_task-spatialobject_run-01_bold.nii.gz",
  "bids::sub-som682/ses-nyu3t01/func/sub-som682_ses-nyu3t01_task-spatialobject_run-02_sbref.nii.gz",
  "bids::sub-som682/ses-nyu3t01/func/sub-som682_ses-nyu3t01_task-spatialobject_run-02_bold.nii.gz",
  "bids::sub-som682/ses-nyu3t01/func/sub-som682_ses-nyu3t01_task-temporalpattern_run-01_sbref.nii.gz",
  "bids::sub-som682/ses-nyu3t01/func/sub-som682_ses-nyu3t01_task-temporalpattern_run-01_bold.nii.gz",
  "bids::sub-som682/ses-nyu3t01/func/sub-som682_ses-nyu3t01_task-temporalpattern_run-02_sbref.nii.gz",
  "bids::sub-som682/ses-nyu3t01/func/sub-som682_ses-nyu3t01_task-temporalpattern_run-02_bold.nii.gz",
  "bids::sub-som682/ses-nyu3t01/func/sub-som682_ses-nyu3t01_task-spatialpattern_run-03_sbref.nii.gz",
  "bids::sub-som682/ses-nyu3t01/func/sub-som682_ses-nyu3t01_task-spatialpattern_run-03_bold.nii.gz",
  "bids::sub-som682/ses-nyu3t01/func/sub-som682_ses-nyu3t01_task-spatialpattern_run-04_sbref.nii.gz",
  "bids::sub-som682/ses-nyu3t01/func/sub-som682_ses-nyu3t01_task-spatialpattern_run-04_bold.nii.gz",
  "bids::sub-som682/ses-nyu3t01/func/sub-som682_ses-nyu3t01_task-spatialobject_run-03_sbref.nii.gz",
  "bids::sub-som682/ses-nyu3t01/func/sub-som682_ses-nyu3t01_task-spatialobject_run-03_bold.nii.gz",
  "bids::sub-som682/ses-nyu3t01/func/sub-som682_ses-nyu3t01_task-spatialobject_run-04_sbref.nii.gz",
  "bids::sub-som682/ses-nyu3t01/func/sub-som682_ses-nyu3t01_task-spatialobject_run-04_bold.nii.gz",
  "bids::sub-som682/ses-nyu3t01/func/sub-som682_ses-nyu3t01_task-temporalpattern_run-03_sbref.nii.gz",
  "bids::sub-som682/ses-nyu3t01/func/sub-som682_ses-nyu3t01_task-temporalpattern_run-03_bold.nii.gz",
  "bids::sub-som682/ses-nyu3t01/func/sub-som682_ses-nyu3t01_task-temporalpattern_run-04_sbref.nii.gz",
  "bids::sub-som682/ses-nyu3t01/func/sub-som682_ses-nyu3t01_task-temporalpattern_run-04_bold.nii.gz"
 ],
 "MRAcquisitionType": "2D",
 "MagneticFieldStrength": 3,
 "Manufacturer": "Siemens",
 "ManufacturersModelName": "Prisma",
 "Modality": "MR",
 "PartialFourier": 1,
 "PatientID": "oikbt8of",
 "PatientPosition": "HFS",
 "PercentPhaseFOV": 100,
 "PhaseEncodingDirection": "i",
 "PhaseEncodingSteps": 96,
 "PhaseResolution": 1,
 "PixelBandwidth": 2085,
 "ProcedureStepDescription": "Investigators_Winawer",
 "ProtocolName": "fmap_acq-DISTORT_dir-RL",
 "PulseSequenceDetails": "%CustomerSeq%_cmrr_mbep2d_se",
 "ReceiveCoilActiveElements": "HC1-7;NC1,2",
 "ReceiveCoilName": "HeadNeck_64",
 "ReconMatrixPE": 96,
 "ReferringPhysicianName": "Winawer",
 "RepetitionTime": 3.28,
 "SAR": 0.143745,
 "ScanOptions": "FS",
 "ScanningSequence": "EP",
 "SequenceName": "epse2d1_96",
 "SequenceVariant": "SK",
 "SeriesDescription": "fmap_acq-DISTORT_dir-RL",
 "SeriesInstanceUID": "1.3.12.2.1107.5.2.43.166018.2018071010313213016158277.0.0.0",
 "SeriesNumber": 2,
 "ShimSetting": [
  267,
  -12631,
  -8571,
  1100,
  -213,
  -162,
  -367,
  5
 ],
 "SliceThickness": 2,
 "SliceTiming": [
  1.63,
  0,
  1.7375,
  0.1075,
  1.845,
  0.2175,
  1.955,
  0.325,
  2.0625,
  0.4325,
  2.1725,
  0.5425,
  2.28,
  0.65,
  2.39,
  0.76,
  2.4975,
  0.8675,
  2.6075,
  0.9775,
  2.715,
  1.085,
  2.825,
  1.195,
  2.9325,
  1.3025,
  3.0425,
  1.4125,
  3.15,
  1.52
 ],
 "SoftwareVersions": "syngo_MR_E11",
 "SpacingBetweenSlices": 2,
 "StationName": "AWP166018",
 "StudyID": "1",
 "StudyInstanceUID": "1.3.12.2.1107.5.2.43.166018.30000018071013210078200000004",
 "TotalReadoutTime": 0.0589003,
 "TxRefAmp": 215.212,
 "VendorReportedEchoSpacing": 0.00062
}