{
  "AcquisitionMatrixPE": 256,
  "AcquisitionNumber": 1,
  "AcquisitionTime": "15:21:25.000000",
  "BodyPartExamined": "BRAIN",
  "CoilString": "32Ch_Head",
  "ConversionSoftware": "dcm2niix",
  "ConversionSoftwareVersion": "v1.0.20190410  GCC6.3.0",
  "DeviceSerialNumber": "000301496MR3T6MR",
  "EchoTime": 0.003036,
  "FlipAngle": 11,
  "ImageOrientationPatientDICOM": [0, 1, 0, 0, 0, -1],
  "ImageType": [
    "ORIGINAL",
    "PRIMARY",
    "OTHER"
],
  "ImagingFrequency": 127.697,
  "InPlanePhaseEncodingDirectionDICOM": "ROW",
  "InstitutionName": "NIH_FMRIF",
  "InversionTime": 0.4,
  "MRAcquisitionType": "3D",
  "MagneticFieldStrength": 3,
  "Manufacturer": "GE",
  "ManufacturersModelName": "DISCOVERY_MR750",
  "Modality": "MR",
  "PatientPosition": "HFS",
  "PercentPhaseFOV": 100,
  "PixelBandwidth": 244.141,
  "ProcedureStepDescription": "MRI_Brain",
  "ProtocolName": "Accelerated_Sagittal_IR-FSPGR",
  "ReconMatrixPE": 256,
  "RepetitionTime": 0.007348,
  "SAR": 0.171598,
  "ScanOptions": "FAST_GEMS_EDR_GEMS_FILTERED_GEMS_ACC_GEMS_IR_GEMS",
  "ScanningSequence": "GR",
  "SequenceVariant": "SS_SP_SK",
  "SeriesDescription": "Accelerated_Sagittal_IR-FSPGR",
  "SeriesNumber": 3,
  "SliceThickness": 1.2,
  "SoftwareVersions": "27_LX_MR_Software_release:DV26.0_R01_1725.a",
  "SpacingBetweenSlices": 1.2,
  "StationName": "fmrif3tb",
  "dcmmeta_affine": [
    [1.2000000476837158, 0.0, 0.0, -116.49700164794922],
    [0.0, 1.0547000169754028, 0.0, -127.17050170898438],
    [0.0, 0.0, 1.0547000169754028, -140.05050659179688],
    [0.0, 0.0, 0.0, 1.0]
],
  "dcmmeta_reorient_transform": [
    [0.0, 0.0, -1.0, 255.0],
    [0.0, -1.0, 0.0, 255.0],
    [-1.0, 0.0, 0.0, 195.0],
    [0.0, 0.0, 0.0, 1.0]
],
  "dcmmeta_shape": [196, 256, 256],
  "dcmmeta_slice_dim": 0,
  "dcmmeta_version": 0.6,
  "global": {
    "const": {
      "AccessionNumber": "MR5000548624",
      "AcquisitionMatrix": [0, 256, 256, 0],
      "AcquisitionNumber": 1,
      "AcquisitionTime": "152125",
      "AnatomicRegionSequence": [
        {
          "CodeMeaning": "Brain",
          "CodeValue": "T-A0100",
          "CodingSchemeDesignator": "SRT",
          "GroupLength": 42}
],
      "AngioFlag": "N",
      "BeatRejectionFlag": "N",
      "BitsAllocated": 16,
      "BitsStored": 16,
      "BodyPartExamined": "BRAIN",
      "CardiacNumberOfImages": 0,
      "Columns": 256,
      "ContentTime": "152125",
      "EchoNumbers": 1,
      "EchoTime": 3.036,
      "EchoTrainLength": 1,
      "FlipAngle": 11.0,
      "GroupLength_0X10_0X0": 106,
      "GroupLength_0X18_0X0": 544,
      "GroupLength_0X40_0X0": 300,
      "GroupLength_0X7FE0_0X0": 131084,
      "GroupLength_0X8_0X0": 1148,
      "HeartRate": 0,
      "HighBit": 15,
      "ImageOrientationPatient": [-0.0, 1.0, 0.0, -0.0, -0.0, -1.0],
      "ImageType": [
        "ORIGINAL",
        "PRIMARY",
        "OTHER"
],
      "ImagedNucleus": "1H",
      "ImagesInAcquisition": 196,
      "ImagingFrequency": 127.696798,
      "InPlanePhaseEncodingDirection": "ROW",
      "InversionTime": 400.0,
      "MRAcquisitionType": "3D",
      "MagneticFieldStrength": 3.0,
      "Manufacturer": "GE MEDICAL SYSTEMS",
      "ManufacturerModelName": "DISCOVERY MR750",
      "Modality": "MR",
      "NumberOfAverages": 1.0,
      "PercentPhaseFieldOfView": 100.0,
      "PercentSampling": 100.0,
      "PerformedLocation": "FMRI",
      "PerformedProcedureStepStartTime": "151527",
      "PhotometricInterpretation": "MONOCHROME2",
      "PixelBandwidth": 244.141,
      "PixelRepresentation": 1,
      "PixelSpacing": [1.0547, 1.0547],
      "ProtocolName": "ADNI3 FMRIF Enhanced Pro",
      "ReceiveCoilName": "32Ch Head",
      "ReconstructionDiameter": 270.0,
      "ReferencedPerformedProcedureStepSequence": [
        {
          "GroupLength": 100,
          "ReferencedSOPClassUID": "1.2.840.10008.3.1.2.3.3",
          "ReferencedSOPInstanceUID": "1.2.840.113619.6.408.150101250224131385138997253788722523247"}
],
      "ReferencedStudySequence": [
        {
          "GroupLength": 86,
          "ReferencedSOPClassUID": "1.2.840.10008.3.1.2.3.1",
          "ReferencedSOPInstanceUID": "1.2.840.113564.9.1.2787814059.53.2.5000548624"}
],
      "RepetitionTime": 7.348,
      "RequestAttributesSequence": [
        {
          "GroupLength_0X32_0X0": 18,
          "GroupLength_0X40_0X0": 140,
          "RequestedProcedureDescription": "MRI Brain",
          "RequestedProcedureID": "4000582024",
          "ScheduledProcedureStepDescription": "MRI Brain",
          "ScheduledProcedureStepID": "5000548624",
          "ScheduledProtocolCodeSequence": [
            {
              "CodeMeaning": "MRI Brain",
              "CodeValue": "MI01417",
              "CodingSchemeDesignator": "USA Standard",
              "GroupLength": 54}
]
        }
],
      "Rows": 256,
      "SAR": 0.171598,
      "SamplesPerPixel": 1,
      "ScanOptions": [
        "FAST_GEMS",
        "EDR_GEMS",
        "FILTERED_GEMS",
        "ACC_GEMS",
        "IR_GEMS"
],
      "ScanningSequence": "GR",
      "SequenceVariant": [
        "SS",
        "SP",
        "SK"
],
      "SeriesDescription": "Accelerated Sagittal IR-FSPGR",
      "SeriesNumber": 3,
      "SeriesTime": "152125",
      "SliceThickness": 1.2,
      "SmallestImagePixelValue": 0,
      "SoftwareVersions": [
 "27",
        "LX",
        "MR Software release:DV26.0_R01_1725.a"
],
      "SpacingBetweenSlices": 1.2,
      "SpecificCharacterSet": "ISO_IR 100",
      "StackID": "1",
      "StudyID": "26151",
      "StudyTime": "151920",
      "TriggerWindow": 0,
      "VariableFlipAngleFlag": "N"
    },
