{
    "TaskName": "temporalpattern",
    "SamplingFrequency": 512,
    "PowerLineFrequency": 60,
    "SoftwareFilters": "n/a",
    "HardwareFilters": "HighPass:0.16,LowPass:500",
    "Manufacturer": "Natus",
    "ManufacturersModelName": "Natus Quantum PK1171",
    "TaskDescription": "Visual textures presented for variable durations and inter-stimulus intervals",
    "Instructions": "Detect color change (red/green) at fixation",
    "CogAtlasID": "n/a",
    "CogPOID": "n/a",
    "InstitutionName": "New York School of Medicine",
    "InstitutionAddress": "550 1st Avenue, New York, NY 10016, USA",
    "DeviceSerialNumber": "n/a",
    "ECOGChannelCount": 78,
    "SEEGChannelCount": 16,
    "EEGChannelCount": 16,
    "EOGChannelCount": 0,
    "ECGChannelCount": 2,
    "EMGChannelCount": 0,
    "MiscChannelCount": 7,
    "TriggerChannelCount": 1,
    "RecordingDuration": 58.541,
    "RecordingType": "continuous",
    "SubjectArtefactDescription": "n/a",
    "SoftwareVersions": "Natus Neuroworks",
    "iEEGReference": "Two contact subdural strips either flipped facing the skull or screwed into the skull",
    "ElectrodeManufacturer": "AdTech",
    "ElectrodeManufacturersModelName": "Standard ad-tech grids (64 8x8 1cm spacing) and strips (1 cm spacing) 4mm contacts, 2.3 mm exposed",
    "iEEGGround": "Two contact subdural strips either flipped facing the skull or screwed into the skull",
    "iEEGPlacementScheme": "n/a",
    "iEEGElectrodeGroups": "n/a",
    "Stimulation": "false",
    "Medication": "n/a"
}