Brain Vision Data Exchange Header File Version 1.0
; Data created by Brainstorm

[Common Infos]
Codepage=UTF-8
DataFile=070709aa_0027.eeg
MarkerFile=070709aa_0027.vmrk
DataFormat=BINARY
; Data orientation: MULTIPLEXED=ch1,pt1, ch2,pt1 ...
DataOrientation=MULTIPLEXED
NumberOfChannels=97
; Sampling interval in microseconds
SamplingInterval=976.5625

[Binary Infos]
BinaryFormat=IEEE_FLOAT_32

[Channel Infos]
; Each entry: Ch<Channel number>=<Name>,<Reference channel name>,
; <Resolution in "Unit">,<Unit>, Future extensions..
; Fields are delimited by commas, some fields might be omitted (empty).
; Commas in channel names are coded as "\1".
Ch1=G_A1,,1,µV
Ch2=G_A2,,1,µV
Ch3=G_A3,,1,µV
Ch4=G_A4,,1,µV
Ch5=G_A5,,1,µV
Ch6=G_A6,,1,µV
Ch7=G_A7,,1,µV
Ch8=G_A8,,1,µV
Ch9=G_B1,,1,µV
Ch10=G_B2,,1,µV
Ch11=G_B3,,1,µV
Ch12=G_B4,,1,µV
Ch13=G_B5,,1,µV
Ch14=G_B6,,1,µV
Ch15=G_B7,,1,µV
Ch16=G_B8,,1,µV
Ch17=G_C1,,1,µV
Ch18=G_C2,,1,µV
Ch19=G_C3,,1,µV
Ch20=G_C4,,1,µV
Ch21=G_C5,,1,µV
Ch22=G_C6,,1,µV
Ch23=G_C7,,1,µV
Ch24=G_C8,,1,µV
Ch25=G_D1,,1,µV
Ch26=G_D2,,1,µV
Ch27=G_D3,,1,µV
Ch28=G_D4,,1,µV
Ch29=G_D5,,1,µV
Ch30=G_D6,,1,µV
Ch31=G_D7,,1,µV
Ch32=G_D8,,1,µV
Ch33=G_E1,,1,µV
Ch34=G_E2,,1,µV
Ch35=G_E3,,1,µV
Ch36=G_E4,,1,µV
Ch37=G_E5,,1,µV
Ch38=G_E6,,1,µV
Ch39=G_E7,,1,µV
Ch40=G_E8,,1,µV
Ch41=G_F1,,1,µV
Ch42=G_F2,,1,µV
Ch43=G_F3,,1,µV
Ch44=G_F4,,1,µV
Ch45=G_F5,,1,µV
Ch46=G_F6,,1,µV
Ch47=G_F7,,1,µV
Ch48=G_F8,,1,µV
Ch49=G_G1,,1,µV
Ch50=G_G2,,1,µV
Ch51=G_G3,,1,µV
Ch52=G_G4,,1,µV
Ch53=G_G5,,1,µV
Ch54=G_G6,,1,µV
Ch55=G_G7,,1,µV
Ch56=G_G8,,1,µV
Ch57=G_H1,,1,µV
Ch58=G_H2,,1,µV
Ch59=G_H3,,1,µV
Ch60=G_H4,,1,µV
Ch61=G_H5,,1,µV
Ch62=G_H6,,1,µV
Ch63=G_H7,,1,µV
Ch64=G_H8,,1,µV
Ch65=IHA1,,1,µV
Ch66=IHA2,,1,µV
Ch67=IHA3,,1,µV
Ch68=IHA4,,1,µV
Ch69=IHB1,,1,µV
Ch70=IHB2,,1,µV
Ch71=IHB3,,1,µV
Ch72=IHB4,,1,µV
Ch73=IHC1,,1,µV
Ch74=IHC2,,1,µV
Ch75=IHC3,,1,µV
Ch76=IHC4,,1,µV
Ch77=TA_1,,1,µV
Ch78=TA_2,,1,µV
Ch79=TA_3,,1,µV
Ch80=TA_4,,1,µV
Ch81=TA_5,,1,µV
Ch82=TA_6,,1,µV
Ch83=TA_7,,1,µV
Ch84=TA_8,,1,µV
Ch85=TA_9,,1,µV
Ch86=TA10,,1,µV
Ch87=TB_1,,1,µV
Ch88=TB_2,,1,µV
Ch89=TB_3,,1,µV
Ch90=TB_4,,1,µV
Ch91=TB_5,,1,µV
Ch92=TB_6,,1,µV
Ch93=TB_7,,1,µV
Ch94=TB_8,,1,µV
Ch95=TB_9,,1,µV
Ch96=TB10,,1,µV
Ch97=ECG,,1,µV
