{
    "TaskName": "seizure",
    "TaskDescription": "Spontaneous seizures",
    "Instructions": "n/a",
    "SamplingFrequency": 1024,
    "PowerLineFrequency": 50,
    "HardwareFilters": "High-pass filter with a time constant of 1 second (cut-off frequency ~0.16Hz) and low-pass filter with a cut-off frequency of 344 Hz",
    "SoftwareFilters": "n/a",
    "DCOffsetCorrection": "n/a",
    "Manufacturer": "Neurofile NT",
    "ManufacturersModelName": "Neurofile NT digital video-EEG system with 128 channels and a 16-bit A/D converter",
    "InstitutionName": "Epilepsy Centre, University Hospital Freiburg, Germany",
    "InstitutionAddress": "n/a",
    "ECOGChannelCount": 76,
    "SEEGChannelCount": 20,
    "EEGChannelCount": 0,
    "EOGChannelCount": 0,
    "ECGChannelCount": 1,
    "EMGChannelCount": 0,
    "MiscChannelCount": 0,
    "TriggerChannelCount": 0,
    "RecordingDuration": 3600,
    "RecordingType": "continuous",
    "SoftwareVersions": "Unknown",
    "iEEGPlacementScheme": "Ad-Tech subdural grid with 8x8 contacts over the left fronto-centro-parietal; 3 interhemispheric Ad-Tech strip electrodes; 2 Ad-Tech depth electrodes in the right parietal lobe facing to the insula",
    "iEEGReference": "intracranial channel not included with data",
    "ElectrodeManufacturer": "Ad-Tech",
    "ElectrodeManufacturersModelName": "Unknown",
    "iEEGGround": "Unknown",
    "ElectricalStimulation": false,
	"ElectricalStimulationParameters": "n/a"
}