{"TaskName": "FilteredSpeech", "Manufacturer": "n/a", "SamplingFrequency": 1000, "iEEGReference": "n/a", "PowerLineFrequency": 60, "ECOGChannelCount": 59, "SEEGChannelCount": 0, "EEGChannelCount": 5, "EOGChannelCount": 0, "ECGChannelCount": 0, "EMGChannelCount": 0, "MiscChannelCount": 0, "TriggerChannelCount": 0}
