Brain Vision Data Exchange Header File Version 2.0
; Data created from history path: 20130424350002/Raw Data/Edit Markers/set scan markers/Scanner Artifact Correction/Filters/Pulse Artifact Correction/Pulse Artifact Correction

[Common Infos]
Codepage=UTF-8
DataFile=sub-35_task-rest_eeg.dat
MarkerFile=sub-35_task-rest_eeg.vmrk
DataFormat=BINARY
; Data orientation: VECTORIZED=ch1,pt1, ch1,pt2..., MULTIPLEXED=ch1,pt1, ch2,pt1 ...
DataOrientation=VECTORIZED
DataType=TIMEDOMAIN
NumberOfChannels=64
DataPoints=197235
; Sampling interval in microseconds if time domain (convert to Hertz:
; 1000000 / SamplingInterval) or in Hertz if frequency domain:
SamplingInterval=4000

[User Infos]
; Each entry: Prop<Number>=<Type>,<Name>,<Value>,<Value2>,...,<ValueN>
; Property number must be unique. Types can be int, single, string, bool, byte, double, uint
; or arrays of those, indicated int-array etc
; Array types have more than one value, number of values determines size of array.
; Fields are delimited by commas, commas in strings are written \1

[Binary Infos]
BinaryFormat=IEEE_FLOAT_32

[Channel Infos]
; Each entry: Ch<Channel number>=<Name>,<Reference channel name>,
; <Resolution in "Unit">,<Unit>, Future extensions...
; Fields are delimited by commas, some fields might be omitted (empty).
; Commas in channel names are coded as "\1".
Ch1=Fp1,,,µV
Ch2=Fp2,,,µV
Ch3=F3,,,µV
Ch4=F4,,,µV
Ch5=C3,,,µV
Ch6=C4,,,µV
Ch7=P3,,,µV
Ch8=P4,,,µV
Ch9=O1,,,µV
Ch10=O2,,,µV
Ch11=F7,,,µV
Ch12=F8,,,µV
Ch13=T7,,,µV
Ch14=T8,,,µV
Ch15=P7,,,µV
Ch16=P8,,,µV
Ch17=Fz,,,µV
Ch18=Cz,,,µV
Ch19=Pz,,,µV
Ch20=Oz,,,µV
Ch21=FC1,,,µV
Ch22=FC2,,,µV
Ch23=CP1,,,µV
Ch24=CP2,,,µV
Ch25=FC5,,,µV
Ch26=FC6,,,µV
Ch27=CP5,,,µV
Ch28=CP6,,,µV
Ch29=TP9,,,µV
Ch30=TP10,,,µV
Ch31=POz,,,µV
Ch32=ECG,,,µV
Ch33=AF3,,,µV
Ch34=AF4,,,µV
Ch35=FC3,,,µV
Ch36=FC4,,,µV
Ch37=CP3,,,µV
Ch38=CP4,,,µV
Ch39=PO3,,,µV
Ch40=PO4,,,µV
Ch41=F5,,,µV
Ch42=F6,,,µV
Ch43=C5,,,µV
Ch44=C6,,,µV
Ch45=P5,,,µV
Ch46=P6,,,µV
Ch47=AF7,,,µV
Ch48=AF8,,,µV
Ch49=FT7,,,µV
Ch50=FT8,,,µV
Ch51=TP7,,,µV
Ch52=TP8,,,µV
Ch53=PO7,,,µV
Ch54=PO8,,,µV
Ch55=FT9,,,µV
Ch56=FT10,,,µV
Ch57=P9,,,µV
Ch58=P10,,,µV
Ch59=PO9,,,µV
Ch60=PO10,,,µV
Ch61=O9,,,µV
Ch62=O10,,,µV
Ch63=Fpz,,,µV
Ch64=CPz,,,µV

[Channel User Infos]
; Each entry: Prop<Number>=Ch<ChannelNumber>,<Type>,<Name>,<Value>,<Value2>,...,<ValueN>
; Property number must be unique. Types can be int, single, string, bool, byte, double, uint
; or arrays of those, indicated int-array etc
; Array types have more than one value, number of values determines size of array.
; Fields are delimited by commas, commas in strings are written \1
; Properties are assigned to channels using their channel number.

[Coordinates]
; Each entry: Ch<Channel number>=<Radius>,<Theta>,<Phi>
Ch1=1,-90,-72
Ch2=1,90,72
Ch3=1,-60,-51
Ch4=1,60,51
Ch5=1,-45,0
Ch6=1,45,0
Ch7=1,-60,51
Ch8=1,60,-51
Ch9=1,-90,72
Ch10=1,90,-72
Ch11=1,-90,-36
Ch12=1,90,36
Ch13=1,-90,0
Ch14=1,90,0
Ch15=1,-90,36
Ch16=1,90,-36
Ch17=1,45,90
Ch18=1,0,0
Ch19=1,45,-90
Ch20=1,90,-90
Ch21=1,-31,-46
Ch22=1,31,46
Ch23=1,-31,46
Ch24=1,31,-46
Ch25=1,-69,-21
Ch26=1,69,21
Ch27=1,-69,21
Ch28=1,69,-21
Ch29=1,-113,18
Ch30=1,113,-18
Ch31=1,67,-90
Ch32=0,0,0
Ch33=1,-74,-68
Ch34=1,74,68
Ch35=1,-49,-29
Ch36=1,49,29
Ch37=1,-49,29
Ch38=1,49,-29
Ch39=1,-74,68
Ch40=1,74,-68
Ch41=1,-74,-41
Ch42=1,74,41
Ch43=1,-68,0
Ch44=1,68,0
Ch45=1,-74,41
Ch46=1,74,-41
Ch47=1,-90,-54
Ch48=1,90,54
Ch49=1,-90,-18
Ch50=1,90,18
Ch51=1,-90,18
Ch52=1,90,-18
Ch53=1,-90,54
Ch54=1,90,-54
Ch55=1,-113,-18
Ch56=1,113,18
Ch57=1,-113,36
Ch58=1,113,-36
Ch59=1,-113,54
Ch60=1,113,-54
Ch61=1,-112,72
Ch62=1,112,-72
Ch63=1,90,90
Ch64=1,22,-90
