{
	"ECGChannelCount":0,
	"EEGChannelCount":64,
	"EEGReference":"REF",
	"EMGChannelCount":0,
	"EOGChannelCount":0,
	"InstitutionAddress":"Strasse des 17. Juni 135, 10623, Berlin, Germany",
	"InstitutionName":"Technische Universitaet zu Berlin",
	"InstitutionalDepartmentName":"Biological Psychology and Neuroergonomics",
	"MiscChannelCount":0,
	"PowerLineFrequency":"n\/a",
	"RecordingDuration":2686.367096,
	"SamplingFrequency":1000,
	"SoftwareFilters":"n\/a",
	"TaskDescription":"Dual task during physical walking.",
	"TaskName":"dualWalking",
	"TriggerChannelCount":0
}
