{
    "Manufacturer": "Philips",
    "ManufacturersModelName": "Achieva",
    "SoftwareVersions": "R3.2.2",
    "MagneticFieldStrength": 3,
    "PulseSequenceType": "MEGA-PRESS",
    "ScanningSequence": "SVS",
    "ResonantNucleus": "1H",
    "SpectrometerFrequency": 127.751,
    "SpectralWidth": 2000,
    "EchoTime": 0.068,
    "NumberOfSpectralPoints": 2048,
    "NumberOfTransients": 8,
    "RepetitionTime": 2,
    "AcquisitionVoxelSize": [30, 30, 30],
    "BodyPart": "BRAIN",
    "BodyPartDetails": "Medial parietal lobe",
    "WaterSuppression": false,
    "WaterSuppressionTechnique": null,
    "OuterVolumeSuppression": false,
    "B0ShimmingTechnique": "Second-order pencil-beam projection",
    "ChemicalShiftOffset": 4.68,
    "ChemicalShiftReference": 4.68,
    "EchoAcquisition": "Half echo"
}
