{
    "AcquisitionDateTime": "2018-07-10T11:38:47.392500", 
    "AcquisitionMatrixPE": 300, 
    "AcquisitionNumber": 1, 
    "AcquisitionTime": "11:38:47.392500", 
    "BaseResolution": 320, 
    "BodyPartExamined": "BRAIN", 
    "ConsistencyInfo": "N4_VE11C_LATEST_20160120", 
    "ConversionSoftware": "dcm2niix", 
    "ConversionSoftwareVersion": "v1.0.20180622 (JP2:OpenJPEG) GCC4.8.4", 
    "DeviceSerialNumber": "166018", 
    "DwellTime": 7.4e-06, 
    "EchoTime": 0.00224, 
    "FlipAngle": 8, 
    "ImageOrientationPatientDICOM": [
        0, 
        1, 
        0, 
        0, 
        0, 
        -1
    ], 
    "ImageType": [
        "ORIGINAL", 
        "PRIMARY", 
        "M", 
        "ND", 
        "NORM"
    ], 
    "InPlanePhaseEncodingDirectionDICOM": "ROW", 
    "InstitutionAddress": "Washington_Place_6_NYC_NYC_US_10003", 
    "InstitutionName": "NYU_-_CBI", 
    "InstitutionalDepartmentName": "Department", 
    "InversionTime": 1.06, 
    "MRAcquisitionType": "3D", 
    "MagneticFieldStrength": 3, 
    "Manufacturer": "Siemens", 
    "ManufacturersModelName": "Prisma", 
    "Modality": "MR", 
    "ParallelReductionFactorInPlane": 2, 
    "PartialFourier": 1, 
    "PatientID": "oikbt8of", 
    "PatientPosition": "HFS", 
    "PercentPhaseFOV": 93.75, 
    "PhaseEncodingSteps": 299, 
    "PhaseResolution": 1, 
    "PixelBandwidth": 210, 
    "ProcedureStepDescription": "Investigators_Winawer", 
    "ProtocolName": "anat-T1w", 
    "PulseSequenceDetails": "%SiemensSeq%_tfl", 
    "ReceiveCoilActiveElements": "HC1-7;NC1,2", 
    "ReceiveCoilName": "HeadNeck_64", 
    "ReconMatrixPE": 320, 
    "ReferringPhysicianName": "Winawer", 
    "RepetitionTime": 2.4, 
    "SAR": 0.0475743, 
    "ScanOptions": "IR", 
    "ScanningSequence": "GR_IR", 
    "SequenceName": "_tfl3d1_16ns", 
    "SequenceVariant": "SK_SP_MP", 
    "SeriesDescription": "anat-T1w", 
    "SeriesInstanceUID": "1.3.12.2.1107.5.2.43.166018.2018071011384716466398590.0.0.0", 
    "SeriesNumber": 54, 
    "ShimSetting": [
        267, 
        -12595, 
        -8618, 
        206, 
        -85, 
        -510, 
        -151, 
        50
    ], 
    "SliceThickness": 0.8, 
    "SoftwareVersions": "syngo_MR_E11", 
    "StationName": "AWP166018", 
    "StudyID": "1", 
    "StudyInstanceUID": "1.3.12.2.1107.5.2.43.166018.30000018071013210078200000004", 
    "TxRefAmp": 215.212
}