{
	"TaskName": "FaceHouseCheck",
	"TaskDescription": "Visual presentation of oval cropped face and house images both upright and inverted. Rare left or right half oval checkerboards were presented as targets for keypress response.",
	"InstitutionName": "Brock University",
	"InstitutionAddress": "500 Glenridge Ave, St.Catharines, Ontario",
	"SamplingFrequency": 256,
	"EEGChannelCount": 128,
	"EOGChannelCount": 7,
	"EMGChannelCount": 0,
	"ECGChannelCount": 0,
	"EEGReference": "CMS",
	"MiscChannelCount": 0,
	"TriggerChannelCount": 0,
	"PowerLineFrequency": "60Hz",
	"EEGPlacementScheme": "Custom equidistant 128 channel BioSemi montage established in coordination with Judith Schedden McMaster Univertisy",
	"Manufacturer": "BioSemi",
	"ManufacturerModelName": "ActiveTwo",
	"CapManufacturer": "ElectroCap International",
	"HardwareFilters": "DC to Nyquist 512Hz",
	"SoftwareFilters": "None",
	"RecordingType": "continuous",
	"RecordingDuration": 1228,
	"DeviceSoftwareVersion": "NI ActiView 532-Lores"
}
