{
	"Modality": "MR",
	"MagneticFieldStrength": 3,
	"ImagingFrequency": 123.232,
	"Manufacturer": "Siemens",
	"ManufacturersModelName": "Prisma",
	"InstitutionalDepartmentName": "Department",
	"DeviceSerialNumber": "66072",
	"StationName": "AWP66072",
	"BodyPartExamined": "HEAD",
	"PatientPosition": "HFS",
	"ProcedureStepDescription": "Projets_PredictEye",
	"SoftwareVersions": "syngo_MR_E11",
	"MRAcquisitionType": "3D",
	"SeriesDescription": "T2w_vNav_0p8mm",
	"ProtocolName": "T2w_vNav_0p8mm",
	"ScanningSequence": "SE",
	"SequenceVariant": "SK_SP",
	"ScanOptions": "PFP",
	"SequenceName": "spc_360ns",
	"ImageType": ["ORIGINAL", "PRIMARY", "M", "ND", "NORM"],
	"SeriesNumber": 33,
	"AcquisitionTime": "10:00:37.970000",
	"AcquisitionNumber": 1,
	"SliceThickness": 0.8,
	"SAR": 0.127144,
	"EchoTime": 0.564,
	"RepetitionTime": 3.2,
	"FlipAngle": 120,
	"PartialFourier": 1,
	"BaseResolution": 320,
	"ShimSetting": [
		-612,
		-10805,
		-621,
		0,
		59,
		-308,
		100,
		-14	],
	"TxRefAmp": 257.045,
	"PhaseResolution": 1,
	"ReceiveCoilName": "HeadNeck_64",
	"ReceiveCoilActiveElements": "HC1-7;NC1,2",
	"CoilString": "HC1-7;NC1_2",
	"PulseSequenceDetails": "%CustomerSeq%_tse_vfl_mgh_epinav_ABCD",
	"WipMemBlock": "Prisma_epi_moco_navigator_ABCD_tse_vfl.prot",
	"RefLinesPE": 32,
	"ConsistencyInfo": "N4_VE11C_LATEST_20160120",
	"PercentPhaseFOV": 100,
	"PercentSampling": 100,
	"EchoTrainLength": 326,
	"PhaseEncodingSteps": 287,
	"AcquisitionMatrixPE": 320,
	"ReconMatrixPE": 320,
	"ParallelReductionFactorInPlane": 2,
	"PixelBandwidth": 745,
	"DwellTime": 2.1e-06,
	"PhaseEncodingDirection": "i",
	"ImageOrientationPatientDICOM": [
		0.000633488,
		0.990073,
		0.140554,
		0.00519613,
		0.140549,
		-0.99006	],
	"InPlanePhaseEncodingDirectionDICOM": "ROW",
	"ConversionSoftware": "dcm2niix",
	"ConversionSoftwareVersion": "v1.0.20200427"
}
