{
	"ECGChannelCount": 0,
	"EEGChannelCount": 160,
	"EEGReference": "REF",
	"EMGChannelCount": 0,
	"EOGChannelCount": 0,
	"InstitutionAddress": "Strasse des 17. Juni 135, 10623, Berlin, Germany",
	"InstitutionName": "Technische Universitaet zu Berlin",
	"InstitutionalDepartmentName": "Biological Psychology and Neuroergonomics",
	"MiscChannelCount": 0,
	"PowerLineFrequency": "n/a",
	"RecordingDuration": 189.560169,
	"SamplingFrequency": 999.9991082,
	"SoftwareFilters": "n/a",
	"TaskDescription": "Participants equipped with VR HMD rotated either physically or using a joystick.",
	"TaskName": "Rotation",
	"TriggerChannelCount": 0
}
