Brain Vision Data Exchange Header File Version 1.0

[Common Infos]
DataFile=sub-COF089_task-BL_acq-T2144_eeg.eeg
MarkerFile=sub-COF089_task-BL_acq-T2144_eeg.vmrk
DataFormat=BINARY
DataOrientation=MULTIPLEXED
DataType=TIMEDOMAIN
NumberOfChannels=17
SamplingInterval=5000.0
Averaged=NO
AveragedSegments=0
SegmentDataPoints=0
SegmentationType=NOTSEGMENTED
DataPoints=0
CodePage=UTF-8

[Binary Infos]
BinaryFormat=IEEE_FLOAT_32
ChannelOffset=0
DataOffset=0
SegmentHeaderSize=0
TrailerSize=0
UseBigEndianOrder=NO

[Channel Infos]
Ch1=Chin EMG,,0.09181646168401136,µV,EMG.Submental-Chin
Ch2=REF,,0.03067506942960906,µV,EEG-REF
Ch3=E1,,0.0920249031037324,µV,EOG-E1
Ch4=E2,,0.0920249031037324,µV,EOG-E2
Ch5=M1,,0.03067506942960906,µV,EEG-M1
Ch6=C3,,0.03067506942960906,µV,EEG-C3
Ch7=C4,,0.03067506942960906,µV,EEG-C4
Ch8=M2,,0.03067506942960906,µV,EEG-M2
Ch9=O1,,0.03067506942960906,µV,EEG-O1
Ch10=O2,,0.03067506942960906,µV,EEG-O2
Ch11=F3,,0.03067506942960906,µV,EEG-F3
Ch12=Fz,,0.03067506942960906,µV,EEG-Fz
Ch13=F4,,0.03067506942960906,µV,EEG-F4
Ch14=Cz,,0.03067506942960906,µV,EEG-Cz
Ch15=P3,,0.03067506942960906,µV,EEG-P3
Ch16=Pz,,0.03067506942960906,µV,EEG-Pz
Ch17=P4,,0.03067506942960906,µV,EEG-P4
