{"Manufacturer":"GE",
"ManufacturersModelName":"DISCOVERY_MR750",
"SoftwareVersions":"24_LX_MR_Software_release:DV24.0_R02_1607.b",
"MagneticFieldStrength":3,
"ReceiveCoilName":"32Ch_Head",
"MRAcquisitionType":"3D",
"PulseSequenceType":"spiral",
"PulseSequenceDetails":"GE 3d spiral pcasl product sequence: 24_LX_MR_Software_release",
"ScanningSequence":"RM",
"SequenceVariant":"NONE",
"ScanOptions":"EDR_GEMS_SPIRAL_GEMS",
"EchoTime":0.010528,
"FlipAngle":111,
"RepetitionTimePreparation":4.886,
"ArterialSpinLabelingType":"PCASL",
"PostLabelingDelay":2.025,
"BackgroundSuppression":true,
"M0Type":"Included",
"VascularCrushing":false,
"AcquisitionVoxelSize":[4,4,8],
"BackgroundSuppressionNumberPulses":4,
"BackgroundSuppressionPulseTime":[1.965,2.6,3.1,3.38],
"LabelingLocationDescription":"~8 cm below the circle of Willis, through the proximal V3 segment of the vertebral arteries",
"LabelingDistance":40,
"LabelingDuration":1.450}