{
    "Modality": "PT",
    "Manufacturer": "Siemens",
    "ManufacturersModelName": "petmct2",
    "InstitutionName": "NIH Clinical Center",
    "InstitutionalDepartmentName": "PET petmct2",
    "InstitutionAddress": "10 Center Drive, Bethesda, MD 20892",
    "DeviceSerialNumber": "60005",
    "StationName": "MIAWP60005",
    "PatientPosition": "FFS",
    "SoftwareVersions": "VG62C",
    "SeriesDescription": "PET_Brain_SF51_Dyn_TOF_SF12051_PointSpreadFunctionmodellingTimeOfFlight_sesbaseline_2eadba4ad62fb4f23399353573f98706",
    "ProtocolName": "PET_Brain_SF51_Dyn_TOF",
    "ImageType": [
        "ORIGINAL",
        "PRIMARY"
    ],
    "SeriesNumber": 5,
    "AcquisitionNumber": 2001,
    "ImageComments": "Frame 1 of 33^AC_CT_Brain",
    "Radiopharmaceutical": "SF12051",
    "RadionuclidePositronFraction": 0.9673,
    "RadionuclideTotalDose": 192030000,
    "RadionuclideHalfLife": 6586.2,
    "DoseCalibrationFactor": 32164700,
    "Units": "Bq/mL",
    "DecayCorrection": "ADMIN",
    "AttenuationCorrectionMethod": "measured,AC_CT_Brain",
    "DecayFactor": [
        1.00211,
        1.00528,
        1.00845,
        1.01164,
        1.01484,
        1.01805,
        1.02288,
        1.02936,
        1.03589,
        1.04574,
        1.05903,
        1.0827,
        1.11743,
        1.15327,
        1.19027,
        1.22844,
        1.26785,
        1.30852,
        1.35049,
        1.39381,
        1.43852,
        1.48466,
        1.53228,
        1.58143,
        1.63216,
        1.68451,
        1.73854,
        1.79431,
        1.85187,
        1.91127,
        1.97257,
        2.03585,
        2.10115
    ],
    "FrameTimesStart": [
        0,
        30,
        60,
        90,
        120,
        150,
        180,
        240,
        300,
        360,
        480,
        600,
        900,
        1200,
        1500,
        1800,
        2100,
        2400,
        2700,
        3000,
        3300,
        3600,
        3900,
        4200,
        4500,
        4800,
        5100,
        5400,
        5700,
        6000,
        6300,
        6600,
        6900
    ],
    "FrameDuration": [
        30,
        30,
        30,
        30,
        30,
        30,
        60,
        60,
        60,
        120,
        120,
        300,
        300,
        300,
        300,
        300,
        300,
        300,
        300,
        300,
        300,
        300,
        300,
        300,
        300,
        300,
        300,
        300,
        300,
        300,
        300,
        300,
        300
    ],
    "FrameReferenceTime": [
        15,
        45,
        75,
        105,
        135,
        165,
        210,
        270,
        330,
        419.937,
        539.937,
        749.605,
        1049.61,
        1349.61,
        1649.61,
        1949.61,
        2249.61,
        2549.61,
        2849.61,
        3149.61,
        3449.61,
        3749.61,
        4049.61,
        4349.61,
        4649.61,
        4949.61,
        5249.61,
        5549.61,
        5849.61,
        6149.61,
        6449.61,
        6749.61,
        7049.61
    ],
    "SliceThickness": 2,
    "ImageOrientationPatientDICOM": [
        1,
        0,
        0,
        0,
        1,
        0
    ],
    "BidsGuess": [
        "PET",
        "PET"
    ],
    "ConversionSoftware": [
        "dcm2niix",
        "pypet2bids"
    ],
    "ConversionSoftwareVersion": [
        "v1.0.20240202",
        "1.3.13"
    ],
    "ReconMethodName": "Point-Spread Function modelling Time Of Flight",
    "ReconMethodParameterUnits": [
        "none",
        "none"
    ],
    "ReconMethodParameterLabels": [
        "subsets",
        "iterations"
    ],
    "ReconMethodParameterValues": [
        21,
        3
    ],
    "AttenuationCorrection": "measured,AC_CT_Brain",
    "ScatterFraction": [
        0.26234
    ],
    "DecayCorrectionFactor": [
        1.0358851
    ],
    "TimeZero": "11:00:08",
    "ScanStart": 0,
    "InjectionStart": 0,
    "TracerRadionuclide": "[18F]",
    "TracerName": "SF12051",
    "InjectedRadioactivity": 192030,
    "InjectedRadioactivityUnits": "kBq",
    "InjectedMass": 2.3846624928275806,
    "InjectedMassUnits": "nmol",
    "SpecificRadioactivity": 80527.1188596182,
    "SpecificRadioactivityUnits": "kBq/nmol",
    "ModeOfAdministration": "bolus",
    "AcquisitionMode": "list mode",
    "ImageDecayCorrected": true,
    "ImageDecayCorrectionTime": 0,
    "MolarActivity": 80527.1188596182,
    "MolarActivityUnits": "kBq/nmol",
    "MolarActivityMeasTime": "11:00:03",
    "MolecularWeight": 1000,
    "MolecularWeightUnits": "g/mol",
    "ReconFilterSize": 2,
    "ReconFilterType": "XYZ Gauss0",
    "RepetitionTime": 0
}