{
    "AcquisitionDateTime": "2018-07-10T11:30:51.105000", 
    "AcquisitionMatrixPE": 96, 
    "AcquisitionNumber": 1, 
    "AcquisitionTime": "11:30:51.105000", 
    "BandwidthPerPixelPhaseEncode": 16.801, 
    "BaseResolution": 96, 
    "BodyPartExamined": "BRAIN", 
    "ConsistencyInfo": "N4_VE11C_LATEST_20160120", 
    "ConversionSoftware": "dcm2niix", 
    "ConversionSoftwareVersion": "v1.0.20180622 (JP2:OpenJPEG) GCC4.8.4", 
    "DerivedVendorReportedEchoSpacing": 0.000620003, 
    "DeviceSerialNumber": "166018", 
    "DwellTime": 2.5e-06, 
    "EchoTime": 0.037, 
    "EchoTrainLength": 96, 
    "EffectiveEchoSpacing": 0.000620003, 
    "FlipAngle": 60, 
    "ImageComments": "Unaliased_MB3_PE3_LB_SENSE1+", 
    "ImageOrientationPatientDICOM": [
        1, 
        0, 
        -0.000174533, 
        -0.000174533, 
        0, 
        -1
    ], 
    "ImageType": [
        "ORIGINAL", 
        "PRIMARY", 
        "M", 
        "MB", 
        "ND", 
        "NORM", 
        "MOSAIC"
    ], 
    "InPlanePhaseEncodingDirectionDICOM": "ROW", 
    "InstitutionAddress": "Washington_Place_6_NYC_NYC_US_10003", 
    "InstitutionName": "NYU_-_CBI", 
    "InstitutionalDepartmentName": "Department", 
    "MRAcquisitionType": "2D", 
    "MagneticFieldStrength": 3, 
    "Manufacturer": "Siemens", 
    "ManufacturersModelName": "Prisma", 
    "Modality": "MR", 
    "MultibandAccelerationFactor": 3, 
    "PartialFourier": 1, 
    "PatientID": "oikbt8of", 
    "PatientPosition": "HFS", 
    "PercentPhaseFOV": 100, 
    "PhaseEncodingDirection": "i", 
    "PhaseEncodingSteps": 96, 
    "PhaseResolution": 1, 
    "PixelBandwidth": 2085, 
    "ProcedureStepDescription": "Investigators_Winawer", 
    "ProtocolName": "func_run+_task-temporalpattern", 
    "PulseSequenceDetails": "%CustomerSeq%_cmrr_mbep2d_bold", 
    "ReceiveCoilActiveElements": "HC1-7;NC1,2", 
    "ReceiveCoilName": "HeadNeck_64", 
    "ReconMatrixPE": 96, 
    "ReferringPhysicianName": "Winawer", 
    "RepetitionTime": 0.85, 
    "SAR": 0.0411605, 
    "ScanOptions": "FS", 
    "ScanningSequence": "EP", 
    "SequenceName": "epfid2d1_96", 
    "SequenceVariant": "SK_SS", 
    "SeriesDescription": "func_run+_task-temporalpattern", 
    "SeriesInstanceUID": "1.3.12.2.1107.5.2.43.166018.2018071011302869838632051.0.0.0", 
    "SeriesNumber": 49, 
    "ShimSetting": [
        267, 
        -12631, 
        -8571, 
        1100, 
        -213, 
        -162, 
        -367, 
        5
    ], 
    "SliceThickness": 2, 
    "SliceTiming": [
        0, 
        0.58, 
        0.3325, 
        0.0825, 
        0.6625, 
        0.415, 
        0.165, 
        0.7475, 
        0.4975, 
        0.2475, 
        0, 
        0.58, 
        0.3325, 
        0.0825, 
        0.6625, 
        0.415, 
        0.165, 
        0.7475, 
        0.4975, 
        0.2475, 
        0, 
        0.58, 
        0.3325, 
        0.0825, 
        0.6625, 
        0.415, 
        0.165, 
        0.7475, 
        0.4975, 
        0.2475
    ], 
    "SoftwareVersions": "syngo_MR_E11", 
    "SpacingBetweenSlices": 2, 
    "StationName": "AWP166018", 
    "StudyID": "1", 
    "StudyInstanceUID": "1.3.12.2.1107.5.2.43.166018.30000018071013210078200000004", 
    "TaskName": "temporalpattern", 
    "TotalReadoutTime": 0.0589003, 
    "TxRefAmp": 215.212
}