{"Manufacturer":"Siemens",
"ManufacturersModelName":"TrioTim",
"MagneticFieldStrength":3,
"MRAcquisitionType":"2D",
"PulseSequenceType":"EPI",
"PhaseEncodingDirection":"j-",
"EchoTime":0.014,
"SliceTiming":[0,0.0452,0.0904,0.1356,0.1808,0.226,0.2712,0.3164,0.3616,0.4068,0.452,0.4972,0.5424,0.5876,0.6328,0.678,0.7232,0.7684,0.8136,0.8588,0.904,0.9492,0.9944,1.0396],
"FlipAngle":90,
"RepetitionTimePreparation":4.05,
"ArterialSpinLabelingType":"PCASL",
"PostLabelingDelay":[0.25,0.25,0.25,0.25,0.25,0.25,0.25,0.25,0.25,0.25,0.25,0.25,0.25,0.25,0.25,0.25,0.5,0.5,0.5,0.5,0.5,0.5,0.5,0.5,0.5,0.5,0.5,0.5,0.5,0.5,0.5,0.5,0.75,0.75,0.75,0.75,0.75,0.75,0.75,0.75,0.75,0.75,0.75,0.75,0.75,0.75,0.75,0.75,1.0,1.0,1.0,1.0,1.0,1.0,1.0,1.0,1.0,1.0,1.0,1.0,1.0,1.0,1.0,1.0,1.25,1.25,1.25,1.25,1.25,1.25,1.25,1.25,1.25,1.25,1.25,1.25,1.25,1.25,1.25,1.25,1.5,1.5,1.5,1.5,1.5,1.5,1.5,1.5,1.5,1.5,1.5,1.5,1.5,1.5,1.5,1.5],
"BackgroundSuppression":true,
"M0":"perf/sub-Sub1_m0scan.nii.gz",
"VascularCrushing":false,
"AcquisitionVoxelSize":[3.4375,3.4375,4.05],
"BackgroundSuppressionNumberPulses":2,
"BackgroundSuppressionPulseTime":[1.428,1.604],
"LabelingLocationDescription":"~8 cm below the circle of Willis, through the proximal V3 segment of the vertebral arteries",
"LookLocker":false,
"LabelingEfficiency":0.88,
"PCASLType":"balanced",
"LabelingDuration":1.400,
"LabelingPulseAverageGradient":0.8,
"LabelingPulseMaximumGradient":6,
"LabelingPulseDuration":0.6,
"LabelingPulseFlipAngle":20,
"LabelingPulseInterval":1
}
