{"Manufacturer":"Siemens",
"ManufacturersModelName":"TrioTim",
"MagneticFieldStrength":3,
"MRAcquisitionType":"2D",
"PulseSequenceType":"EPI",
"PhaseEncodingDirection":"j-",
"TotalReadoutTime":0.06,
"EchoTime":0.014,
"SliceTiming":[0,0.0452,0.0904,0.1356,0.1808,0.226,0.2712,0.3164,0.3616,0.4068,0.452,0.4972,0.5424,0.5876,0.6328,0.678,0.7232,0.7684,0.8136,0.8588,0.904,0.9492,0.9944,1.0396],
"FlipAngle":90,
"RepetitionTime":4.8,
"IntendedFor":"perf/sub-Sub1_asl.nii.gz"}
