{
    "TaskName": "FilteredSpeech",
    "Manufacturer": "n/a",
    "PowerLineFrequency": 60,
    "SamplingFrequency": 1000,
    "SoftwareFilters": "n/a",
    "RecordingDuration": 942.243,
    "RecordingType": "continuous",
    "ECOGChannelCount": 0,
    "SEEGChannelCount": 0,
    "EEGChannelCount": 52,
    "EOGChannelCount": 0,
    "ECGChannelCount": 0,
    "EMGChannelCount": 0,
    "MiscChannelCount": 0,
    "TriggerChannelCount": 0,
    "iEEGReference": "common average",
    "DCOffsetCorrection": "none"
}
