{"InPlanePhaseEncodingDirectionDICOM": "COL", "ConsistencyInfo": "N4_VE11C_LATEST_20160120", "ImageComments": "Unaliased_MB6_PE3_LB_SENSE1", "ProcedureStepDescription": "Projets_PredictEye", "DeviceSerialNumber": "66072", "AcquisitionMatrixPE": 100, "ImageOrientationPatientDICOM": [0.993017, 0.0447838, -0.109141, -0.0513467, 0.996991, -0.0580818], "EffectiveEchoSpacing": 0.000580013, "WipMemBlock": "8b6a9d9b-5bc0-45f5-8899-71b113e3df7e||Sequence: R016 ve11c/master r/e634e98; Dec 19 2017 11:00:25 by eja", "ManufacturersModelName": "Prisma", "ProtocolName": "task-rest_run2_bold", "PhaseEncodingDirection": "j", "BandwidthPerPixelPhaseEncode": 17.241, "TotalReadoutTime": 0.0574213, "RepetitionTime": 0.8, "MultibandAccelerationFactor": 6, "SeriesNumber": 13, "PhaseEncodingSteps": 100, "MRAcquisitionType": "2D", "SliceThickness": 2, "AcquisitionNumber": 1, "DwellTime": 2.1e-06, "TxRefAmp": 221.348, "BodyPartExamined": "HEAD", "ReceiveCoilActiveElements": "HC1-6", "DerivedVendorReportedEchoSpacing": 0.000580013, "SAR": 0.0863876, "PulseSequenceDetails": "%CustomerSeq%_cmrr_mbep2d_bold", "ScanningSequence": "EP", "Manufacturer": "Siemens", "ConversionSoftware": "dcm2niix", "PercentPhaseFOV": 100, "ReconMatrixPE": 100, "FlipAngle": 56, "SeriesDescription": "task-rest_run2_bold", "PartialFourier": 1, "ConversionSoftwareVersion": "v1.0.20200427", "ShimSetting": [-623, -10739, -606, 345, 30, 156, -89, 10], "AcquisitionTime": "16:12:48.427500", "SequenceName": "epfid2d1_100", "MagneticFieldStrength": 3, "TaskName": "rest", "PercentSampling": 100, "SpacingBetweenSlices": 2, "ImageType": ["ORIGINAL", "PRIMARY", "M", "MB", "ND", "MOSAIC"], "ReceiveCoilName": "HeadNeck_64", "EchoTime": 0.0352, "SequenceVariant": "SK_SS", "SliceTiming": [0.72, 0.64, 0.56, 0.48, 0.4, 0.32, 0.24, 0.16, 0.08, 0, 0.72, 0.64, 0.56, 0.48, 0.4, 0.32, 0.24, 0.16, 0.08, 0, 0.72, 0.64, 0.56, 0.48, 0.4, 0.32, 0.24, 0.16, 0.08, 0, 0.72, 0.64, 0.56, 0.48, 0.4, 0.32, 0.24, 0.16, 0.08, 0, 0.72, 0.64, 0.56, 0.48, 0.4, 0.32, 0.24, 0.16, 0.08, 0, 0.72, 0.64, 0.56, 0.48, 0.4, 0.32, 0.24, 0.16, 0.08, 0], "ImagingFrequency": 123.232, "EchoTrainLength": 100, "BaseResolution": 100, "PixelBandwidth": 2380, "ScanOptions": "FS_EXT", "PhaseResolution": 1, "SoftwareVersions": "syngo_MR_E11", "StationName": "AWP66072", "Modality": "MR", "InstitutionalDepartmentName": "Department", "PatientPosition": "HFS"}