Brain Vision Data Exchange Header File Version 1.0
; Data created by the Vision Recorder

[Common Infos]
Codepage=UTF-8
DataFile=sub-35_task-rest_eeg.eeg
MarkerFile=sub-35_task-rest_eeg.vmrk
DataFormat=BINARY
; Data orientation: MULTIPLEXED=ch1,pt1, ch2,pt1 ...
DataOrientation=MULTIPLEXED
NumberOfChannels=64
; Sampling interval in microseconds
SamplingInterval=200

[Binary Infos]
BinaryFormat=INT_16

[Channel Infos]
; Each entry: Ch<Channel number>=<Name>,<Reference channel name>,
; <Resolution in "Unit">,<Unit>, Future extensions..
; Fields are delimited by commas, some fields might be omitted (empty).
; Commas in channel names are coded as "\1".
Ch1=Fp1,,0.5,µV
Ch2=Fp2,,0.5,µV
Ch3=F3,,0.5,µV
Ch4=F4,,0.5,µV
Ch5=C3,,0.5,µV
Ch6=C4,,0.5,µV
Ch7=P3,,0.5,µV
Ch8=P4,,0.5,µV
Ch9=O1,,0.5,µV
Ch10=O2,,0.5,µV
Ch11=F7,,0.5,µV
Ch12=F8,,0.5,µV
Ch13=T7,,0.5,µV
Ch14=T8,,0.5,µV
Ch15=P7,,0.5,µV
Ch16=P8,,0.5,µV
Ch17=Fz,,0.5,µV
Ch18=Cz,,0.5,µV
Ch19=Pz,,0.5,µV
Ch20=Oz,,0.5,µV
Ch21=FC1,,0.5,µV
Ch22=FC2,,0.5,µV
Ch23=CP1,,0.5,µV
Ch24=CP2,,0.5,µV
Ch25=FC5,,0.5,µV
Ch26=FC6,,0.5,µV
Ch27=CP5,,0.5,µV
Ch28=CP6,,0.5,µV
Ch29=TP9,,0.5,µV
Ch30=TP10,,0.5,µV
Ch31=POz,,0.5,µV
Ch32=ECG,,0.5,µV
Ch33=AF3,,0.5,µV
Ch34=AF4,,0.5,µV
Ch35=FC3,,0.5,µV
Ch36=FC4,,0.5,µV
Ch37=CP3,,0.5,µV
Ch38=CP4,,0.5,µV
Ch39=PO3,,0.5,µV
Ch40=PO4,,0.5,µV
Ch41=F5,,0.5,µV
Ch42=F6,,0.5,µV
Ch43=C5,,0.5,µV
Ch44=C6,,0.5,µV
Ch45=P5,,0.5,µV
Ch46=P6,,0.5,µV
Ch47=AF7,,0.5,µV
Ch48=AF8,,0.5,µV
Ch49=FT7,,0.5,µV
Ch50=FT8,,0.5,µV
Ch51=TP7,,0.5,µV
Ch52=TP8,,0.5,µV
Ch53=PO7,,0.5,µV
Ch54=PO8,,0.5,µV
Ch55=FT9,,0.5,µV
Ch56=FT10,,0.5,µV
Ch57=P9,,0.5,µV
Ch58=P10,,0.5,µV
Ch59=PO9,,0.5,µV
Ch60=PO10,,0.5,µV
Ch61=O9,,0.5,µV
Ch62=O10,,0.5,µV
Ch63=Fpz,,0.5,µV
Ch64=CPz,,0.5,µV

[Comment]

A m p l i f i e r  S e t u p
============================
Number of channels: 64
Sampling Rate [Hz]: 5000
Sampling Interval [µS]: 200

Channels
--------
#     Name      Phys. Chn.    Resolution / Unit   Low Cutoff [s]   High Cutoff [Hz]   Notch [Hz]
1     Fp1         1                0.5 µV             10              250              Off
2     Fp2         2                0.5 µV             10              250              Off
3     F3          3                0.5 µV             10              250              Off
4     F4          4                0.5 µV             10              250              Off
5     C3          5                0.5 µV             10              250              Off
6     C4          6                0.5 µV             10              250              Off
7     P3          7                0.5 µV             10              250              Off
8     P4          8                0.5 µV             10              250              Off
9     O1          9                0.5 µV             10              250              Off
10    O2          10               0.5 µV             10              250              Off
11    F7          11               0.5 µV             10              250              Off
12    F8          12               0.5 µV             10              250              Off
13    T7          13               0.5 µV             10              250              Off
14    T8          14               0.5 µV             10              250              Off
15    P7          15               0.5 µV             10              250              Off
16    P8          16               0.5 µV             10              250              Off
17    Fz          17               0.5 µV             10              250              Off
18    Cz          18               0.5 µV             10              250              Off
19    Pz          19               0.5 µV             10              250              Off
20    Oz          20               0.5 µV             10              250              Off
21    FC1         21               0.5 µV             10              250              Off
22    FC2         22               0.5 µV             10              250              Off
23    CP1         23               0.5 µV             10              250              Off
24    CP2         24               0.5 µV             10              250              Off
25    FC5         25               0.5 µV             10              250              Off
26    FC6         26               0.5 µV             10              250              Off
27    CP5         27               0.5 µV             10              250              Off
28    CP6         28               0.5 µV             10              250              Off
29    TP9         29               0.5 µV             10              250              Off
30    TP10        30               0.5 µV             10              250              Off
31    POz         31               0.5 µV             10              250              Off
32    ECG         32               0.5 µV             10              250              Off
33    AF3         33               0.5 µV             10              250              Off
34    AF4         34               0.5 µV             10              250              Off
35    FC3         35               0.5 µV             10              250              Off
36    FC4         36               0.5 µV             10              250              Off
37    CP3         37               0.5 µV             10              250              Off
38    CP4         38               0.5 µV             10              250              Off
39    PO3         39               0.5 µV             10              250              Off
40    PO4         40               0.5 µV             10              250              Off
41    F5          41               0.5 µV             10              250              Off
42    F6          42               0.5 µV             10              250              Off
43    C5          43               0.5 µV             10              250              Off
44    C6          44               0.5 µV             10              250              Off
45    P5          45               0.5 µV             10              250              Off
46    P6          46               0.5 µV             10              250              Off
47    AF7         47               0.5 µV             10              250              Off
48    AF8         48               0.5 µV             10              250              Off
49    FT7         49               0.5 µV             10              250              Off
50    FT8         50               0.5 µV             10              250              Off
51    TP7         51               0.5 µV             10              250              Off
52    TP8         52               0.5 µV             10              250              Off
53    PO7         53               0.5 µV             10              250              Off
54    PO8         54               0.5 µV             10              250              Off
55    FT9         55               0.5 µV             10              250              Off
56    FT10        56               0.5 µV             10              250              Off
57    P9          57               0.5 µV             10              250              Off
58    P10         58               0.5 µV             10              250              Off
59    PO9         59               0.5 µV             10              250              Off
60    PO10        60               0.5 µV             10              250              Off
61    O9          61               0.5 µV             10              250              Off
62    O10         62               0.5 µV             10              250              Off
63    Fpz         63               0.5 µV             10              250              Off
64    CPz         64               0.5 µV             10              250              Off

S o f t w a r e  F i l t e r s
==============================
Disabled


Impedance [kOhm] at 15:57:39 :
Fp1:          2
Fp2:          2
F3:           2
F4:           4
C3:           1
C4:           1
P3:           2
P4:           3
O1:           1
O2:           5
F7:           6
F8:           3
T7:           2
T8:          12
P7:           2
P8:          16
Fz:           9
Cz:           8
Pz:           2
Oz:           3
FC1:          0
FC2:          0
CP1:         11
CP2:          3
FC5:          5
FC6:          4
CP5:          4
CP6:          4
TP9:      Out of Range!
TP10:        42
POz:          2
ECG:         42
AF3:          1
AF4:          0
FC3:          3
FC4:          2
CP3:          2
CP4:          2
PO3:          2
PO4:          4
F5:           1
F6:           7
C5:           5
C6:           4
P5:           2
P6:           2
AF7:          4
AF8:          3
FT7:          3
FT8:          2
TP7:          3
TP8:         34
PO7:          3
PO8:         15
FT9:      Out of Range!
FT10:        48
P9:           2
P10:          6
PO9:          8
PO10:         3
O9:           2
O10:          7
Fpz:          2
CPz:          4
Ref:        ???
Gnd:        ???
