{
	"Modality": "MR",
	"MagneticFieldStrength": 3,
	"Manufacturer": "Siemens",
	"ManufacturersModelName": "Trio",
	"InstitutionName": "DRCMR_HVIDOVRE",
	"InstitutionAddress": "30Kettegaard_Alle_Copenhagen_Hvidovre_DK-2650_DK",
	"DeviceSerialNumber": "20511",
	"StationName": "MRC20511",
	"ProcedureStepDescription": "Hjerne_projekter_Cimbi_SAD",
	"SoftwareVersions": "syngo_MR_A30_4VA30A",
	"SeriesDescription": "t1_mpr_ns_sag_1mm_noring",
	"ProtocolName": "t1_mpr_ns_sag_1mm_noring",
	"ScanningSequence": "IR_GR",
	"SequenceVariant": "SP_MP",
	"ScanOptions": "IR",
	"SequenceName": "_tfl3d1_ns",
	"ImageType": ["ORIGINAL", "PRIMARY", "M", "ND"],
	"AcquisitionTime": "08:14:54.650000",
	"AcquisitionNumber": 1,
	"ImageComments": "50524",
	"EchoTime": 0.00304,
	"RepetitionTime": 1.55,
	"InversionTime": 0.8,
	"FlipAngle": 9,
	"PartialFourier": 1,
	"BaseResolution": 256,
	"PhaseResolution": 1,
	"ReceiveCoilName": "8_Channel_Head",
	"PulseSequenceDetails": "%SiemensSeq%_tfl",
	"PercentPhaseFOV": 100,
	"PhaseEncodingSteps": 256,
	"AcquisitionMatrixPE": 256,
	"ReconMatrixPE": 256,
	"ConversionSoftware": "dcm2niix",
	"ConversionSoftwareVersion": "v1.0.20170923 (OpenJPEG build) GCC4.8.4"
}
