{"Manufacturer":"Siemens",
"ManufacturersModelName":"Prisma_fit",
"SoftwareVersions":"syngo_MR_E11",
"MagneticFieldStrength":3,
"ReceiveCoilName":"HeadNeck_64",
"ReceiveCoilActiveElements":"HC1-7;NC1_2",
"ScanningSequence":"GR_IR",
"SequenceVariant":"SK_SP_MP",
"ScanOptions":"IR",
"SequenceName":"_tfl3d1_16ns",
"PulseSequenceDetails":"%SiemensSeq%_tfl",
"ParallelReductionFactorInPlane":2,
"PartialFourier":1,
"EchoTime":0.00295,
"InversionTime":0.9,
"DwellTime":8.199999999999999e-06,
"FlipAngle":9,
"RepetitionTime":2.3}
