{
	"Modality": "MR",
	"MagneticFieldStrength": 3,
	"ImagingFrequency": 123.213411,
	"Manufacturer": "Siemens",
	"ManufacturersModelName": "MAGNETOM Vida",
	"BodyPartExamined": "BRAIN",
	"PatientPosition": "HFS",
	"SoftwareVersions": "syngo MR XA50",
	"MRAcquisitionType": "2D",
	"SeriesDescription": "DWI_2p5mm_AllDerivatives_Free",
	"ProtocolName": "DWI_2p5mm_AllDerivatives_Free",
	"ScanningSequence": "EP",
	"SequenceVariant": "SK\\SP",
	"ScanOptions": "FS",
	"PulseSequenceName": "*epse2d1_96",
	"ImageType": ["ORIGINAL", "PRIMARY", "DIFFUSION", "NONE"],
	"ImageTypeText": ["ORIGINAL", "PRIMARY", "DIFFUSION", "NONE", "ND", "NORM"],
	"NonlinearGradientCorrection": false,
	"SeriesNumber": 136,
	"AcquisitionTime": "16:28:5.352500",
	"AcquisitionNumber": 1,
	"SliceThickness": 2.5,
	"SpacingBetweenSlices": 2.5,
	"EchoTime": 0.085,
	"RepetitionTime": 4.5,
	"MTState": false,
	"FlipAngle": 90,
	"PartialFourier": 1,
	"BaseResolution": 96,
	"ShimSetting": [
		2161,
		-4596,
		-2252,
		507,
		29,
		-351,
		-55,
		-7	],
	"DiffusionScheme": "Bipolar",
	"TxRefAmp": 333.194,
	"PhaseResolution": 1,
	"ReceiveCoilName": "HeadNeck_64_CS",
	"ReceiveCoilActiveElements": "HC1-7",
	"CoilString": "HeadNeck_64_CS",
	"PulseSequenceDetails": "%SiemensSeq%\\ep2d_diff",
	"RefLinesPE": 24,
	"CoilCombinationMethod": "Adaptive Combine",
	"MultibandAccelerationFactor": 2,
	"PercentPhaseFOV": 100,
	"PercentSampling": 100,
	"EchoTrainLength": 47,
	"PhaseEncodingSteps": 96,
	"FrequencyEncodingSteps": 96,
	"AcquisitionMatrixPE": 96,
	"ReconMatrixPE": 96,
	"BandwidthPerPixelPhaseEncode": 35.92,
	"ParallelReductionFactorInPlane": 2,
	"ParallelAcquisitionTechnique": "SMS",
	"EffectiveEchoSpacing": 0.000289996,
	"DerivedVendorReportedEchoSpacing": 0.000579993,
	"AcquisitionDuration": 195.33,
	"TotalReadoutTime": 0.0275496,
	"PixelBandwidth": 2003,
	"DwellTime": 2.6e-06,
	"PhaseEncodingDirection": "j-",
	"SliceTiming": [
		3.285,
		0,
		2.24,
		0.15,
		2.39,
		0.2975,
		2.5375,
		0.4475,
		2.6875,
		0.5975,
		2.8375,
		0.7475,
		2.9875,
		0.895,
		3.135,
		1.195,
		3.435,
		1.3425,
		3.5825,
		1.4925,
		3.7325,
		1.6425,
		3.8825,
		1.7925,
		4.0325,
		1.94,
		4.18,
		2.09,
		4.33,
		1.045,
		3.285,
		0,
		2.24,
		0.15,
		2.39,
		0.2975,
		2.5375,
		0.4475,
		2.6875,
		0.5975,
		2.8375,
		0.7475,
		2.9875,
		0.895,
		3.135,
		1.195,
		3.435,
		1.3425,
		3.5825,
		1.4925,
		3.7325,
		1.6425,
		3.8825,
		1.7925,
		4.0325,
		1.94,
		4.18,
		2.09,
		4.33,
		1.045	],
	"ImageOrientationPatientDICOM": [
		0.999631,
		-0.000740811,
		-0.0271479,
		-6.72663e-09,
		0.999628,
		-0.0272781	],
	"InPlanePhaseEncodingDirectionDICOM": "COL",
	"ConversionSoftware": "dcm2niix",
	"ConversionSoftwareVersion": "v1.0.20230411"
}
