{
	"TaskName": "FaceHouseCheck",
	"TaskDescription": "Visual presentation of oval cropped face and house images both upright and inverted. Rare left or right half oval checkerboards were presetned as targets for keypress response.",
	"InstitutionName": "Brock University",
	"InstitutionAddress": "500 Glenridge Ave, St.Catharines, Ontario",
	"SamplingFrequency": 256,
	"EEGChannelCount": 128,
	"EOGChannelCount": 7,
	"EMGChannelCount": 0,
	"ECGChannelCount": 0,
	"EEGReference": "CMS",
	"MiscChannelCount": 0,
	"TriggerChannelCount": 0,
	"PowerLineFrequency": 60,
	"EEGPlacementScheme": "Custom equidistant 128 channel BioSemi montage established in coordination with Judith Schedden McMaster Univertisy",
	"Manufacturer": "BioSemi",
	"CapManufacturer": "ElectroCap International",
	"HardwareFilters": "n/a",
	"SoftwareFilters": "n/a",
	"RecordingType": "continuous",
	"RecordingDuration": 1201
}
