{
    "TaskName": "visual",
    "Manufacturer": "Tucker Davis Technologies",
    "TaskDescription": "visual gratings and noise patterns",
    "Instructions": "look at the dot in the center of the screen and press the button when it changes color",
    "InstitutionName": "Stanford Hospital and Clinics",
    "InstitutionAddress": "300 Pasteur Dr, Stanford, CA 94305",
    "EEGChannelCount": 0,
    "EOGChannelCount": 0,
    "ECGChannelCount": 0,
    "EMGChannelCount": 0,
    "MiscChannelCount": 0,
    "TriggerChannelCount": 0,
    "PowerLineFrequency": 60,
    "RecordingDuration": 233.639,
    "RecordingType": "continuous",
    "EpochLength": 0,
    "ECOGChannelCount": 118,
    "SEEGDepthChannelCount": 0,
    "iEEGPlacementScheme": "right occipital temporal surface",
    "iEEGReferenceScheme": "intracranial channel not included with data"
}