Brain Vision Data Exchange Header File Version 1.0
; Data created by FieldTrip

[Common Infos]
DataFile=sub-01_ses-01_task-visual_run-01_ieeg.eeg
MarkerFile=sub-01_ses-01_task-visual_run-01_ieeg.vmrk
DataFormat=BINARY
DataOrientation=MULTIPLEXED
NumberOfChannels=118
SamplingInterval=3.276540e+02

[Binary Infos]
BinaryFormat=IEEE_FLOAT_32

[Channel Infos]
Ch1=1,,1
Ch2=2,,1
Ch3=3,,1
Ch4=4,,1
Ch5=5,,1
Ch6=6,,1
Ch7=7,,1
Ch8=8,,1
Ch9=9,,1
Ch10=10,,1
Ch11=11,,1
Ch12=12,,1
Ch13=13,,1
Ch14=14,,1
Ch15=15,,1
Ch16=16,,1
Ch17=17,,1
Ch18=18,,1
Ch19=19,,1
Ch20=20,,1
Ch21=21,,1
Ch22=22,,1
Ch23=23,,1
Ch24=24,,1
Ch25=25,,1
Ch26=26,,1
Ch27=27,,1
Ch28=28,,1
Ch29=29,,1
Ch30=30,,1
Ch31=31,,1
Ch32=32,,1
Ch33=33,,1
Ch34=34,,1
Ch35=35,,1
Ch36=36,,1
Ch37=37,,1
Ch38=38,,1
Ch39=39,,1
Ch40=40,,1
Ch41=41,,1
Ch42=42,,1
Ch43=43,,1
Ch44=44,,1
Ch45=45,,1
Ch46=46,,1
Ch47=47,,1
Ch48=48,,1
Ch49=49,,1
Ch50=50,,1
Ch51=51,,1
Ch52=52,,1
Ch53=53,,1
Ch54=54,,1
Ch55=55,,1
Ch56=56,,1
Ch57=57,,1
Ch58=58,,1
Ch59=59,,1
Ch60=60,,1
Ch61=61,,1
Ch62=62,,1
Ch63=63,,1
Ch64=64,,1
Ch65=65,,1
Ch66=66,,1
Ch67=67,,1
Ch68=68,,1
Ch69=69,,1
Ch70=70,,1
Ch71=71,,1
Ch72=72,,1
Ch73=73,,1
Ch74=74,,1
Ch75=75,,1
Ch76=76,,1
Ch77=77,,1
Ch78=78,,1
Ch79=79,,1
Ch80=80,,1
Ch81=81,,1
Ch82=82,,1
Ch83=83,,1
Ch84=84,,1
Ch85=85,,1
Ch86=86,,1
Ch87=87,,1
Ch88=88,,1
Ch89=89,,1
Ch90=90,,1
Ch91=91,,1
Ch92=92,,1
Ch93=93,,1
Ch94=94,,1
Ch95=95,,1
Ch96=96,,1
Ch97=97,,1
Ch98=98,,1
Ch99=99,,1
Ch100=100,,1
Ch101=101,,1
Ch102=102,,1
Ch103=103,,1
Ch104=104,,1
Ch105=105,,1
Ch106=106,,1
Ch107=107,,1
Ch108=108,,1
Ch109=109,,1
Ch110=110,,1
Ch111=111,,1
Ch112=112,,1
Ch113=113,,1
Ch114=114,,1
Ch115=115,,1
Ch116=116,,1
Ch117=117,,1
Ch118=118,,1
