{
	"ECGChannelCount": 0,
	"EEGChannelCount": 160,
	"EMGChannelCount": 0,
	"EOGChannelCount": 0,
	"InstitutionAddress": "Strasse des 17. Juni 135, 10623, Berlin, Germany",
	"InstitutionName": "Technische Universitaet zu Berlin",
	"InstitutionalDepartmentName": "Biological Psychology and Neuroergonomics",
	"MiscChannelCount": 0,
	"RecordingDuration": 196.6799128,
	"SamplingFrequency": 1000.000443,
	"TaskDescription": "Participants equipped with VR HMD rotated either physically or using a joystick.",
	"TaskName": "spotrotation",
	"TriggerChannelCount": 0
}
