{
    "TaskName": "movie",
    "Manufacturer": "CTF",
    "PowerLineFrequency": 60,
    "SamplingFrequency": 1200.0,
    "SoftwareFilters": "n/a",
    "RecordingDuration": 511.99916666666667,
    "RecordingType": "continuous",
    "DewarPosition": "upright",
    "DigitizedLandmarks": true,
    "DigitizedHeadPoints": false,
    "MEGChannelCount": 272,
    "MEGREFChannelCount": 272,
    "EEGChannelCount": 0,
    "EOGChannelCount": 0,
    "ECGChannelCount": 0,
    "EMGChannelCount": 0,
    "MiscChannelCount": 82,
    "TriggerChannelCount": 1,
    "InstitutionName": "National Institute of Mental Health",
    "InstitutionAddress": "9000 Rockville Pike, Bethesda, MD 20892",
    "ManufacturersModelName": "CTF-275",
    "SoftwareVersions": "Acq 6.1.14-beta-el6_8.x86_64-20180116-3847",
    "TaskDescription": "Participants passively view a Dutch short film by Sil Van Der Woerd, \u201cGroei/Growth\u201d. The film covers a span of twenty years in the life of a family. There is no dialogue. Smooth transitions between scenes give the impression of one continuous shot.",
    "Instructions": "'For this task, all you need to do is watch the film. First we will do a quick sound check.\u2019",
    "CogAtlasID": "https://www.cognitiveatlas.org/task/id/trm_4c898da401420/",
    "DeviceSerialNumber": "M015_1609",
    "HeadCoilFrequency": [
        435.0,
        465.0,
        52.0
    ],
    "ECOGChannelCount": 0,
    "SEEGChannelCount": 0,
    "ContinuousHeadLocalization": false,
    "SubjectArtefactDescription": "n/a",
    "EEGPlacementScheme": "n/a",
    "CapManufacturer": "n/a",
    "CapManufacturersModelName": "n/a",
    "EEGReference": "n/a"
}