{
    "TaskName": "rest",
    "Manufacturer": "CTF",
    "PowerLineFrequency": 60,
    "SamplingFrequency": 1200.0,
    "SoftwareFilters": "n/a",
    "RecordingDuration": 359.99916666666667,
    "RecordingType": "continuous",
    "DewarPosition": "upright",
    "DigitizedLandmarks": true,
    "DigitizedHeadPoints": false,
    "MEGChannelCount": 272,
    "MEGREFChannelCount": 272,
    "EEGChannelCount": 0,
    "EOGChannelCount": 0,
    "ECGChannelCount": 0,
    "EMGChannelCount": 0,
    "MiscChannelCount": 77,
    "TriggerChannelCount": 1,
    "InstitutionName": "National Institute of Mental Health",
    "InstitutionAddress": "9000 Rockville Pike, Bethesda, MD 20892",
    "ManufacturersModelName": "CTF-275",
    "SoftwareVersions": "Acq 6.1.14-beta-el6_8.x86_64-20180116-3847",
    "TaskDescription": "Participants relax for six minutes with their eyes closed.",
    "Instructions": "'The next scan is a resting state scan. For this scan, please just relax with your eyes closed and remain still. This scan is 6 minutes long.\u201d",
    "CogAtlasID": "https://www.cognitiveatlas.org/task/id/trm_54e69c642d89b/",
    "DeviceSerialNumber": "M015_1609",
    "HeadCoilFrequency": [
        435.0,
        465.0,
        52.0
    ],
    "ECOGChannelCount": 0,
    "SEEGChannelCount": 0,
    "ContinuousHeadLocalization": false,
    "SubjectArtefactDescription": "n/a",
    "EEGPlacementScheme": "n/a",
    "CapManufacturer": "n/a",
    "CapManufacturersModelName": "n/a",
    "EEGReference": "n/a"
}