{
  "Modality": "MR",
  "MagneticFieldStrength": 3,
  "ImagingFrequency": 123.249,
  "Manufacturer": "Siemens",
  "ManufacturersModelName": "Prisma_fit",
  "BodyPartExamined": "BRAIN",
  "PatientPosition": "HFS",
  "SoftwareVersions": "syngo MR E11",
  "MRAcquisitionType": "2D",
  "SeriesDescription": "mbPCASLhr_PA",
  "ProtocolName": "mbPCASLhr_PA",
  "ScanningSequence": "EP",
  "SequenceVariant": "SK",
  "ScanOptions": "PFP\\FS",
  "SequenceName": "mbPCASL2d1_86",
  "ImageType": [
    "ORIGINAL",
    "PRIMARY",
    "M",
    "ND",
    "MOSAIC"
  ],
  "SeriesNumber": 40,
  "AcquisitionNumber": 1,
  "SliceThickness": 2.27,
  "SpacingBetweenSlices": 2.497,
  "SAR": 0.398268,
  "EchoTime": 0.019,
  "RepetitionTime": 3.58,
  "FlipAngle": 90,
  "PartialFourier": 0.75,
  "BaseResolution": 86,
  "ShimSetting": [
    4722,
    5675,
    763,
    454,
    110,
    176,
    8,
    -58
  ],
  "TxRefAmp": 252.904,
  "PhaseResolution": 1,
  "ReceiveCoilName": "Head_32",
  "ReceiveCoilActiveElements": "HEA;HEP",
  "PulseSequenceDetails": "%CustomerSeq%\\PCASL_C2P_XFL",
  "RefLinesPE": 12,
  "CoilCombinationMethod": "Sum of Squares",
  "ConsistencyInfo": "N4_VE11E_LATEST_20181129",
  "MultibandAccelerationFactor": 6,
  "PercentPhaseFOV": 100,
  "PercentSampling": 100,
  "EchoTrainLength": 65,
  "PhaseEncodingSteps": 65,
  "AcquisitionMatrixPE": 86,
  "ReconMatrixPE": 86,
  "BandwidthPerPixelPhaseEncode": 20.4,
  "EffectiveEchoSpacing": 0.000569995,
  "DerivedVendorReportedEchoSpacing": 0.000569995,
  "TotalReadoutTime": 0.0484496,
  "PixelBandwidth": 2325,
  "DwellTime": 2.5e-06,
  "PhaseEncodingDirection": "j",
  "SliceTiming": [
    0,
    0.06,
    0.1175,
    0.1775,
    0.2375,
    0.295,
    0.355,
    0.4125,
    0.4725,
    0.5325,
    0,
    0.06,
    0.1175,
    0.1775,
    0.2375,
    0.295,
    0.355,
    0.4125,
    0.4725,
    0.5325,
    0,
    0.06,
    0.1175,
    0.1775,
    0.2375,
    0.295,
    0.355,
    0.4125,
    0.4725,
    0.5325,
    0,
    0.06,
    0.1175,
    0.1775,
    0.2375,
    0.295,
    0.355,
    0.4125,
    0.4725,
    0.5325,
    0,
    0.06,
    0.1175,
    0.1775,
    0.2375,
    0.295,
    0.355,
    0.4125,
    0.4725,
    0.5325,
    0,
    0.06,
    0.1175,
    0.1775,
    0.2375,
    0.295,
    0.355,
    0.4125,
    0.4725,
    0.5325
  ],
  "ImageOrientationPatientDICOM": [
    0.998106,
    0.0407013,
    0.0461229,
    -0.0395646,
    0.998897,
    -0.0252958
  ],
  "ImageOrientationText": "Tra>Sag(2.7)>Cor(-1.3)",
  "InPlanePhaseEncodingDirectionDICOM": "COL",
  "ConversionSoftware": "dcm2niix",
  "ConversionSoftwareVersion": "v1.0.20211006",
  "B0FieldSource": "pepolar_b0s",
  "RepetitionTimePreparation": [
    3.58,
    3.58,
    3.58,
    3.58,
    3.58,
    3.58,
    3.58,
    3.58,
    3.58,
    3.58,
    3.58,
    3.58,
    3.58,
    3.58,
    3.58,
    3.58,
    3.58,
    3.58,
    3.58,
    3.58,
    3.58,
    3.58,
    3.58,
    3.58,
    3.58,
    3.58,
    3.58,
    3.58,
    3.58,
    3.58,
    3.58,
    3.58,
    3.58,
    3.58,
    3.58,
    3.58,
    3.58,
    3.58,
    3.58,
    3.58,
    3.58,
    3.58,
    3.58,
    3.58,
    3.58,
    3.58,
    3.58,
    3.58,
    3.58,
    3.58,
    3.58,
    3.58,
    3.58,
    3.58,
    3.58,
    3.58,
    3.58,
    3.58,
    3.58,
    3.58,
    3.58,
    3.58,
    3.58,
    3.58,
    3.58,
    3.58,
    3.58,
    3.58,
    3.58,
    3.58,
    3.58,
    3.58,
    3.58,
    3.58,
    3.58,
    3.58,
    3.58,
    3.58,
    3.58,
    3.58,
    3.58,
    3.58,
    3.58,
    3.58,
    3.58,
    3.58,
    3.58,
    3.58,
    8.0,
    8.0
  ],
  "ArterialSpinLabelingType": "PCASL",
  "PostLabelingDelay": [
    0.2,
    0.2,
    0.2,
    0.2,
    0.2,
    0.2,
    0.2,
    0.2,
    0.2,
    0.2,
    0.2,
    0.2,
    0.7,
    0.7,
    0.7,
    0.7,
    0.7,
    0.7,
    0.7,
    0.7,
    0.7,
    0.7,
    0.7,
    0.7,
    1.2,
    1.2,
    1.2,
    1.2,
    1.2,
    1.2,
    1.2,
    1.2,
    1.2,
    1.2,
    1.2,
    1.2,
    1.7,
    1.7,
    1.7,
    1.7,
    1.7,
    1.7,
    1.7,
    1.7,
    1.7,
    1.7,
    1.7,
    1.7,
    1.7,
    1.7,
    1.7,
    1.7,
    1.7,
    1.7,
    1.7,
    1.7,
    2.2,
    2.2,
    2.2,
    2.2,
    2.2,
    2.2,
    2.2,
    2.2,
    2.2,
    2.2,
    2.2,
    2.2,
    2.2,
    2.2,
    2.2,
    2.2,
    2.2,
    2.2,
    2.2,
    2.2,
    2.2,
    2.2,
    2.2,
    2.2,
    2.2,
    2.2,
    2.2,
    2.2,
    2.2,
    2.2,
    0.0,
    0.0,
    0.0,
    0.0
  ],
  "BackgroundSuppression": false,
  "M0Type": "Included",
  "TotalAcquiredPairs": 43,
  "AcquisitionVoxelSize": [
    2.5,
    2.5,
    2.497
  ],
  "LabelingDuration": [
    1.5,
    1.5,
    1.5,
    1.5,
    1.5,
    1.5,
    1.5,
    1.5,
    1.5,
    1.5,
    1.5,
    1.5,
    1.5,
    1.5,
    1.5,
    1.5,
    1.5,
    1.5,
    1.5,
    1.5,
    1.5,
    1.5,
    1.5,
    1.5,
    1.5,
    1.5,
    1.5,
    1.5,
    1.5,
    1.5,
    1.5,
    1.5,
    1.5,
    1.5,
    1.5,
    1.5,
    1.5,
    1.5,
    1.5,
    1.5,
    1.5,
    1.5,
    1.5,
    1.5,
    1.5,
    1.5,
    1.5,
    1.5,
    1.5,
    1.5,
    1.5,
    1.5,
    1.5,
    1.5,
    1.5,
    1.5,
    1.5,
    1.5,
    1.5,
    1.5,
    1.5,
    1.5,
    1.5,
    1.5,
    1.5,
    1.5,
    1.5,
    1.5,
    1.5,
    1.5,
    1.5,
    1.5,
    1.5,
    1.5,
    1.5,
    1.5,
    1.5,
    1.5,
    1.5,
    1.5,
    1.5,
    1.5,
    1.5,
    1.5,
    1.5,
    1.5,
    0.0,
    0.0,
    0.0,
    0.0
  ]
}