{
 "InPlanePhaseEncodingDirectionDICOM": "ROW",
 "InversionTime": 0.9,
 "ImageComments": "V",
 "ProcedureStepDescription": "CBU_Neuroimaging",
 "DeviceSerialNumber": "35119",
 "AcquisitionMatrixPE": 246,
 "ManufacturersModelName": "TrioTim",
 "ProtocolName": "CBU_MPRAGE",
 "RepetitionTime": 2.25,
 "PhaseEncodingSteps": 215,
 "MRAcquisitionType": "3D",
 "ParallelReductionFactorInPlane": 2,
 "SliceThickness": 1,
 "AcquisitionNumber": 1,
 "InstitutionName": "MRC Cognition and Brain Sciences Unit",
 "DwellTime": 8.5e-06,
 "PulseSequenceDetails": "%SiemensSeq%_tfl",
 "ScanningSequence": "GR_IR",
 "Manufacturer": "Siemens",
 "ConversionSoftware": "dcm2niix",
 "PercentPhaseFOV": 100,
 "ReconMatrixPE": 256,
 "FlipAngle": 9,
 "ConversionSoftwareVersion": "v1.0.20171215 GCC4.4.7",
 "SeriesDescription": "CBU_MPRAGE",
 "PartialFourier": 0.875,
 "InstitutionAddress": "15 Chaucer Road, Cambridge CB2 7EF, UK",
 "SequenceName": "_tfl3d1_ns",
 "MagneticFieldStrength": 3,
 "ImageType": [
  "ORIGINAL",
  "PRIMARY",
  "M",
  "ND",
  "NORM"
 ],
 "ReceiveCoilName": "HeadMatrix",
 "EchoTime": 0.00298,
 "SequenceVariant": "SP_MP_OSP",
 "PhaseResolution": 0.96,
 "BaseResolution": 256,
 "PixelBandwidth": 230,
 "ScanOptions": "IR_PFP",
 "SoftwareVersions": "syngo_MR_B15",
 "StationName": "MRC35119",
 "Modality": "MR",
 "PatientPosition": "HFS",
 "PulseSequenceType": "MPRAGE"
}