{
 "InPlanePhaseEncodingDirectionDICOM": "COL",
 "ImageComments": "V",
 "ProcedureStepDescription": "CBU_Neuroimaging",
 "DeviceSerialNumber": "35119",
 "AcquisitionMatrixPE": 64,
 "ImageOrientationPatientDICOM": [0.999864,0.005398,0.015583,0,0.94491,-0.32733],
 "EffectiveEchoSpacing": 0.000510004,
 "TotalReadoutTime": 0.0321303,
 "ManufacturersModelName": "TrioTim",
 "ProtocolName": "CBU_DWEPI_BOLD210",
 "PhaseEncodingDirection": "j-",
 "BandwidthPerPixelPhaseEncode": 30.637,
 "RepetitionTime": 2,
 "PhaseEncodingSteps": 64,
 "MRAcquisitionType": "2D",
 "SliceThickness": 3,
 "AcquisitionNumber": 1,
 "InstitutionName": "MRC Cognition and Brain Sciences Unit",
 "DwellTime": 3.5e-06,
 "TxRefAmp": 295.172,
 "DerivedVendorReportedEchoSpacing": 0.000510004,
 "SAR": 0.114176,
 "PulseSequenceDetails": "%SiemensSeq%_ep2d_bold",
 "ScanningSequence": "EP",
 "Manufacturer": "Siemens",
 "ConversionSoftware": "dcm2niix",
 "PercentPhaseFOV": 100,
 "ReconMatrixPE": 64,
 "FlipAngle": 78,
 "ConversionSoftwareVersion": "v1.0.20171215 GCC4.4.7",
 "SeriesDescription": "CBU_DWEPI_BOLD210",
 "PartialFourier": 1,
 "InstitutionAddress": "15 Chaucer Road, Cambridge CB2 7EF, UK",
 "SequenceName": "_epfid2d1_64",
 "MagneticFieldStrength": 3,
 "TaskName": "facerecognition",
 "SpacingBetweenSlices": 3.75,
 "ImageType": [
  "ORIGINAL",
  "PRIMARY",
  "M",
  "ND",
  "MOSAIC"
 ],
 "ReceiveCoilName": "HeadMatrix",
 "EchoTime": 0.03,
 "SequenceVariant": "SK",
 "SliceTiming": [0,1.0325,0.06,1.095,0.12,1.155,0.1825,1.215,0.2425,1.2775,0.3025,1.3375,0.365,1.3975,0.425,1.46,0.485,1.52,0.5475,1.58,0.6075,1.6425,0.6675,1.7025,0.73,1.7625,0.79,1.825,0.85,1.885,0.9125,1.945,0.9725],
 "PhaseResolution": 1,
 "BaseResolution": 64,
 "PixelBandwidth": 2230,
 "ScanOptions": "FS",
 "SoftwareVersions": "syngo_MR_B15",
 "StationName": "MRC35119",
 "Modality": "MR",
 "PatientPosition": "HFS",
 "NumberOfVolumesDiscardedByScanner": 3,
 "NumberOfVolumesDiscardedByuser": 2,
 "PulseSequenceType": "EPI"
}