{
    "TaskName": "audiovisual",
    "SamplingFrequency": 600.614990234,
    "Manufacturer": "Elekta",
    "ManufacturersModelName": "Neuromag Vectorview 306",
    "TaskDescription": "In this experiment, checkerboard patterns were presented to the subject into the left and right visual field, interspersed by tones to the left or right ear. The interval between the stimuli was 750 ms. Occasionally a smiley face was presented at the center of the visual field. The subject was asked to press a key with the right index finger as soon as possible after the appearance of the face.",
    "MEGChannelCount": 306,
    "MEGREFChannelCount": 0,
    "EEGChannelCount": 60,
    "EOGChannelCount": 1,
    "ECGChannelCount": 0,
    "EMGChannelCount": 0,
    "MiscChannelCount": 0,
    "DewarPosition":"Upright",
    "TriggerChannelCount": 9,
    "PowerLineFrequency": 60,
    "EEGReference": "nose",
    "RecordingType": "continuous",
    "ContinuousHeadLocalization": false,
    "DigitizedLandmarks": true,
    "DigitizedHeadPoints": true,
    "SoftwareFilters": {},
    "SubjectArtefactDescription": "false"
}
