{
    "TaskName": "audiovisual",
    "Manufacturer": "Elekta",
    "PowerLineFrequency": 60,
    "SamplingFrequency": 600.614990234375,
    "SoftwareFilters": "n/a",
    "RecordingDuration": 277.7136813300495,
    "RecordingType": "continuous",
    "DewarPosition": "n/a",
    "DigitizedLandmarks": false,
    "DigitizedHeadPoints": false,
    "MEGChannelCount": 306,
    "MEGREFChannelCount": 0,
    "EEGChannelCount": 60,
    "EOGChannelCount": 1,
    "ECGChannelCount": 0,
    "EMGChannelCount": 0,
    "MiscChannelCount": 0,
    "TriggerChannelCount": 9
}
