{
    "TaskName": "seizure",
    "SamplingFrequency": 512,
    "PowerLineFrequency": 50,
    "SoftwareFilters": "n/a",
    "DCOffsetCorrection": "n/a",
    "HardwareFilters": "n/a",
    "Manufacturer": "Micromed",
    "ManufacturersModelName": "Unknown",
    "TaskDescription": "Spontaneous seizure, focal epilepsy of the left temporo-occipital junction",
    "Instructions": "n/a",
    "InstitutionName": "Grenoble Institut des Neurosciences / CHU Grenoble Alpes",
    "InstitutionAddress": "Chemin Fortuné Ferrini, 38700 La Tronche, France",
    "ECOGChannelCount": 0,
    "SEEGChannelCount": 124,
    "EEGChannelCount": 2,
    "EOGChannelCount": 0,
    "ECGChannelCount": 2,
    "EMGChannelCount": 0,
    "MiscChannelCount": 0,
    "TriggerChannelCount": 0,
    "RecordingDuration": 338.639,
    "RecordingType": "continuous",
    "SoftwareVersions": "Unknown",
    "iEEGPlacementScheme": "depth electrodes around the seizure onset zone",
    "iEEGReference": "intracranial channel not included with data",
    "ElectrodeManufacturer": "DIXI",
    "ElectrodeManufacturersModelName": "D08-**AM Microdeep electrodes"
    "iEEGGround": "unknown",
    "ElectricalStimulation": false
}