{
    "TaskName": "dots",
    "Manufacturer": "n/a",
    "PowerLineFrequency": "n/a",
    "SamplingFrequency": 500.0,
    "SoftwareFilters": "n/a",
    "RecordingDuration": 323.464,
    "RecordingType": "continuous",
    "EEGReference": "n/a",
    "EEGGround": "n/a",
    "EEGPlacementScheme": "n/a",
    "EEGChannelCount": 129,
    "EOGChannelCount": 0,
    "ECGChannelCount": 0,
    "EMGChannelCount": 0,
    "MiscChannelCount": 0,
    "TriggerChannelCount": 0,
    "ManufacturersModelName": "Magstim EGI Net Amps",
    "SoftwareVersions": "Net Station 5",
    "DeviceSerialNumber": "Unknown",
    "TaskDescription": "a series of dots are sequentially presented, each at one of 25 different screen positions.",
    "Instructions": "Participants are asked to fixate on the series of dots",
    "CogAtlasID": "Unknown",
    "CogPOID": "Unknown",
    "InstitutionName": "the University of Zurich",
    "InstitutionAddress": "Binzmühlestrasse 14, Box 17, CH-8050 Zurich",
    "InstitutionalDepartmentName": "Department of Psychology",
    "CapManufacturer": "Magstim EGI",
    "CapManufacturersModelName": "GSN-Hydrocel-129",
    "MISCChannelCount": 0,
    "HardwareFilters": "n/a",
    "SubjectArtefactDescription": "Unknown",
    "StimulusPresentation": "Unknown"
}