{
    "Manufacturer": "me",
    "ManufacturersModelName": "Test",
    "DeviceSerialNumber": "1",
    "StationName": "here",
    "SoftwareVersions": "latest",
    "MagneticFieldStrength": 0.0001,
    "ReceiveCoilName": "Fred",
    "ReceiveCoilActiveElements": "hamsters",
    "GradientSetType": "big",
    "MRTransmitCoilSequence": "surprising",
    "MatrixCoilMode": "coiled",
    "CoilCombinationMethod": "slinky",
    "PulseSequenceType": "artificial",
    "ScanningSequence": "one-at-a-time",
    "SequenceVariant": "nope",
    "ScanOptions": "mandatory",
    "SequenceName": "the usual",
    "PulseSequenceDetails": "simple",
    "MTState": false,
    "SpoilingState": false,
    "NumberShots": 1,
    "ParallelReductionFactorInPlane": 1,
    "ParallelReductionFactorOutOfPlane": 1,
    "ParallelAcquisitionTechnique": "silly",
    "PartialFourier": 1,
    "PartialFourierDirection": "up",
    "EffectiveEchoSpacing": 0.01,
    "MixingTime": 0.1,
    "PhaseEncodingDirection": "j-",
    "TotalReadoutTime": 0.02,
    "EchoTime": 0.03,
    "InversionTime": 0.001,
    "DwellTime": 0.001,
    "FlipAngle": 90,
    "MultibandAccelerationFactor": 1,
    "InstitutionName": "Bedlam",
    "InstitutionAddress": "London",
    "InstitutionalDepartmentName": "Psych ward"
}
