Brain Vision Data Exchange Header File Version 1.0
; Data created by FieldTrip

[Common Infos]
DataFile=sub-02_ses-01_task-visual_run-01_ieeg.eeg
MarkerFile=sub-02_ses-01_task-visual_run-01_ieeg.vmrk
DataFormat=BINARY
DataOrientation=MULTIPLEXED
NumberOfChannels=96
SamplingInterval=6.553080e+02

[Binary Infos]
BinaryFormat=IEEE_FLOAT_32

[Channel Infos]
Ch1=iEEG1,,1
Ch2=iEEG2,,1
Ch3=iEEG3,,1
Ch4=iEEG4,,1
Ch5=iEEG5,,1
Ch6=iEEG6,,1
Ch7=iEEG7,,1
Ch8=iEEG8,,1
Ch9=iEEG9,,1
Ch10=iEEG10,,1
Ch11=iEEG11,,1
Ch12=iEEG12,,1
Ch13=iEEG13,,1
Ch14=iEEG14,,1
Ch15=iEEG15,,1
Ch16=iEEG16,,1
Ch17=iEEG17,,1
Ch18=iEEG18,,1
Ch19=iEEG19,,1
Ch20=iEEG20,,1
Ch21=iEEG21,,1
Ch22=iEEG22,,1
Ch23=iEEG23,,1
Ch24=iEEG24,,1
Ch25=iEEG25,,1
Ch26=iEEG26,,1
Ch27=iEEG27,,1
Ch28=iEEG28,,1
Ch29=iEEG29,,1
Ch30=iEEG30,,1
Ch31=iEEG31,,1
Ch32=iEEG32,,1
Ch33=iEEG33,,1
Ch34=iEEG34,,1
Ch35=iEEG35,,1
Ch36=iEEG36,,1
Ch37=iEEG37,,1
Ch38=iEEG38,,1
Ch39=iEEG39,,1
Ch40=iEEG40,,1
Ch41=iEEG41,,1
Ch42=iEEG42,,1
Ch43=iEEG43,,1
Ch44=iEEG44,,1
Ch45=iEEG45,,1
Ch46=iEEG46,,1
Ch47=iEEG47,,1
Ch48=iEEG48,,1
Ch49=iEEG49,,1
Ch50=iEEG50,,1
Ch51=iEEG51,,1
Ch52=iEEG52,,1
Ch53=iEEG53,,1
Ch54=iEEG54,,1
Ch55=iEEG55,,1
Ch56=iEEG56,,1
Ch57=iEEG57,,1
Ch58=iEEG58,,1
Ch59=iEEG59,,1
Ch60=iEEG60,,1
Ch61=iEEG61,,1
Ch62=iEEG62,,1
Ch63=iEEG63,,1
Ch64=iEEG64,,1
Ch65=iEEG65,,1
Ch66=iEEG66,,1
Ch67=iEEG67,,1
Ch68=iEEG68,,1
Ch69=iEEG69,,1
Ch70=iEEG70,,1
Ch71=iEEG71,,1
Ch72=iEEG72,,1
Ch73=iEEG73,,1
Ch74=iEEG74,,1
Ch75=iEEG75,,1
Ch76=iEEG76,,1
Ch77=iEEG77,,1
Ch78=iEEG78,,1
Ch79=iEEG79,,1
Ch80=iEEG80,,1
Ch81=iEEG81,,1
Ch82=iEEG82,,1
Ch83=iEEG83,,1
Ch84=iEEG84,,1
Ch85=iEEG85,,1
Ch86=iEEG86,,1
Ch87=iEEG87,,1
Ch88=iEEG88,,1
Ch89=iEEG89,,1
Ch90=iEEG90,,1
Ch91=iEEG91,,1
Ch92=iEEG92,,1
Ch93=iEEG93,,1
Ch94=iEEG94,,1
Ch95=iEEG95,,1
Ch96=iEEG96,,1
