{
    "TaskName": "visual",
    "SamplingFrequency": 1525.9,
    "PowerLineFrequency": 60,
    "HardwareFilters": {
        "HighpassFilter": {
            "CutoffFrequency": 0.5
        },
        "LowpassFilter": {
            "CutoffFrequency": 300
        }
    },
    "SoftwareFilters": "n/a",
    "iEEGReference": "intracranial channel not included with data",
    "Manufacturer": "Tucker Davis Technologies",
    "TaskDescription": "visual gratings and noise patterns",
    "Instructions": "look at the dot in the center of the screen and press the button when it changes color",
    "InstitutionName": "Stanford Hospital and Clinics",
    "InstitutionAddress": "300 Pasteur Dr, Stanford, CA 94305",
    "ECOGChannelCount": 96,
    "SEEGChannelCount": 0,
    "EEGChannelCount": 0,
    "EOGChannelCount": 0,
    "ECGChannelCount": 0,
    "EMGChannelCount": 0,
    "MiscChannelCount": 0,
    "TriggerChannelCount": 0,
    "RecordingDuration": 233.639,
    "RecordingType": "continuous",
    "EpochLength": 0,
    "ElectrodeManufacturer": "AdTech",
    "iEEGPlacementScheme": "left occipital"
}