{
	"Modality": "MR",
	"MagneticFieldStrength": 3,
	"ImagingFrequency": 123.232,
	"Manufacturer": "Siemens",
	"ManufacturersModelName": "Prisma",
	"InstitutionalDepartmentName": "Department",
	"DeviceSerialNumber": "66072",
	"StationName": "AWP66072",
	"BodyPartExamined": "HEAD",
	"PatientPosition": "HFS",
	"ProcedureStepDescription": "Projets_pRFseqTest",
	"SoftwareVersions": "syngo_MR_E11",
	"MRAcquisitionType": "2D",
	"SeriesDescription": "Fieldmap1_topup_PA",
	"ProtocolName": "Fieldmap1_topup_PA",
	"ScanningSequence": "EP",
	"SequenceVariant": "SK",
	"ScanOptions": "FS",
	"SequenceName": "epse2d1_100",
	"ImageType": ["ORIGINAL", "PRIMARY", "M", "ND", "NORM", "MOSAIC"],
	"SeriesNumber": 14,
	"AcquisitionTime": "15:15:19.115000",
	"AcquisitionNumber": 1,
	"ImageComments": "SENSE1",
	"SliceThickness": 2,
	"SpacingBetweenSlices": 2,
	"SAR": 0.201168,
	"EchoTime": 0.059,
	"RepetitionTime": 7.06,
	"FlipAngle": 90,
	"PartialFourier": 1,
	"BaseResolution": 100,
	"ShimSetting": [
		-598,
		-10766,
		-563,
		478,
		88,
		146,
		-126,
		1	],
	"TxRefAmp": 279.362,
	"PhaseResolution": 1,
	"ReceiveCoilName": "HeadNeck_64",
	"ReceiveCoilActiveElements": "HC1-6",
	"PulseSequenceDetails": "%CustomerSeq%_cmrr_mbep2d_se",
	"WipMemBlock": "dff7f718-bcbe-4473-b007-aa72ede59d00||Sequence: R016 ve11c/master r/e634e98; Dec 19 2017 11:22:56 by eja",
	"ConsistencyInfo": "N4_VE11C_LATEST_20160120",
	"PercentPhaseFOV": 100,
	"PercentSampling": 100,
	"EchoTrainLength": 100,
	"PhaseEncodingSteps": 100,
	"AcquisitionMatrixPE": 100,
	"ReconMatrixPE": 100,
	"BandwidthPerPixelPhaseEncode": 18.519,
	"EffectiveEchoSpacing": 0.000539986,
	"DerivedVendorReportedEchoSpacing": 0.000539986,
	"TotalReadoutTime": 0.0534586,
	"PixelBandwidth": 2175,
	"DwellTime": 2.3e-06,
	"PhaseEncodingDirection": "j",
	"SliceTiming": [
		3.52,
		0,
		3.6375,
		0.1175,
		3.755,
		0.235,
		3.8725,
		0.3525,
		3.9875,
		0.47,
		4.105,
		0.585,
		4.2225,
		0.7025,
		4.34,
		0.82,
		4.4575,
		0.9375,
		4.575,
		1.055,
		4.6925,
		1.1725,
		4.81,
		1.29,
		4.9275,
		1.4075,
		5.045,
		1.525,
		5.1625,
		1.6425,
		5.28,
		1.76,
		5.3975,
		1.8775,
		5.515,
		1.995,
		5.6325,
		2.1125,
		5.7475,
		2.2275,
		5.865,
		2.345,
		5.9825,
		2.4625,
		6.1,
		2.58,
		6.2175,
		2.6975,
		6.335,
		2.815,
		6.4525,
		2.9325,
		6.57,
		3.05,
		6.6875,
		3.1675,
		6.805,
		3.285,
		6.9225,
		3.4025	],
	"ImageOrientationPatientDICOM": [
		0.999563,
		0.0141216,
		-0.0259813,
		-0.018669,
		0.982731,
		-0.184097	],
	"InPlanePhaseEncodingDirectionDICOM": "COL",
	"ConversionSoftware": "dcm2niix",
	"ConversionSoftwareVersion": "v1.0.20200427",
	"IntendedFor": [
		"ses-01/func/sub-01_ses-01_task-rest_run-01_bold.nii.gz",
		"ses-01/func/sub-01_ses-01_task-rest_run-02_bold.nii.gz"
	]
}