{"InPlanePhaseEncodingDirectionDICOM": "COL", "ConsistencyInfo": "N4_VE11C_LATEST_20160120", "ImageComments": "SENSE1", "ProcedureStepDescription": "Projets_pRFseqTest", "DeviceSerialNumber": "66072", "AcquisitionMatrixPE": 100, "ImageOrientationPatientDICOM": [0.999563, 0.0141216, -0.0259813, -0.018669, 0.982731, -0.184097], "EffectiveEchoSpacing": 0.000539986, "WipMemBlock": "7b05ea5d-e6fb-4a4a-9cf4-e942b7d071a0||Sequence: R016 ve11c/master r/e634e98; Dec 19 2017 11:22:56 by eja", "ManufacturersModelName": "Prisma", "Units": "Hz", "ProtocolName": "Fieldmap2_topup_AP", "PhaseEncodingDirection": "j-", "BandwidthPerPixelPhaseEncode": 18.519, "TotalReadoutTime": 0.0534586, "RepetitionTime": 7.06, "EchoTrainLength": 100, "SeriesNumber": 26, "PhaseEncodingSteps": 100, "MRAcquisitionType": "2D", "SliceThickness": 2, "AcquisitionNumber": 1, "DwellTime": 2.3e-06, "TxRefAmp": 279.362, "BodyPartExamined": "HEAD", "IntendedFor": ["ses-01/func/sub-01_ses-01_task-pRF_acq-2mm_run-01_bold.nii.gz", "ses-01/func/sub-01_ses-01_task-pRF_acq-2mm_run-01_bold.nii.gz", "ses-01/func/sub-01_ses-01_task-rest_run-01_bold.nii.gz", "ses-01/func/sub-01_ses-01_task-rest_run-02_bold.nii.gz", "ses-01/func/sub-01_ses-01_task-rest_run-02_bold.nii.gz", "ses-01/func/sub-01_ses-01_task-pMF_run-01_bold.nii.gz", "ses-01/func/sub-01_ses-01_task-pMF_run-02_bold.nii.gz", "ses-01/func/sub-01_ses-01_task-pMF_run-03_bold.nii.gz", "ses-01/func/sub-01_ses-01_task-pMF_run-04_bold.nii.gz", "ses-01/func/sub-01_ses-01_task-pMF_run-05_bold.nii.gz", "ses-01/func/sub-01_ses-01_task-SacLoc_run-01_bold.nii.gz", "ses-01/func/sub-01_ses-01_task-PurLoc_run-01_bold.nii.gz", "ses-01/func/sub-01_ses-01_task-SacLoc_run-02_bold.nii.gz", "ses-01/func/sub-01_ses-01_task-PurLoc_run-02_bold.nii.gz"], "ReceiveCoilActiveElements": "HC1-6", "DerivedVendorReportedEchoSpacing": 0.000539986, "SAR": 0.201168, "PulseSequenceDetails": "%CustomerSeq%_cmrr_mbep2d_se", "ScanningSequence": "EP", "Manufacturer": "Siemens", "ConversionSoftware": "dcm2niix", "PercentPhaseFOV": 100, "ReconMatrixPE": 100, "FlipAngle": 90, "SeriesDescription": "Fieldmap2_topup_AP", "PartialFourier": 1, "ConversionSoftwareVersion": "v1.0.20200427", "ShimSetting": [-598, -10766, -563, 478, 88, 146, -126, 1], "AcquisitionTime": "15:49:55.302500", "SequenceName": "epse2d1_100", "MagneticFieldStrength": 3, "PercentSampling": 100, "SpacingBetweenSlices": 2, "ImageType": ["ORIGINAL", "PRIMARY", "M", "ND", "NORM", "MOSAIC"], "ReceiveCoilName": "HeadNeck_64", "EchoTime": 0.059, "SequenceVariant": "SK", "SliceTiming": [3.52, 0, 3.6375, 0.1175, 3.755, 0.235, 3.8725, 0.3525, 3.9875, 0.4675, 4.105, 0.585, 4.2225, 0.7025, 4.34, 0.82, 4.4575, 0.9375, 4.575, 1.055, 4.6925, 1.1725, 4.81, 1.29, 4.9275, 1.4075, 5.045, 1.525, 5.1625, 1.6425, 5.28, 1.76, 5.3975, 1.8775, 5.515, 1.995, 5.63, 2.1125, 5.7475, 2.2275, 5.865, 2.345, 5.9825, 2.4625, 6.1, 2.58, 6.2175, 2.6975, 6.335, 2.815, 6.4525, 2.9325, 6.57, 3.05, 6.6875, 3.1675, 6.805, 3.285, 6.9225, 3.4025], "ImagingFrequency": 123.232, "BaseResolution": 100, "PixelBandwidth": 2175, "ScanOptions": "FS", "PhaseResolution": 1, "SoftwareVersions": "syngo_MR_E11", "StationName": "AWP66072", "Modality": "MR", "InstitutionalDepartmentName": "Department", "PatientPosition": "HFS","IntendedFor": ["ses-01/func/sub-01_ses-01_task-rest_run-01_bold.nii.gz","ses-01/func/sub-01_ses-01_task-rest_run-02_bold.nii.gz"]}