{"InPlanePhaseEncodingDirectionDICOM": "COL", "ConsistencyInfo": "N4_VE11C_LATEST_20160120", "ImageComments": "Unaliased_MB6_PE3_LB_SENSE1", "ProcedureStepDescription": "Projets_PredictEye", "DeviceSerialNumber": "66072", "AcquisitionMatrixPE": 100, "ImageOrientationPatientDICOM": [0.999907, -0.000160001, -0.0136109, -0.00104706, 0.996064, -0.08863], "EffectiveEchoSpacing": 0.000580013, "WipMemBlock": "b20e2e1f-51fc-41e4-b471-e5e71fbfcf2a||Sequence: R016 ve11c/master r/e634e98; Dec 19 2017 11:00:25 by eja", "ManufacturersModelName": "Prisma", "ProtocolName": "task-rest_run1_bold", "PhaseEncodingDirection": "j-", "BandwidthPerPixelPhaseEncode": 17.241, "TotalReadoutTime": 0.0574213, "RepetitionTime": 0.8, "MultibandAccelerationFactor": 6, "SeriesNumber": 10, "PhaseEncodingSteps": 100, "MRAcquisitionType": "2D", "SliceThickness": 2, "AcquisitionNumber": 1, "DwellTime": 2.1e-06, "TxRefAmp": 220.476, "BodyPartExamined": "HEAD", "ReceiveCoilActiveElements": "HC1-6", "DerivedVendorReportedEchoSpacing": 0.000580013, "SAR": 0.0789931, "PulseSequenceDetails": "%CustomerSeq%_cmrr_mbep2d_bold", "ScanningSequence": "EP", "Manufacturer": "Siemens", "ConversionSoftware": "dcm2niix", "PercentPhaseFOV": 100, "ReconMatrixPE": 100, "FlipAngle": 56, "SeriesDescription": "task-rest_run1_bold", "PartialFourier": 1, "ConversionSoftwareVersion": "v1.0.20200427", "ShimSetting": [-617, -10753, -486, 633, 47, 76, 84, -3], "AcquisitionTime": "16:14:1.297500", "SequenceName": "epfid2d1_100", "MagneticFieldStrength": 3, "TaskName": "rest", "PercentSampling": 100, "SpacingBetweenSlices": 2, "ImageType": ["ORIGINAL", "PRIMARY", "M", "MB", "ND", "MOSAIC"], "ReceiveCoilName": "HeadNeck_64", "EchoTime": 0.0352, "SequenceVariant": "SK_SS", "SliceTiming": [0.72, 0.64, 0.56, 0.48, 0.4, 0.32, 0.24, 0.16, 0.08, 0, 0.72, 0.64, 0.56, 0.48, 0.4, 0.32, 0.24, 0.16, 0.08, 0, 0.72, 0.64, 0.56, 0.48, 0.4, 0.32, 0.24, 0.16, 0.08, 0, 0.72, 0.64, 0.56, 0.48, 0.4, 0.32, 0.24, 0.16, 0.08, 0, 0.72, 0.64, 0.56, 0.48, 0.4, 0.32, 0.24, 0.16, 0.08, 0, 0.72, 0.64, 0.56, 0.48, 0.4, 0.32, 0.24, 0.16, 0.08, 0], "ImagingFrequency": 123.232, "EchoTrainLength": 100, "BaseResolution": 100, "PixelBandwidth": 2380, "ScanOptions": "FS_EXT", "PhaseResolution": 1, "SoftwareVersions": "syngo_MR_E11", "StationName": "AWP66072", "Modality": "MR", "InstitutionalDepartmentName": "Department", "PatientPosition": "HFS"}