{
 "Manufacturer": "Philips",
 "ManufacturersModelName": "Achieva",
 "SoftwareVersions": "5.1.7_5.1.7.2",
 "MagneticFieldStrength": 3,
 "ReceiveCoilName": "MULTI_COIL",
 "MRAcquisitionType": "2D",
 "PulseSequenceType": "EPI",
 "ScanningSequence": "GR",
 "SequenceVariant": "SK",
 "ScanOptions": "FS",
 "PulseSequenceDetails": "Philips 2D epi pcasl product",
 "PartialFourier": 0.421875,
 "PhaseEncodingDirection": "j",
 "TotalReadoutTime": 0.02198740305218437,
 "EchoTime": 0.015001,
 "SliceTiming": [
  0,
  0.0385,
  0.077,
  0.1155,
  0.154,
  0.1925,
  0.231,
  0.2695,
  0.308,
  0.3465,
  0.385,
  0.4235,
  0.462,
  0.5005,
  0.539,
  0.5775,
  0.616,
  0.6545,
  0.693,
  0.7315
 ],
 "FlipAngle": 90,
 "RepetitionTimePreparation": 9,
 "IntendedFor": "bids::sub-Sub103/perf/sub-Sub103_asl.nii.gz"
}