{
	"Modality": "MR",
	"MagneticFieldStrength": 3,
	"ImagingFrequency": 123.232,
	"Manufacturer": "Siemens",
	"ManufacturersModelName": "Prisma",
	"InstitutionalDepartmentName": "Department",
	"DeviceSerialNumber": "66072",
	"StationName": "AWP66072",
	"BodyPartExamined": "HEAD",
	"PatientPosition": "HFS",
	"ProcedureStepDescription": "Projets_PredictEye",
	"SoftwareVersions": "syngo_MR_E11",
	"MRAcquisitionType": "3D",
	"SeriesDescription": "T1w_CS_0p8mm",
	"ProtocolName": "T1w_CS_0p8mm",
	"ScanningSequence": "GR_IR",
	"SequenceVariant": "SK_SP_MP",
	"ScanOptions": "IR_WE",
	"SequenceName": "WIP_cmp3d1_16ns",
	"ImageType": ["ORIGINAL", "PRIMARY", "M", "NORM", "DIS3D", "DIS2D"],
	"SeriesNumber": 38,
	"AcquisitionTime": "14:49:9.335000",
	"AcquisitionNumber": 1,
	"SliceThickness": 1,
	"SAR": 0.0454197,
	"EchoTime": 0.00228,
	"RepetitionTime": 2.3,
	"InversionTime": 0.9,
	"FlipAngle": 9,
	"PartialFourier": 1,
	"BaseResolution": 320,
	"ShimSetting": [
		-603,
		-10854,
		-608,
		127,
		18,
		-321,
		-51,
		31	],
	"TxRefAmp": 222.435,
	"PhaseResolution": 1,
	"ReceiveCoilName": "HeadNeck_64",
	"ReceiveCoilActiveElements": "HC1-7;NC1,2",
	"CoilString": "HC1-7;NC1_2",
	"PulseSequenceDetails": "%CustomerSeq%_cstfl_wip925b",
	"WipMemBlock": "WIP_Identifier: WIP#925B",
	"RefLinesPE": 32,
	"ConsistencyInfo": "N4_VE11C_LATEST_20160120",
	"PercentPhaseFOV": 100,
	"PercentSampling": 100,
	"PhaseEncodingSteps": 320,
	"AcquisitionMatrixPE": 320,
	"ReconMatrixPE": 320,
	"PixelBandwidth": 210,
	"DwellTime": 7.4e-06,
	"ImageOrientationPatientDICOM": [
		0.0230559,
		0.991602,
		0.127252,
		0.0756225,
		0.125191,
		-0.989246	],
	"InPlanePhaseEncodingDirectionDICOM": "ROW",
	"ConversionSoftware": "dcm2niix",
	"ConversionSoftwareVersion": "v1.0.20200427"
}
