{
  "Modality": "MR",
  "MagneticFieldStrength": 3,
  "ImagingFrequency": 123.249,
  "Manufacturer": "Siemens",
  "ManufacturersModelName": "Prisma_fit",
  "BodyPartExamined": "BRAIN",
  "PatientPosition": "HFS",
  "SoftwareVersions": "syngo MR E11",
  "MRAcquisitionType": "3D",
  "SeriesDescription": "T1w_MPR",
  "ProtocolName": "T1w_MPR",
  "ScanningSequence": "GR\\IR",
  "SequenceVariant": "SK\\SP\\MP",
  "ScanOptions": "IR\\WE",
  "SequenceName": "*tfl3d1_16ns",
  "ImageType": [
    "ORIGINAL",
    "PRIMARY",
    "M",
    "ND",
    "NORM"
  ],
  "SeriesNumber": 3,
  "AcquisitionNumber": 1,
  "SliceThickness": 0.8,
  "SAR": 0.042424,
  "EchoTime": 0.00222,
  "RepetitionTime": 2.5,
  "SpoilingState": true,
  "InversionTime": 1,
  "FlipAngle": 8,
  "PartialFourier": 1,
  "BaseResolution": 320,
  "ShimSetting": [
    4722,
    5694,
    766,
    494,
    81,
    212,
    -39,
    -17
  ],
  "TxRefAmp": 252.904,
  "PhaseResolution": 1,
  "ReceiveCoilName": "Head_32",
  "ReceiveCoilActiveElements": "HEA;HEP",
  "PulseSequenceDetails": "%SiemensSeq%\\tfl",
  "RefLinesPE": 32,
  "CoilCombinationMethod": "Adaptive Combine",
  "ConsistencyInfo": "N4_VE11E_LATEST_20181129",
  "MatrixCoilMode": "GRAPPA",
  "PercentPhaseFOV": 93.75,
  "PercentSampling": 100,
  "PhaseEncodingSteps": 299,
  "AcquisitionMatrixPE": 300,
  "ReconMatrixPE": 300,
  "ParallelReductionFactorInPlane": 2,
  "PixelBandwidth": 220,
  "DwellTime": 7.1e-06,
  "ImageOrientationPatientDICOM": [
    0,
    1,
    0,
    0,
    0,
    -1
  ],
  "ImageOrientationText": "Sag",
  "InPlanePhaseEncodingDirectionDICOM": "ROW",
  "ConversionSoftware": "dcm2niix",
  "ConversionSoftwareVersion": "v1.0.20211006"
}