{
    "Modality": "MR",
    "MagneticFieldStrength": 3,
    "ImagingFrequency": 123.251,
    "Manufacturer": "Siemens",
    "ManufacturersModelName": "Prisma",
    "InstitutionName": "Rigshospitalet",
    "InstitutionalDepartmentName": "Department_of_Neurology",
    "InstitutionAddress": "Blegdamsvej_9_Copenhagen_District_DK_2100",
    "DeviceSerialNumber": "166141",
    "StationName": "RHRTGSIEMR01",
    "BodyPartExamined": "BRAIN",
    "PatientPosition": "HFS",
    "ProcedureStepDescription": "MR_projekt_-_neuro",
    "SoftwareVersions": "syngo_MR_E11",
    "MRAcquisitionType": "2D",
    "SeriesDescription": "TCLmoco_off_nod_t2_tse_tra_512_TE115ms",
    "ProtocolName": "TCLmoco_off_nod_t2_tse_tra_512_TE115ms",
    "ScanningSequence": "SE",
    "SequenceVariant": "SK_SP_OSP",
    "SequenceName": "tse2d1_13",
    "ImageType": [
        "ORIGINAL",
        "PRIMARY",
        "M",
        "ND",
        "NORM"
    ],
    "SeriesNumber": 9,
    "AcquisitionTime": "10:52:32.695000",
    "AcquisitionNumber": 1,
    "ImageComments": "PMC_off_refPC#90445;_evaluate_9_rcvd_reacqs;_RPU=0;_filterW=10",
    "SliceThickness": 5,
    "SpacingBetweenSlices": 5.5,
    "SAR": 0.29819,
    "EchoTime": 0.116,
    "RepetitionTime": 4.01,
    "FlipAngle": 150,
    "PartialFourier": 1,
    "BaseResolution": 512,
    "ShimSetting": [
        71,
        -11432,
        7892,
        0,
        -18,
        103,
        -37,
        -24
    ],
    "TxRefAmp": 244.665,
    "PhaseResolution": 0.9,
    "ReceiveCoilName": "HeadNeck_64",
    "ReceiveCoilActiveElements": "HC1-7;NC1,2",
    "CoilString": "HC1-7;NC1_2",
    "PulseSequenceDetails": "%CustomerSeq%_tse_exttracking_RFROST",
    "ConsistencyInfo": "N4_VE11E_LATEST_20181129",
    "PercentPhaseFOV": 100,
    "EchoTrainLength": 13,
    "PhaseEncodingSteps": 468,
    "AcquisitionMatrixPE": 461,
    "ReconMatrixPE": 512,
    "ParallelReductionFactorInPlane": 2,
    "PixelBandwidth": 195,
    "DwellTime": 5e-06,
    "PhaseEncodingDirection": "i",
    "ImageOrientationPatientDICOM": [
        0.999885,
        0.0028503,
        0.0148684,
        8.591e-12,
        0.982117,
        -0.188274
    ],
    "InPlanePhaseEncodingDirectionDICOM": "ROW",
    "ConversionSoftware": "dcm2niix",
    "ConversionSoftwareVersion": "v1.0.20181114  GCC7.3.0",
    "TaskName": "nodding"
}