{
  "TaskName":"Mind wandering",
  "TaskDescription": "Meditate and report at regular intervals",
  "InstitutionName": "Meditation Research Institute, Rishikesh, India",
  "SamplingFrequency": 2400,
  "EEGChannelCount":  64,
  "EOGChannelCount": 0,
  "EEGReference": "bipolar",
  "TriggerChannelCount": 1,
  "PowerLineFrequency": 50,
  "EEGPlacementScheme": "10-20",
  "Manufacturer": "BrainProduct",
  "ManufacturerModelName": "BrainAmp DC",
  "CapManufacturer": "EasyCap",
  "CapModelName": "M1-ext",
  "HardwareFilters": {"Low-Pass butterworth":350},
  "RecordingType": "continuous",
}
