{
	"Modality": "MR",
	"MagneticFieldStrength": 3,
	"ImagingFrequency": 127.696,
	"Manufacturer": "GE",
	"ManufacturersModelName": "DISCOVERY MR750",
	"InstitutionName": "NIH FMRIF",
	"DeviceSerialNumber": "000301496MR3T6MR",
	"StationName": "fmrif3tb",
	"BodyPartExamined": "BRAIN",
	"PatientPosition": "HFS",
	"ProcedureStepDescription": "MRI Brain",
	"SoftwareVersions": "27\\LX\\MR Software release:DV26.0_R03_1831.b",
	"MRAcquisitionType": "3D",
	"SeriesDescription": "ORIG Anat T1w MP-RAGE 1mm (ABCD)",
	"ProtocolName": "ADNI3 FMRIF Enhanced Pro",
	"ScanningSequence": "RM",
	"SequenceVariant": "NONE",
	"ScanOptions": "EDR_GEMS\\PROMO_GEMS\\ACC_GEMS\\IR_GEMS",
	"ImageType": ["ORIGINAL", "PRIMARY", "OTHER"],
	"SeriesNumber": 40004,
	"AcquisitionTime": "14:31:14.000000",
	"AcquisitionNumber": 1,
	"SliceThickness": 1,
	"SpacingBetweenSlices": 1,
	"SAR": 0.098923,
	"EchoTime": 0.00292,
	"RepetitionTime": 0.006952,
	"InversionTime": 1.06,
	"FlipAngle": 8,
	"CoilString": "32Ch Head",
	"PercentPhaseFOV": 100,
	"PercentSampling": 100,
	"AcquisitionMatrixPE": 256,
	"ReconMatrixPE": 256,
	"PixelBandwidth": 244.141,
	"ImageOrientationPatientDICOM": [
		-0,
		1,
		0,
		-0,
		-0,
		-1	],
	"InPlanePhaseEncodingDirectionDICOM": "ROW",
	"ConversionSoftware": "dcm2niix",
	"ConversionSoftwareVersion": "v1.0.20220720"
}
