Brain Vision Data Exchange Header File Version 1.0
; Data created by the Vision Recorder

[Common Infos]
Codepage=UTF-8
DataFile=sub-32_task-rest_eeg.eeg
MarkerFile=sub-32_task-rest_eeg.vmrk
DataFormat=BINARY
; Data orientation: MULTIPLEXED=ch1,pt1, ch2,pt1 ...
DataOrientation=MULTIPLEXED
NumberOfChannels=64
; Sampling interval in microseconds
SamplingInterval=200

[Binary Infos]
BinaryFormat=INT_16

[Channel Infos]
; Each entry: Ch<Channel number>=<Name>,<Reference channel name>,
; <Resolution in "Unit">,<Unit>, Future extensions..
; Fields are delimited by commas, some fields might be omitted (empty).
; Commas in channel names are coded as "\1".
Ch1=Fp1,,0.5,µV
Ch2=Fp2,,0.5,µV
Ch3=F3,,0.5,µV
Ch4=F4,,0.5,µV
Ch5=C3,,0.5,µV
Ch6=C4,,0.5,µV
Ch7=P3,,0.5,µV
Ch8=P4,,0.5,µV
Ch9=O1,,0.5,µV
Ch10=O2,,0.5,µV
Ch11=F7,,0.5,µV
Ch12=F8,,0.5,µV
Ch13=T7,,0.5,µV
Ch14=T8,,0.5,µV
Ch15=P7,,0.5,µV
Ch16=P8,,0.5,µV
Ch17=Fz,,0.5,µV
Ch18=Cz,,0.5,µV
Ch19=Pz,,0.5,µV
Ch20=Oz,,0.5,µV
Ch21=FC1,,0.5,µV
Ch22=FC2,,0.5,µV
Ch23=CP1,,0.5,µV
Ch24=CP2,,0.5,µV
Ch25=FC5,,0.5,µV
Ch26=FC6,,0.5,µV
Ch27=CP5,,0.5,µV
Ch28=CP6,,0.5,µV
Ch29=TP9,,0.5,µV
Ch30=TP10,,0.5,µV
Ch31=POz,,0.5,µV
Ch32=ECG,,0.5,µV
Ch33=F1,,0.5,µV
Ch34=F2,,0.5,µV
Ch35=C1,,0.5,µV
Ch36=C2,,0.5,µV
Ch37=P1,,0.5,µV
Ch38=P2,,0.5,µV
Ch39=AF3,,0.5,µV
Ch40=AF4,,0.5,µV
Ch41=FC3,,0.5,µV
Ch42=FC4,,0.5,µV
Ch43=CP3,,0.5,µV
Ch44=CP4,,0.5,µV
Ch45=PO3,,0.5,µV
Ch46=PO4,,0.5,µV
Ch47=F5,,0.5,µV
Ch48=F6,,0.5,µV
Ch49=C5,,0.5,µV
Ch50=C6,,0.5,µV
Ch51=P5,,0.5,µV
Ch52=P6,,0.5,µV
Ch53=AF7,,0.5,µV
Ch54=AF8,,0.5,µV
Ch55=FT7,,0.5,µV
Ch56=FT8,,0.5,µV
Ch57=TP7,,0.5,µV
Ch58=TP8,,0.5,µV
Ch59=PO7,,0.5,µV
Ch60=PO8,,0.5,µV
Ch61=FT9,,0.5,µV
Ch62=FT10,,0.5,µV
Ch63=Fpz,,0.5,µV
Ch64=CPz,,0.5,µV

[Comment]

A m p l i f i e r  S e t u p
============================
Number of channels: 64
Sampling Rate [Hz]: 5000
Sampling Interval [µS]: 200

Channels
--------
#     Name      Phys. Chn.    Resolution / Unit   Low Cutoff [s]   High Cutoff [Hz]   Notch [Hz]
1     Fp1         1                0.5 µV             10              250              Off
2     Fp2         2                0.5 µV             10              250              Off
3     F3          3                0.5 µV             10              250              Off
4     F4          4                0.5 µV             10              250              Off
5     C3          5                0.5 µV             10              250              Off
6     C4          6                0.5 µV             10              250              Off
7     P3          7                0.5 µV             10              250              Off
8     P4          8                0.5 µV             10              250              Off
9     O1          9                0.5 µV             10              250              Off
10    O2          10               0.5 µV             10              250              Off
11    F7          11               0.5 µV             10              250              Off
12    F8          12               0.5 µV             10              250              Off
13    T7          13               0.5 µV             10              250              Off
14    T8          14               0.5 µV             10              250              Off
15    P7          15               0.5 µV             10              250              Off
16    P8          16               0.5 µV             10              250              Off
17    Fz          17               0.5 µV             10              250              Off
18    Cz          18               0.5 µV             10              250              Off
19    Pz          19               0.5 µV             10              250              Off
20    Oz          20               0.5 µV             10              250              Off
21    FC1         21               0.5 µV             10              250              Off
22    FC2         22               0.5 µV             10              250              Off
23    CP1         23               0.5 µV             10              250              Off
24    CP2         24               0.5 µV             10              250              Off
25    FC5         25               0.5 µV             10              250              Off
26    FC6         26               0.5 µV             10              250              Off
27    CP5         27               0.5 µV             10              250              Off
28    CP6         28               0.5 µV             10              250              Off
29    TP9         29               0.5 µV             10              250              Off
30    TP10        30               0.5 µV             10              250              Off
31    POz         31               0.5 µV             10              250              Off
32    ECG         32               0.5 µV             10              250              Off
33    F1          33               0.5 µV             10              250              Off
34    F2          34               0.5 µV             10              250              Off
35    C1          35               0.5 µV             10              250              Off
36    C2          36               0.5 µV             10              250              Off
37    P1          37               0.5 µV             10              250              Off
38    P2          38               0.5 µV             10              250              Off
39    AF3         39               0.5 µV             10              250              Off
40    AF4         40               0.5 µV             10              250              Off
41    FC3         41               0.5 µV             10              250              Off
42    FC4         42               0.5 µV             10              250              Off
43    CP3         43               0.5 µV             10              250              Off
44    CP4         44               0.5 µV             10              250              Off
45    PO3         45               0.5 µV             10              250              Off
46    PO4         46               0.5 µV             10              250              Off
47    F5          47               0.5 µV             10              250              Off
48    F6          48               0.5 µV             10              250              Off
49    C5          49               0.5 µV             10              250              Off
50    C6          50               0.5 µV             10              250              Off
51    P5          51               0.5 µV             10              250              Off
52    P6          52               0.5 µV             10              250              Off
53    AF7         53               0.5 µV             10              250              Off
54    AF8         54               0.5 µV             10              250              Off
55    FT7         55               0.5 µV             10              250              Off
56    FT8         56               0.5 µV             10              250              Off
57    TP7         57               0.5 µV             10              250              Off
58    TP8         58               0.5 µV             10              250              Off
59    PO7         59               0.5 µV             10              250              Off
60    PO8         60               0.5 µV             10              250              Off
61    FT9         61               0.5 µV             10              250              Off
62    FT10        62               0.5 µV             10              250              Off
63    Fpz         63               0.5 µV             10              250              Off
64    CPz         64               0.5 µV             10              250              Off

S o f t w a r e  F i l t e r s
==============================
Disabled


Impedance [kOhm] at 09:55:22 :
Fp1:          0
Fp2:          2
F3:           0
F4:           1
C3:           0
C4:           1
P3:           0
P4:           8
O1:           1
O2:          15
F7:           1
F8:           7
T7:           0
T8:           7
P7:           2
P8:           9
Fz:           0
Cz:           0
Pz:           0
Oz:           2
FC1:          1
FC2:          0
CP1:          0
CP2:         11
FC5:          1
FC6:          0
CP5:          1
CP6:          2
TP9:          2
TP10:         3
POz:          5
ECG:         27
F1:           0
F2:           8
C1:           1
C2:          13
P1:           1
P2:          11
AF3:          0
AF4:          1
FC3:          4
FC4:          0
CP3:          1
CP4:          1
PO3:         11
PO4:         11
F5:           1
F6:           1
C5:           0
C6:           5
P5:           3
P6:           1
AF7:          1
AF8:          1
FT7:          1
FT8:          6
TP7:          1
TP8:          9
PO7:         16
PO8:          8
FT9:         12
FT10:        10
Fpz:      Out of Range!
CPz:          0
Ref:        ???
Gnd:        ???
