{
  "InstitutionName": "Child Mind Institute",
  "InstitutionAddress": "101 E 56th St, New York, NY 10022",
  "Manufacturer": "Magtism EGI",
  "ManufacturersModelName": "128-channel GSN 200 v.2.1",
  "PowerLineFrequency": 60,
  "TaskName": "ThePresent",
  "EEGReference": "Cz",
  "RecordingType": "continuous",
  "RecordingDuration": 205.624,
  "SamplingFrequency": 500,
  "SoftwareFilters": "n/a"
}