{"InstitutionName":"McConnell Brain Imaging Centre, McGill University","InstitutionAddress":"3801 University St., Montreal, QC, Canada","Manufacturer":"CTF","ManufacturersModelName":"CTF-275: OMEGA 2000","SoftwareVersions":"Acq 5.4.2-linux-20070507","TaskName":"noise","SamplingFrequency":2400,"PowerLineFrequency":60,"MEGChannelCount":277,"MEGREFChannelCount":26,"EEGChannelCount":2,"EOGChannelCount":2,"ECGChannelCount":1,"EMGChannelCount":0,"MiscChannelCount":0,"TriggerChannelCount":0,"DewarPosition":"Upright","SoftwareFilters":{"SpatialCompensation":{"GradientOrder":"3rd"}},"RecordingDuration":30,"RecordingType":"continuous","EpochLength":null,"ContinuousHeadLocalization":false,"DigitizedLandmarks":false,"DigitizedHeadPoints":false}