Brain Vision Data Exchange Header File Version 1.0
; Data created by FieldTrip

[Common Infos]
DataFile=sub-ug_ses-01_task-motor_run-01_ieeg.eeg
MarkerFile=sub-ug_ses-01_task-motor_run-01_ieeg.vmrk
DataFormat=BINARY
DataOrientation=MULTIPLEXED
NumberOfChannels=25
SamplingInterval=1000

[Binary Infos]
BinaryFormat=IEEE_FLOAT_32

[Channel Infos]
Ch1=1,,1
Ch2=2,,1
Ch3=3,,1
Ch4=4,,1
Ch5=5,,1
Ch6=6,,1
Ch7=7,,1
Ch8=8,,1
Ch9=9,,1
Ch10=10,,1
Ch11=11,,1
Ch12=12,,1
Ch13=13,,1
Ch14=14,,1
Ch15=15,,1
Ch16=16,,1
Ch17=17,,1
Ch18=18,,1
Ch19=19,,1
Ch20=20,,1
Ch21=21,,1
Ch22=22,,1
Ch23=23,,1
Ch24=24,,1
Ch25=25,,1
