{"InPlanePhaseEncodingDirectionDICOM": "COL", "ConsistencyInfo": "N4_VE11C_LATEST_20160120", "ImageComments": "SENSE1", "ProcedureStepDescription": "Projets_PredictEye", "DeviceSerialNumber": "66072", "AcquisitionMatrixPE": 100, "ImageOrientationPatientDICOM": [0.996785, -0.0340478, 0.0725347, 0.0384668, 0.997431, -0.0604234], "EffectiveEchoSpacing": 0.000539986, "WipMemBlock": "d7f3389a-16a9-46ad-8dc4-f8e5d6e2fa17||Sequence: R016 ve11c/master r/e634e98; Dec 19 2017 11:22:56 by eja", "ManufacturersModelName": "Prisma", "Units": "Hz", "ProtocolName": "Fieldmap_topup_AP", "PhaseEncodingDirection": "j-", "BandwidthPerPixelPhaseEncode": 18.519, "TotalReadoutTime": 0.0534586, "RepetitionTime": 7.06, "EchoTrainLength": 100, "SeriesNumber": 6, "PhaseEncodingSteps": 100, "MRAcquisitionType": "2D", "SliceThickness": 2, "AcquisitionNumber": 1, "DwellTime": 2.3e-06, "TxRefAmp": 222.435, "BodyPartExamined": "HEAD", "IntendedFor": ["ses-01/func/sub-02_ses-01_task-rest_run-02_bold.nii.gz", "ses-01/func/sub-02_ses-01_task-rest_run-01_bold.nii.gz", "ses-01/func/sub-02_ses-01_task-pRF_run-01_bold.nii.gz", "ses-01/func/sub-02_ses-01_task-pRF_run-02_bold.nii.gz", "ses-01/func/sub-02_ses-01_task-pRF_run-03_bold.nii.gz", "ses-01/func/sub-02_ses-01_task-pRF_run-04_bold.nii.gz", "ses-01/func/sub-02_ses-01_task-pRF_run-05_bold.nii.gz"], "ReceiveCoilActiveElements": "HC1-6", "DerivedVendorReportedEchoSpacing": 0.000539986, "SAR": 0.156662, "PulseSequenceDetails": "%CustomerSeq%_cmrr_mbep2d_se", "ScanningSequence": "EP", "Manufacturer": "Siemens", "ConversionSoftware": "dcm2niix", "PercentPhaseFOV": 100, "ReconMatrixPE": 100, "FlipAngle": 90, "SeriesDescription": "Fieldmap_topup_AP", "PartialFourier": 1, "ConversionSoftwareVersion": "v1.0.20200427", "ShimSetting": [-581, -10750, -450, 567, 140, 168, -165, 31], "AcquisitionTime": "13:41:39.682500", "SequenceName": "epse2d1_100", "MagneticFieldStrength": 3, "PercentSampling": 100, "SpacingBetweenSlices": 2, "ImageType": ["ORIGINAL", "PRIMARY", "M", "ND", "NORM", "MOSAIC"], "ReceiveCoilName": "HeadNeck_64", "EchoTime": 0.059, "SequenceVariant": "SK", "SliceTiming": [3.52, 0, 3.6375, 0.1175, 3.755, 0.235, 3.8725, 0.3525, 3.99, 0.47, 4.1075, 0.5875, 4.225, 0.705, 4.3425, 0.8225, 4.46, 0.94, 4.575, 1.0575, 4.6925, 1.1725, 4.81, 1.29, 4.9275, 1.4075, 5.045, 1.525, 5.1625, 1.6425, 5.28, 1.76, 5.3975, 1.8775, 5.515, 1.995, 5.6325, 2.1125, 5.75, 2.23, 5.8675, 2.3475, 5.985, 2.465, 6.1025, 2.5825, 6.22, 2.7, 6.335, 2.8175, 6.4525, 2.9325, 6.57, 3.05, 6.6875, 3.1675, 6.805, 3.285, 6.9225, 3.4025], "ImagingFrequency": 123.232, "BaseResolution": 100, "PixelBandwidth": 2175, "ScanOptions": "FS", "PhaseResolution": 1, "SoftwareVersions": "syngo_MR_E11", "StationName": "AWP66072", "Modality": "MR", "InstitutionalDepartmentName": "Department", "PatientPosition": "HFS","IntendedFor": ["ses-01/func/sub-02_ses-01_task-rest_run-01_bold.nii.gz","ses-01/func/sub-02_ses-01_task-rest_run-02_bold.nii.gz"]}