{"Manufacturer":"Philips",
"ManufacturersModelName":"Achieva",
"SoftwareVersions":"5.1.7_5.1.7.2",
"MagneticFieldStrength":3,
"ReceiveCoilName":"MULTI_COIL",
"ScanningSequence":"GR",
"SequenceVariant":"MP",
"ScanOptions":"OTHER",
"TotalReadoutTime":0,
"EchoTime":0.003102,
"FlipAngle":9,
"RepetitionTime":0.006727200031280509}
