Brain Vision Data Exchange Header File Version 1.0

[Common Infos]
DataFile=sub-COF008_task-BL_acq-T224800_eeg.eeg
MarkerFile=sub-COF008_task-BL_acq-T224800_eeg.vmrk
DataFormat=BINARY
DataOrientation=MULTIPLEXED
DataType=TIMEDOMAIN
NumberOfChannels=18
SamplingInterval=5000.0
Averaged=NO
AveragedSegments=0
SegmentDataPoints=0
SegmentationType=NOTSEGMENTED
DataPoints=0
CodePage=UTF-8

[Binary Infos]
BinaryFormat=IEEE_FLOAT_32
ChannelOffset=0
DataOffset=0
SegmentHeaderSize=0
TrailerSize=0
UseBigEndianOrder=NO

[Channel Infos]
Ch1=EKG,,0.09181646168401136,µV,EKG-
Ch2=Chin EMG,,0.09181646168401136,µV,EMG.Submental-Chin
Ch3=REF,,0.0920249031037324,µV,EEG-REF
Ch4=E1,,0.0920249031037324,µV,EOG-E1
Ch5=E2,,0.0920249031037324,µV,EOG-E2
Ch6=M1,,0.0920249031037324,µV,EEG-M1
Ch7=C3,,0.0920249031037324,µV,EEG-C3
Ch8=C4,,0.0920249031037324,µV,EEG-C4
Ch9=M2,,0.0920249031037324,µV,EEG-M2
Ch10=O1,,0.0920249031037324,µV,EEG-O1
Ch11=O2,,0.0920249031037324,µV,EEG-O2
Ch12=F3,,0.0920249031037324,µV,EEG-F3
Ch13=Fz,,0.0920249031037324,µV,EEG-Fz
Ch14=F4,,0.0920249031037324,µV,EEG-F4
Ch15=Cz,,0.0920249031037324,µV,EEG-Cz
Ch16=P3,,0.0920249031037324,µV,EEG-P3
Ch17=Pz,,0.0920249031037324,µV,EEG-Pz
Ch18=P4,,0.0920249031037324,µV,EEG-P4
