{"Manufacturer":"Siemens",
"ManufacturersModelName":"Prisma_fit",
"SoftwareVersions":"syngo_MR_E11",
"MagneticFieldStrength":3,
"ReceiveCoilName":"HeadNeck_64",
"ReceiveCoilActiveElements":"HC1-6",
"MRAcquisitionType":"3D",
"PulseSequenceType":"3Dgrase",
"ScanningSequence":"EP",
"SequenceVariant":"SK",
"ScanOptions":"SAT1_FS",
"SequenceName":"tg818I3d1_6720",
"PulseSequenceDetails":"Siemens 3D GRASE product sequence (WIP): tgse_csl_818",
"NumberShots":4,
"PartialFourier":1,
"EchoTime":0.01328,
"DwellTime":3.20E-06,
"FlipAngle":130,
"RepetitionTimePreparation":4.95,
"ArterialSpinLabelingType":"PCASL",
"PostLabelingDelay":2.000,
"BackgroundSuppression":true,
"M0Type":"Separate",
"VascularCrushing":false,
"AcquisitionVoxelSize":[3.4,3.4,4],
"BackgroundSuppressionNumberPulses":4,
"BackgroundSuppressionPulseTime":[2.29,2.925,3.425,3.705],
"LabelingLocationDescription":"~8 cm below the circle of Willis, through the proximal V3 segment of the vertebral arteries",
"LabelingDistance":40,
"LookLocker":false,
"LabelingDuration":1.800
}