{
 "Manufacturer": "Siemens",
 "ManufacturersModelName": "Prisma_fit",
 "SoftwareVersions": "syngo_MR_E11",
 "MagneticFieldStrength": 3,
 "ReceiveCoilName": "HeadNeck_64",
 "ReceiveCoilActiveElements": "HC1-6",
 "MRAcquisitionType": "3D",
 "PulseSequenceType": "3Dgrase",
 "ScanningSequence": "EP",
 "SequenceVariant": "SK",
 "ScanOptions": "SAT1_FS",
 "SequenceName": "tg818I3d1_6720",
 "PulseSequenceDetails": "Siemens 3D GRASE product sequence (WIP): tgse_csl_818",
 "PartialFourier": 1,
 "EchoTime": 0.01328,
 "DwellTime": 3.2e-06,
 "FlipAngle": 130,
 "RepetitionTimePreparation": 4.95,
 "IntendedFor": "bids::sub-Sub103/perf/sub-Sub103_asl.nii.gz"
}